RESTRICTION: == net461
NUGET
  remote: https://www.nuget.org/api/v2
    Argu (3.7)
    CommandLineParser (2.0.275-beta)
    CsvHelper (2.16.3)
    FsGettextUtils (0.1.1)
      FSharp.Core
    FSharp.Core (4.0.0.1) - redirects: force
    ICSharpCode.SharpZipLib-dogfood (1.0.292)
    LANGIDMappings (0.1.2)
      FSharp.Core
    PInvoke.AdvApi32 (0.5.86)
      PInvoke.Kernel32 (>= 0.5.86)
      PInvoke.Windows.Core (>= 0.5.86)
    PInvoke.BCrypt (0.5.86)
      PInvoke.Kernel32 (>= 0.5.86)
      PInvoke.Windows.Core (>= 0.5.86)
    PInvoke.Crypt32 (0.5.86)
      PInvoke.AdvApi32 (>= 0.5.86)
      PInvoke.NCrypt (>= 0.5.86)
      PInvoke.Windows.Core (>= 0.5.86)
    PInvoke.DbgHelp (0.5.86)
      PInvoke.Windows.Core (>= 0.5.86)
    PInvoke.DwmApi (0.5.86)
      PInvoke.Windows.Core (>= 0.5.86)
    PInvoke.Gdi32 (0.5.86)
      PInvoke.User32 (>= 0.5.86)
      PInvoke.Windows.Core (>= 0.5.86)
    PInvoke.Hid (0.5.86)
      PInvoke.Kernel32 (>= 0.5.86)
      PInvoke.Windows.Core (>= 0.5.86)
    PInvoke.ImageHlp (0.5.86)
      PInvoke.DbgHelp (>= 0.5.86)
      PInvoke.Windows.Core (>= 0.5.86)
    PInvoke.Kernel32 (0.5.86)
      PInvoke.Windows.Core (>= 0.5.86)
    PInvoke.Magnification (0.5.86)
      PInvoke.Windows.Core (>= 0.5.86)
    PInvoke.Msi (0.5.86)
      PInvoke.Windows.Core (>= 0.5.86)
    PInvoke.NCrypt (0.5.86)
      PInvoke.BCrypt (>= 0.5.86)
      PInvoke.Kernel32 (>= 0.5.86)
      PInvoke.Windows.Core (>= 0.5.86)
    PInvoke.NetApi32 (0.5.86)
      PInvoke.Windows.Core (>= 0.5.86)
    PInvoke.NTDll (0.5.86)
      PInvoke.Kernel32 (>= 0.5.86)
      PInvoke.Windows.Core (>= 0.5.86)
    PInvoke.Psapi (0.5.86)
      PInvoke.Kernel32 (>= 0.5.86)
      PInvoke.Windows.Core (>= 0.5.86)
    PInvoke.SetupApi (0.5.86)
      PInvoke.Kernel32 (>= 0.5.86)
      PInvoke.Windows.Core (>= 0.5.86)
    PInvoke.SHCore (0.5.86)
      PInvoke.User32 (>= 0.5.86)
      PInvoke.Windows.Core (>= 0.5.86)
      PInvoke.Windows.ShellScalingApi (>= 0.5.86)
    PInvoke.Shell32 (0.5.86)
      PInvoke.Kernel32 (>= 0.5.86)
      PInvoke.Windows.Core (>= 0.5.86)
    PInvoke.User32 (0.5.86)
      PInvoke.Kernel32 (>= 0.5.86)
      PInvoke.Windows.Core (>= 0.5.86)
      PInvoke.Windows.ShellScalingApi (>= 0.5.86)
      Validation (>= 2.4.15)
    PInvoke.Userenv (0.5.86)
      PInvoke.Kernel32 (>= 0.5.86)
      PInvoke.Windows.Core (>= 0.5.86)
    PInvoke.UxTheme (0.5.86)
      PInvoke.User32 (>= 0.5.86)
      PInvoke.Windows.Core (>= 0.5.86)
    PInvoke.Win32 (0.5.86)
      PInvoke.AdvApi32 (>= 0.5.86)
      PInvoke.BCrypt (>= 0.5.86)
      PInvoke.Crypt32 (>= 0.5.86)
      PInvoke.DbgHelp (>= 0.5.86)
      PInvoke.DwmApi (>= 0.5.86)
      PInvoke.Gdi32 (>= 0.5.86)
      PInvoke.Hid (>= 0.5.86)
      PInvoke.ImageHlp (>= 0.5.86)
      PInvoke.Kernel32 (>= 0.5.86)
      PInvoke.Magnification (>= 0.5.86)
      PInvoke.Msi (>= 0.5.86)
      PInvoke.NCrypt (>= 0.5.86)
      PInvoke.NetApi32 (>= 0.5.86)
      PInvoke.NTDll (>= 0.5.86)
      PInvoke.Psapi (>= 0.5.86)
      PInvoke.SetupApi (>= 0.5.86)
      PInvoke.SHCore (>= 0.5.86)
      PInvoke.Shell32 (>= 0.5.86)
      PInvoke.User32 (>= 0.5.86)
      PInvoke.Userenv (>= 0.5.86)
      PInvoke.UxTheme (>= 0.5.86)
      PInvoke.Windows.Core (>= 0.5.86)
      PInvoke.Windows.ShellScalingApi (>= 0.5.86)
    PInvoke.Windows.Core (0.5.86)
    PInvoke.Windows.ShellScalingApi (0.5.86)
      PInvoke.Windows.Core (>= 0.5.86)
    sqlite (3.13)
    SQLite.Native (3.12.3)
    Validation (2.4.15)
    YamlDotNet (4.2.1)
GITHUB
  remote: praeclarum/sqlite-net
    FULLPROJECT (967e8f6040f48c2686cdb65a417a42ad1c17e0f0)
  remote: enovales/SegaAFSTools
    src/SegaAFSTools/AFS.fs (e42e32efc7db30b168530fdc1f0ffda0a6d9e256)
GROUP Build
NUGET
  remote: https://www.nuget.org/api/v2
    FAKE (4.62.1)
    FSharp.Compiler.Service (2.0.0.6)
    FSharp.Formatting (2.14.4)
      FSharp.Compiler.Service (2.0.0.6)
      FSharpVSPowerTools.Core (>= 2.3 < 2.4)
    FSharpVSPowerTools.Core (2.3)
      FSharp.Compiler.Service (>= 2.0.0.3)
    Microsoft.Bcl (1.1.10) - restriction: && (< net45) (< win8) (< portable-win81+wpa81)
      Microsoft.Bcl.Build (>= 1.0.14)
    Microsoft.Bcl.Build (1.0.21) - import_targets: false, restriction: && (< net45) (< win8) (< portable-win81+wpa81)
    Microsoft.Net.Http (2.2.29) - restriction: && (< net45) (< win8) (< portable-win81+wpa81)
      Microsoft.Bcl (>= 1.1.10)
      Microsoft.Bcl.Build (>= 1.0.14)
    Octokit (0.24)
      Microsoft.Net.Http  - restriction: && (< net45) (< win8) (< portable-win81+wpa81)
    SourceLink.Fake (1.1)
GITHUB
  remote: fsharp/FAKE
    modules/Octokit/Octokit.fsx (b5933798c1944051bf358a460fcdc8ffbd678dfc)
      Octokit (>= 0.20)
GROUP Test
NUGET
  remote: https://www.nuget.org/api/v2
    NUnit (2.6.4)
    NUnit.Runners (2.6.4)
