RESTRICTION: || (== net462) (== net47) (== netcoreapp2.0) (== netstandard2.0)
NUGET
  remote: https://www.nuget.org/api/v2
    Argu (5.1)
      FSharp.Core (>= 4.0.0.1) - restriction: || (== net462) (== net47) (&& (== netcoreapp2.0) (>= net45)) (&& (== netstandard2.0) (>= net45))
      FSharp.Core (>= 4.3.2) - restriction: || (&& (== net462) (< net45) (>= netstandard2.0)) (&& (== net47) (< net45) (>= netstandard2.0)) (== netcoreapp2.0) (== netstandard2.0)
      System.Configuration.ConfigurationManager (>= 4.4) - restriction: || (&& (== net462) (< net45) (>= netstandard2.0)) (&& (== net47) (< net45) (>= netstandard2.0)) (== netcoreapp2.0) (== netstandard2.0)
    BenchmarkDotNet (0.10.14) - restriction: || (== net462) (== net47) (== netcoreapp2.0) (&& (== netstandard2.0) (>= net461)) (&& (== netstandard2.0) (>= netcoreapp2.0))
      BenchmarkDotNet.Core (>= 0.10.14) - restriction: || (== net462) (== net47) (== netcoreapp2.0) (&& (== netstandard2.0) (>= net46)) (&& (== netstandard2.0) (>= netcoreapp1.1))
      BenchmarkDotNet.Toolchains.Roslyn (>= 0.10.14) - restriction: || (== net462) (== net47) (&& (== netcoreapp2.0) (>= net46)) (&& (== netstandard2.0) (>= net46))
    BenchmarkDotNet.Core (0.10.14) - restriction: || (== net462) (== net47) (== netcoreapp2.0) (&& (== netstandard2.0) (>= net461)) (&& (== netstandard2.0) (>= netcoreapp2.0))
      Microsoft.DotNet.InternalAbstractions (>= 1.0) - restriction: || (== net462) (== net47) (== netcoreapp2.0) (&& (== netstandard2.0) (>= net46)) (&& (== netstandard2.0) (>= netcoreapp1.1))
      Microsoft.DotNet.PlatformAbstractions (>= 1.1.1) - restriction: || (== net462) (== net47) (== netcoreapp2.0) (&& (== netstandard2.0) (>= net46)) (&& (== netstandard2.0) (>= netcoreapp1.1))
      Microsoft.Win32.Registry (>= 4.3) - restriction: || (== net462) (== net47) (== netcoreapp2.0) (&& (== netstandard2.0) (>= net46)) (&& (== netstandard2.0) (>= netcoreapp1.1))
      System.Diagnostics.FileVersionInfo (>= 4.3) - restriction: || (== net462) (== net47) (== netcoreapp2.0) (&& (== netstandard2.0) (>= net46)) (&& (== netstandard2.0) (>= netcoreapp1.1))
      System.Reflection.Emit.Lightweight (>= 4.3) - restriction: || (&& (== net462) (>= netcoreapp1.1)) (&& (== net47) (>= netcoreapp1.1)) (== netcoreapp2.0) (&& (== netstandard2.0) (>= netcoreapp1.1))
      System.Runtime.Serialization.Primitives (>= 4.3) - restriction: || (&& (== net462) (>= netcoreapp1.1)) (&& (== net47) (>= netcoreapp1.1)) (== netcoreapp2.0) (&& (== netstandard2.0) (>= netcoreapp1.1))
      System.Threading.Tasks.Extensions (>= 4.3) - restriction: || (== net462) (== net47) (&& (== netcoreapp2.0) (>= net46)) (&& (== netstandard2.0) (>= net46))
      System.ValueTuple (>= 4.3) - restriction: || (== net462) (== net47) (== netcoreapp2.0) (&& (== netstandard2.0) (>= net46)) (&& (== netstandard2.0) (>= netcoreapp1.1))
      System.Xml.XmlSerializer (>= 4.3) - restriction: || (== net462) (== net47) (== netcoreapp2.0) (&& (== netstandard2.0) (>= net46)) (&& (== netstandard2.0) (>= netcoreapp1.1))
      System.Xml.XPath.XmlDocument (>= 4.3) - restriction: || (&& (== net462) (>= netcoreapp1.1)) (&& (== net47) (>= netcoreapp1.1)) (== netcoreapp2.0) (&& (== netstandard2.0) (>= netcoreapp1.1))
    BenchmarkDotNet.Toolchains.Roslyn (0.10.14) - restriction: || (== net462) (== net47) (&& (== netcoreapp2.0) (>= net46)) (&& (== netstandard2.0) (>= net46) (>= netcoreapp2.0)) (&& (== netstandard2.0) (>= net461))
      BenchmarkDotNet.Core (>= 0.10.14) - restriction: || (== net462) (== net47) (&& (== netcoreapp2.0) (>= net46)) (&& (== netstandard2.0) (>= net46))
      Microsoft.CodeAnalysis.CSharp (>= 2.6.1) - restriction: || (== net462) (== net47) (&& (== netcoreapp2.0) (>= net46)) (&& (== netstandard2.0) (>= net46))
      System.Threading.Tasks (>= 4.3) - restriction: || (== net462) (== net47) (&& (== netcoreapp2.0) (>= net46)) (&& (== netstandard2.0) (>= net46))
    CsvHelper (7.1)
      Microsoft.CSharp (>= 4.4) - restriction: || (&& (== net462) (< net45) (>= netstandard2.0)) (&& (== net47) (< net45) (>= netstandard2.0)) (== netcoreapp2.0) (== netstandard2.0)
      System.Reflection.TypeExtensions (>= 4.4) - restriction: || (&& (== net462) (< net45) (>= netstandard2.0)) (&& (== net47) (< net45) (>= netstandard2.0)) (== netcoreapp2.0) (== netstandard2.0)
    Expecto (8.0)
      Argu (>= 5.1)
      Mono.Cecil (>= 0.10)
      System.Diagnostics.FileVersionInfo (>= 4.3) - restriction: || (&& (== net462) (< net461) (>= netstandard2.0)) (&& (== net47) (< net461) (>= netstandard2.0)) (== netcoreapp2.0) (== netstandard2.0)
    Expecto.BenchmarkDotNet (8.0)
      BenchmarkDotNet (>= 0.10.13) - restriction: || (== net462) (== net47) (== netcoreapp2.0) (&& (== netstandard2.0) (>= net461)) (&& (== netstandard2.0) (>= netcoreapp2.0))
      FSharp.Core (>= 4.3.4) - restriction: || (== net462) (== net47) (== netcoreapp2.0) (&& (== netstandard2.0) (>= net461)) (&& (== netstandard2.0) (>= netcoreapp2.0))
      System.ValueTuple (>= 4.4) - restriction: || (== net462) (== net47) (&& (== netcoreapp2.0) (>= net461)) (&& (== netstandard2.0) (>= net461))
    Expecto.FsCheck (8.0)
      Expecto (>= 8.0)
      FsCheck (>= 2.10.4)
    Expecto.VisualStudio.TestAdapter (9.0.0) - version_in_path: true
      Expecto (>= 8.0 < 9.0) - restriction: || (== net462) (== net47) (&& (== netcoreapp2.0) (>= net461)) (&& (== netstandard2.0) (>= net461))
      FSharp.Core (>= 4.0 < 5.0) - restriction: || (== net462) (== net47) (&& (== netcoreapp2.0) (>= net461)) (&& (== netstandard2.0) (>= net461))
      Microsoft.TestPlatform.ObjectModel (>= 15.0 < 16.0) - restriction: || (== net462) (== net47) (&& (== netcoreapp2.0) (>= net461)) (&& (== netstandard2.0) (>= net461))
      Mono.Cecil (>= 0.10 < 0.11) - restriction: || (== net462) (== net47) (&& (== netcoreapp2.0) (>= net461)) (&& (== netstandard2.0) (>= net461))
      Newtonsoft.Json (>= 10.0 < 11.0) - restriction: || (== net462) (== net47) (&& (== netcoreapp2.0) (>= net461)) (&& (== netstandard2.0) (>= net461))
    FAKE (4.64.13)
    FsCheck (2.10.10)
      FSharp.Core (>= 4.0.0.1) - restriction: || (== net462) (== net47) (&& (== netcoreapp2.0) (>= net452)) (&& (== netcoreapp2.0) (< netstandard1.6)) (&& (== netcoreapp2.0) (< portable-net45+win8)) (&& (== netcoreapp2.0) (< portable-net45+win8+wp8)) (&& (== netstandard2.0) (>= net452)) (&& (== netstandard2.0) (< netstandard1.6)) (&& (== netstandard2.0) (< portable-net45+win8)) (&& (== netstandard2.0) (< portable-net45+win8+wp8))
      FSharp.Core (>= 4.3.4) - restriction: || (&& (== net462) (< net452) (>= netstandard1.6)) (&& (== net47) (< net452) (>= netstandard1.6)) (== netcoreapp2.0) (== netstandard2.0)
      NETStandard.Library (>= 1.6.1) - restriction: || (&& (== net462) (< net452) (>= netstandard1.6)) (&& (== net47) (< net452) (>= netstandard1.6)) (== netcoreapp2.0) (== netstandard2.0)
      System.ValueTuple (>= 4.4) - restriction: || (&& (== net462) (< net452) (>= netstandard1.6)) (&& (== net47) (< net452) (>= netstandard1.6)) (== netcoreapp2.0) (== netstandard2.0)
    FsGettextUtils (0.2)
    FSharp.Compiler.Service (22.0.3)
      FSharp.Core (>= 4.1.18)
      Microsoft.DiaSymReader (>= 1.1)
      Microsoft.DiaSymReader.PortablePdb (>= 1.2)
      System.Collections.Immutable (>= 1.3.1)
      System.Diagnostics.Process (>= 4.1) - restriction: || (&& (== net462) (< net45) (>= netstandard2.0)) (&& (== net47) (< net45) (>= netstandard2.0)) (== netcoreapp2.0) (== netstandard2.0)
      System.Diagnostics.TraceSource (>= 4.0) - restriction: || (&& (== net462) (< net45) (>= netstandard2.0)) (&& (== net47) (< net45) (>= netstandard2.0)) (== netcoreapp2.0) (== netstandard2.0)
      System.Reflection.Emit (>= 4.3) - restriction: || (&& (== net462) (< net45) (>= netstandard2.0)) (&& (== net47) (< net45) (>= netstandard2.0)) (== netcoreapp2.0) (== netstandard2.0)
      System.Reflection.Metadata (>= 1.4.2)
      System.Reflection.TypeExtensions (>= 4.3) - restriction: || (&& (== net462) (< net45) (>= netstandard2.0)) (&& (== net47) (< net45) (>= netstandard2.0)) (== netcoreapp2.0) (== netstandard2.0)
      System.Runtime.Loader (>= 4.0) - restriction: || (&& (== net462) (< net45) (>= netstandard2.0)) (&& (== net47) (< net45) (>= netstandard2.0)) (== netcoreapp2.0) (== netstandard2.0)
      System.Security.Cryptography.Algorithms (>= 4.3) - restriction: || (&& (== net462) (< net45) (>= netstandard2.0)) (&& (== net47) (< net45) (>= netstandard2.0)) (== netcoreapp2.0) (== netstandard2.0)
      System.ValueTuple (>= 4.4) - restriction: || (== net462) (== net47) (&& (== netcoreapp2.0) (>= net45)) (&& (== netstandard2.0) (>= net45))
    FSharp.Core (4.3.4)
    ICSharpCode.SharpZipLib-dogfood (1.0.344)
    LANGIDMappings (0.2)
    Microsoft.AspNet.Razor (3.2.6)
    Microsoft.CodeAnalysis.Analyzers (2.6) - restriction: || (== net462) (== net47) (&& (== netcoreapp2.0) (>= net46)) (&& (== netstandard2.0) (>= net46) (>= netcoreapp2.0)) (&& (== netstandard2.0) (>= net461))
    Microsoft.CodeAnalysis.Common (2.8.2) - restriction: || (== net462) (== net47) (&& (== netcoreapp2.0) (>= net46)) (&& (== netstandard2.0) (>= net46) (>= netcoreapp2.0)) (&& (== netstandard2.0) (>= net461))
      Microsoft.CodeAnalysis.Analyzers (>= 1.1)
      System.AppContext (>= 4.3)
      System.Collections (>= 4.3)
      System.Collections.Concurrent (>= 4.3)
      System.Collections.Immutable (>= 1.3.1)
      System.Console (>= 4.3)
      System.Diagnostics.Debug (>= 4.3)
      System.Diagnostics.FileVersionInfo (>= 4.3)
      System.Diagnostics.StackTrace (>= 4.3)
      System.Diagnostics.Tools (>= 4.3)
      System.Dynamic.Runtime (>= 4.3)
      System.Globalization (>= 4.3)
      System.IO.Compression (>= 4.3)
      System.IO.FileSystem (>= 4.3)
      System.IO.FileSystem.Primitives (>= 4.3)
      System.Linq (>= 4.3)
      System.Linq.Expressions (>= 4.3)
      System.Reflection (>= 4.3)
      System.Reflection.Metadata (>= 1.4.2)
      System.Resources.ResourceManager (>= 4.3)
      System.Runtime (>= 4.3)
      System.Runtime.Extensions (>= 4.3)
      System.Runtime.InteropServices (>= 4.3)
      System.Runtime.Numerics (>= 4.3)
      System.Security.Cryptography.Algorithms (>= 4.3)
      System.Security.Cryptography.Encoding (>= 4.3)
      System.Security.Cryptography.X509Certificates (>= 4.3)
      System.Text.Encoding (>= 4.3)
      System.Text.Encoding.CodePages (>= 4.3)
      System.Text.Encoding.Extensions (>= 4.3)
      System.Threading (>= 4.3)
      System.Threading.Tasks (>= 4.3)
      System.Threading.Tasks.Parallel (>= 4.3)
      System.Threading.Thread (>= 4.3)
      System.ValueTuple (>= 4.3)
      System.Xml.ReaderWriter (>= 4.3)
      System.Xml.XDocument (>= 4.3)
      System.Xml.XmlDocument (>= 4.3)
      System.Xml.XPath.XDocument (>= 4.3)
    Microsoft.CodeAnalysis.CSharp (2.8.2) - restriction: || (== net462) (== net47) (&& (== netcoreapp2.0) (>= net46)) (&& (== netstandard2.0) (>= net46) (>= netcoreapp2.0)) (&& (== netstandard2.0) (>= net461))
      Microsoft.CodeAnalysis.Common (2.8.2)
    Microsoft.CSharp (4.4.1) - restriction: || (&& (== net462) (< net45) (>= netstandard2.0)) (&& (== net47) (< net45) (>= netstandard2.0)) (== netcoreapp2.0) (== netstandard2.0)
    Microsoft.DiaSymReader (1.2)
      Microsoft.Net.Compilers (>= 2.3)
      NETStandard.Library (>= 1.6.1) - restriction: || (&& (== net462) (< net20)) (&& (== net47) (< net20)) (== netcoreapp2.0) (== netstandard2.0)
    Microsoft.DiaSymReader.PortablePdb (1.4)
      Microsoft.DiaSymReader (>= 1.2)
      System.Collections (>= 4.3)
      System.Collections.Immutable (>= 1.3.1)
      System.Diagnostics.Debug (>= 4.3)
      System.Globalization (>= 4.3)
      System.IO (>= 4.3)
      System.Linq (>= 4.3)
      System.Reflection (>= 4.3)
      System.Reflection.Metadata (>= 1.4.2)
      System.Reflection.Primitives (>= 4.3)
      System.Runtime (>= 4.3)
      System.Runtime.Extensions (>= 4.3)
      System.Runtime.InteropServices (>= 4.3)
      System.Text.Encoding (>= 4.3)
      System.Threading (>= 4.3)
    Microsoft.DotNet.InternalAbstractions (1.0) - restriction: || (== net462) (== net47) (== netcoreapp2.0) (&& (== netstandard2.0) (>= net461)) (&& (== netstandard2.0) (>= netcoreapp2.0))
      System.AppContext (>= 4.1) - restriction: || (&& (== net462) (< net451)) (&& (== net47) (< net451)) (== netcoreapp2.0) (== netstandard2.0)
      System.Collections (>= 4.0.11) - restriction: || (&& (== net462) (< net451)) (&& (== net47) (< net451)) (== netcoreapp2.0) (== netstandard2.0)
      System.IO (>= 4.1) - restriction: || (&& (== net462) (< net451)) (&& (== net47) (< net451)) (== netcoreapp2.0) (== netstandard2.0)
      System.IO.FileSystem (>= 4.0.1) - restriction: || (&& (== net462) (< net451)) (&& (== net47) (< net451)) (== netcoreapp2.0) (== netstandard2.0)
      System.Reflection.TypeExtensions (>= 4.1) - restriction: || (&& (== net462) (< net451)) (&& (== net47) (< net451)) (== netcoreapp2.0) (== netstandard2.0)
      System.Runtime.Extensions (>= 4.1) - restriction: || (&& (== net462) (< net451)) (&& (== net47) (< net451)) (== netcoreapp2.0) (== netstandard2.0)
      System.Runtime.InteropServices (>= 4.1) - restriction: || (&& (== net462) (< net451)) (&& (== net47) (< net451)) (== netcoreapp2.0) (== netstandard2.0)
      System.Runtime.InteropServices.RuntimeInformation (>= 4.0) - restriction: || (&& (== net462) (< net451)) (&& (== net47) (< net451)) (== netcoreapp2.0) (== netstandard2.0)
    Microsoft.DotNet.PlatformAbstractions (2.0.4) - restriction: || (== net462) (== net47) (== netcoreapp2.0) (&& (== netstandard2.0) (>= net461)) (&& (== netstandard2.0) (>= netcoreapp2.0))
      System.AppContext (>= 4.1) - restriction: || (&& (== net462) (< net45)) (&& (== net47) (< net45)) (== netcoreapp2.0) (== netstandard2.0)
      System.Collections (>= 4.0.11) - restriction: || (&& (== net462) (< net45)) (&& (== net47) (< net45)) (== netcoreapp2.0) (== netstandard2.0)
      System.IO (>= 4.1) - restriction: || (&& (== net462) (< net45)) (&& (== net47) (< net45)) (== netcoreapp2.0) (== netstandard2.0)
      System.IO.FileSystem (>= 4.0.1) - restriction: || (&& (== net462) (< net45)) (&& (== net47) (< net45)) (== netcoreapp2.0) (== netstandard2.0)
      System.Reflection.TypeExtensions (>= 4.1) - restriction: || (&& (== net462) (< net45)) (&& (== net47) (< net45)) (== netcoreapp2.0) (== netstandard2.0)
      System.Runtime.Extensions (>= 4.1) - restriction: || (&& (== net462) (< net45)) (&& (== net47) (< net45)) (== netcoreapp2.0) (== netstandard2.0)
      System.Runtime.InteropServices (>= 4.1) - restriction: || (&& (== net462) (< net45)) (&& (== net47) (< net45)) (== netcoreapp2.0) (== netstandard2.0)
      System.Runtime.InteropServices.RuntimeInformation (>= 4.0) - restriction: || (&& (== net462) (< net45)) (&& (== net47) (< net45)) (== netcoreapp2.0) (== netstandard2.0)
    Microsoft.Net.Compilers (2.8.2)
    Microsoft.NETCore.Platforms (2.0.2) - restriction: || (&& (== net462) (< net45)) (&& (== net462) (< net46) (>= netstandard2.0)) (&& (== net462) (>= netcoreapp2.0)) (&& (== net462) (< netstandard1.0)) (&& (== net462) (< netstandard1.3) (>= netstandard2.0)) (&& (== net462) (< netstandard1.3) (>= wpa81)) (&& (== net462) (< netstandard1.5) (>= uap10.0)) (&& (== net462) (< portable-net45+win8+wpa81)) (&& (== net462) (>= uap10.1)) (&& (== net462) (>= wp8)) (&& (== net47) (< net45)) (&& (== net47) (< net46) (>= netstandard2.0)) (&& (== net47) (>= netcoreapp2.0)) (&& (== net47) (< netstandard1.0)) (&& (== net47) (< netstandard1.3) (>= netstandard2.0)) (&& (== net47) (< netstandard1.3) (>= wpa81)) (&& (== net47) (< netstandard1.5) (>= uap10.0)) (&& (== net47) (< portable-net45+win8+wpa81)) (&& (== net47) (>= uap10.1)) (&& (== net47) (>= wp8)) (== netcoreapp2.0) (== netstandard2.0)
    Microsoft.NETCore.Targets (2.0) - restriction: || (&& (== net462) (< net45)) (&& (== net462) (< portable-net45+win8+wp8+wpa81)) (&& (== net47) (< net45)) (&& (== net47) (< portable-net45+win8+wp8+wpa81)) (== netcoreapp2.0) (== netstandard2.0)
    Microsoft.TestPlatform.ObjectModel (15.7.2) - version_in_path: true, restriction: || (== net462) (== net47) (&& (== netcoreapp2.0) (>= net461)) (&& (== netstandard2.0) (>= net461))
      System.Reflection.Metadata (>= 1.3)
      System.Runtime.InteropServices.RuntimeInformation (>= 4.3) - restriction: || (== net462) (== net47) (&& (== netcoreapp2.0) (>= net451)) (&& (== netstandard2.0) (>= net451))
    Microsoft.Win32.Primitives (4.3) - restriction: || (&& (== net462) (< net45) (>= netstandard2.0)) (&& (== net47) (< net45) (>= netstandard2.0)) (== netcoreapp2.0) (== netstandard2.0)
      Microsoft.NETCore.Platforms (>= 1.1) - restriction: || (&& (== net462) (< net46)) (&& (== net47) (< net46)) (== netcoreapp2.0) (== netstandard2.0)
      Microsoft.NETCore.Targets (>= 1.1) - restriction: || (&& (== net462) (< net46)) (&& (== net47) (< net46)) (== netcoreapp2.0) (== netstandard2.0)
      System.Runtime (>= 4.3) - restriction: || (&& (== net462) (< net46)) (&& (== net47) (< net46)) (== netcoreapp2.0) (== netstandard2.0)
    Microsoft.Win32.Registry (4.4)
      Microsoft.NETCore.Platforms (>= 2.0) - restriction: || (&& (== net462) (>= netcoreapp2.0)) (&& (== net47) (>= netcoreapp2.0)) (== netcoreapp2.0) (&& (== netstandard2.0) (>= netcoreapp2.0))
      System.Security.AccessControl (>= 4.4)
      System.Security.Principal.Windows (>= 4.4)
    Mono.Cecil (0.10.0) - version_in_path: true
    NETStandard.Library (2.0.3)
      Microsoft.NETCore.Platforms (>= 1.1)
    Newtonsoft.Json (10.0.3) - version_in_path: true, restriction: || (== net462) (== net47) (&& (== netcoreapp2.0) (>= net461)) (&& (== netstandard2.0) (>= net461))
    Octokit (0.29)
      NETStandard.Library (>= 1.6) - restriction: || (&& (== net462) (< net45)) (&& (== net47) (< net45)) (== netcoreapp2.0) (== netstandard2.0)
    PInvoke.AdvApi32 (0.5.152) - restriction: || (== net462) (== net47) (&& (== netcoreapp2.0) (>= net20)) (&& (== netstandard2.0) (>= net20))
      PInvoke.Kernel32 (>= 0.5.152) - restriction: || (== net462) (== net47) (&& (== netcoreapp2.0) (>= net20)) (&& (== netstandard2.0) (>= net20))
      PInvoke.Windows.Core (>= 0.5.152) - restriction: || (== net462) (== net47) (&& (== netcoreapp2.0) (>= net20)) (&& (== netstandard2.0) (>= net20))
    PInvoke.BCrypt (0.5.152) - restriction: || (== net462) (== net47) (&& (== netcoreapp2.0) (>= net20)) (&& (== netstandard2.0) (>= net20))
      PInvoke.Kernel32 (>= 0.5.152)
      PInvoke.Windows.Core (>= 0.5.152)
    PInvoke.Crypt32 (0.5.152) - restriction: || (== net462) (== net47) (&& (== netcoreapp2.0) (>= net20)) (&& (== netstandard2.0) (>= net20))
      PInvoke.AdvApi32 (>= 0.5.152) - restriction: || (== net462) (== net47) (&& (== netcoreapp2.0) (>= net20) (< portable-net40+win8+wpa81)) (&& (== netcoreapp2.0) (>= net40) (< portable-net45+win8+wpa81)) (&& (== netcoreapp2.0) (>= net45)) (&& (== netstandard2.0) (>= net20) (< portable-net40+win8+wpa81)) (&& (== netstandard2.0) (>= net40) (< portable-net45+win8+wpa81)) (&& (== netstandard2.0) (>= net45))
      PInvoke.NCrypt (>= 0.5.152)
      PInvoke.Windows.Core (>= 0.5.152)
    PInvoke.DbgHelp (0.5.152) - restriction: || (== net462) (== net47) (&& (== netcoreapp2.0) (>= net20)) (&& (== netstandard2.0) (>= net20))
      PInvoke.Windows.Core (>= 0.5.152)
    PInvoke.DwmApi (0.5.152) - restriction: || (== net462) (== net47) (&& (== netcoreapp2.0) (>= net20)) (&& (== netstandard2.0) (>= net20))
      PInvoke.UxTheme (>= 0.5.152) - restriction: || (== net462) (== net47) (&& (== netcoreapp2.0) (>= net20)) (&& (== netstandard2.0) (>= net20))
      PInvoke.Windows.Core (>= 0.5.152) - restriction: || (== net462) (== net47) (&& (== netcoreapp2.0) (>= net20)) (&& (== netstandard2.0) (>= net20))
    PInvoke.Gdi32 (0.5.152) - restriction: || (== net462) (== net47) (&& (== netcoreapp2.0) (>= net20)) (&& (== netstandard2.0) (>= net20))
      PInvoke.User32 (>= 0.5.152) - restriction: || (== net462) (== net47) (&& (== netcoreapp2.0) (>= net20)) (&& (== netstandard2.0) (>= net20))
      PInvoke.Windows.Core (>= 0.5.152) - restriction: || (== net462) (== net47) (&& (== netcoreapp2.0) (>= net20)) (&& (== netstandard2.0) (>= net20))
    PInvoke.Hid (0.5.152) - restriction: || (== net462) (== net47) (&& (== netcoreapp2.0) (>= net20)) (&& (== netstandard2.0) (>= net20))
      PInvoke.Kernel32 (>= 0.5.152) - restriction: || (== net462) (== net47) (&& (== netcoreapp2.0) (>= net20)) (&& (== netstandard2.0) (>= net20))
      PInvoke.Windows.Core (>= 0.5.152) - restriction: || (== net462) (== net47) (&& (== netcoreapp2.0) (>= net20)) (&& (== netstandard2.0) (>= net20))
    PInvoke.ImageHlp (0.5.152) - restriction: || (== net462) (== net47) (&& (== netcoreapp2.0) (>= net20)) (&& (== netstandard2.0) (>= net20))
      PInvoke.DbgHelp (>= 0.5.152) - restriction: || (== net462) (== net47) (&& (== netcoreapp2.0) (>= net20)) (&& (== netstandard2.0) (>= net20))
      PInvoke.Windows.Core (>= 0.5.152) - restriction: || (== net462) (== net47) (&& (== netcoreapp2.0) (>= net20)) (&& (== netstandard2.0) (>= net20))
    PInvoke.Kernel32 (0.5.152) - restriction: || (== net462) (== net47) (&& (== netcoreapp2.0) (>= net20)) (&& (== netstandard2.0) (>= net20))
      PInvoke.Windows.Core (>= 0.5.152)
    PInvoke.Magnification (0.5.152) - restriction: || (== net462) (== net47) (&& (== netcoreapp2.0) (>= net20)) (&& (== netstandard2.0) (>= net20))
      PInvoke.Windows.Core (>= 0.5.152)
    PInvoke.Msi (0.5.152) - restriction: || (== net462) (== net47) (&& (== netcoreapp2.0) (>= net20)) (&& (== netstandard2.0) (>= net20))
      PInvoke.Windows.Core (>= 0.5.152) - restriction: || (== net462) (== net47) (&& (== netcoreapp2.0) (>= net20)) (&& (== netstandard2.0) (>= net20))
    PInvoke.NCrypt (0.5.152) - restriction: || (== net462) (== net47) (&& (== netcoreapp2.0) (>= net20)) (&& (== netstandard2.0) (>= net20))
      PInvoke.BCrypt (>= 0.5.152)
      PInvoke.Kernel32 (>= 0.5.152)
      PInvoke.Windows.Core (>= 0.5.152)
    PInvoke.NetApi32 (0.5.152) - restriction: || (== net462) (== net47) (&& (== netcoreapp2.0) (>= net20)) (&& (== netstandard2.0) (>= net20))
      PInvoke.Windows.Core (>= 0.5.152) - restriction: || (== net462) (== net47) (&& (== netcoreapp2.0) (>= net20)) (&& (== netstandard2.0) (>= net20))
    PInvoke.NTDll (0.5.152) - restriction: || (== net462) (== net47) (&& (== netcoreapp2.0) (>= net20)) (&& (== netstandard2.0) (>= net20))
      PInvoke.Kernel32 (>= 0.5.152) - restriction: || (== net462) (== net47) (&& (== netcoreapp2.0) (>= net20)) (&& (== netstandard2.0) (>= net20))
      PInvoke.Windows.Core (>= 0.5.152) - restriction: || (== net462) (== net47) (&& (== netcoreapp2.0) (>= net20)) (&& (== netstandard2.0) (>= net20))
    PInvoke.Ole32 (0.5.152) - restriction: || (== net462) (== net47) (&& (== netcoreapp2.0) (>= net20)) (&& (== netstandard2.0) (>= net20))
      PInvoke.Windows.Core (>= 0.5.152) - restriction: || (== net462) (== net47) (&& (== netcoreapp2.0) (>= net20)) (&& (== netstandard2.0) (>= net20))
    PInvoke.Psapi (0.5.152) - restriction: || (== net462) (== net47) (&& (== netcoreapp2.0) (>= net20)) (&& (== netstandard2.0) (>= net20))
      PInvoke.Kernel32 (>= 0.5.152) - restriction: || (== net462) (== net47) (&& (== netcoreapp2.0) (>= net20)) (&& (== netstandard2.0) (>= net20))
      PInvoke.Windows.Core (>= 0.5.152) - restriction: || (== net462) (== net47) (&& (== netcoreapp2.0) (>= net20)) (&& (== netstandard2.0) (>= net20))
    PInvoke.SetupApi (0.5.152) - restriction: || (== net462) (== net47) (&& (== netcoreapp2.0) (>= net20)) (&& (== netstandard2.0) (>= net20))
      PInvoke.Kernel32 (>= 0.5.152) - restriction: || (== net462) (== net47) (&& (== netcoreapp2.0) (>= net20)) (&& (== netstandard2.0) (>= net20))
      PInvoke.Windows.Core (>= 0.5.152) - restriction: || (== net462) (== net47) (&& (== netcoreapp2.0) (>= net20)) (&& (== netstandard2.0) (>= net20))
    PInvoke.SHCore (0.5.152) - restriction: || (== net462) (== net47) (&& (== netcoreapp2.0) (>= net20)) (&& (== netstandard2.0) (>= net20))
      PInvoke.User32 (>= 0.5.152) - restriction: || (== net462) (== net47) (&& (== netcoreapp2.0) (>= net20)) (&& (== netstandard2.0) (>= net20))
      PInvoke.Windows.Core (>= 0.5.152) - restriction: || (== net462) (== net47) (&& (== netcoreapp2.0) (>= net20)) (&& (== netstandard2.0) (>= net20))
      PInvoke.Windows.ShellScalingApi (>= 0.5.152) - restriction: || (== net462) (== net47) (&& (== netcoreapp2.0) (>= net20)) (&& (== netstandard2.0) (>= net20))
    PInvoke.Shell32 (0.5.152) - restriction: || (== net462) (== net47) (&& (== netcoreapp2.0) (>= net20)) (&& (== netstandard2.0) (>= net20))
      PInvoke.Kernel32 (>= 0.5.152)
      PInvoke.Windows.Core (>= 0.5.152)
    PInvoke.User32 (0.5.152) - restriction: || (== net462) (== net47) (&& (== netcoreapp2.0) (>= net20)) (&& (== netstandard2.0) (>= net20))
      PInvoke.Kernel32 (>= 0.5.152) - restriction: || (== net462) (== net47) (&& (== netcoreapp2.0) (>= net20)) (&& (== netstandard2.0) (>= net20))
      PInvoke.Windows.Core (>= 0.5.152) - restriction: || (== net462) (== net47) (&& (== netcoreapp2.0) (>= net20)) (&& (== netstandard2.0) (>= net20))
      PInvoke.Windows.ShellScalingApi (>= 0.5.152) - restriction: || (== net462) (== net47) (&& (== netcoreapp2.0) (>= net20)) (&& (== netstandard2.0) (>= net20))
      Validation (>= 2.4.15) - restriction: || (== net462) (== net47) (&& (== netcoreapp2.0) (>= net20)) (&& (== netstandard2.0) (>= net20))
    PInvoke.Userenv (0.5.152) - restriction: || (== net462) (== net47) (&& (== netcoreapp2.0) (>= net20)) (&& (== netstandard2.0) (>= net20))
      PInvoke.Kernel32 (>= 0.5.152) - restriction: || (== net462) (== net47) (&& (== netcoreapp2.0) (>= net20)) (&& (== netstandard2.0) (>= net20))
      PInvoke.Windows.Core (>= 0.5.152) - restriction: || (== net462) (== net47) (&& (== netcoreapp2.0) (>= net20)) (&& (== netstandard2.0) (>= net20))
    PInvoke.UxTheme (0.5.152) - restriction: || (== net462) (== net47) (&& (== netcoreapp2.0) (>= net20)) (&& (== netstandard2.0) (>= net20))
      PInvoke.User32 (>= 0.5.152) - restriction: || (== net462) (== net47) (&& (== netcoreapp2.0) (>= net20)) (&& (== netstandard2.0) (>= net20))
      PInvoke.Windows.Core (>= 0.5.152) - restriction: || (== net462) (== net47) (&& (== netcoreapp2.0) (>= net20)) (&& (== netstandard2.0) (>= net20))
    PInvoke.Win32 (0.5.152)
      PInvoke.AdvApi32 (>= 0.5.152) - restriction: || (== net462) (== net47) (&& (== netcoreapp2.0) (>= net20)) (&& (== netstandard2.0) (>= net20))
      PInvoke.BCrypt (>= 0.5.152) - restriction: || (== net462) (== net47) (&& (== netcoreapp2.0) (>= net20)) (&& (== netstandard2.0) (>= net20))
      PInvoke.Crypt32 (>= 0.5.152) - restriction: || (== net462) (== net47) (&& (== netcoreapp2.0) (>= net20)) (&& (== netstandard2.0) (>= net20))
      PInvoke.DbgHelp (>= 0.5.152) - restriction: || (== net462) (== net47) (&& (== netcoreapp2.0) (>= net20)) (&& (== netstandard2.0) (>= net20))
      PInvoke.DwmApi (>= 0.5.152) - restriction: || (== net462) (== net47) (&& (== netcoreapp2.0) (>= net20)) (&& (== netstandard2.0) (>= net20))
      PInvoke.Gdi32 (>= 0.5.152) - restriction: || (== net462) (== net47) (&& (== netcoreapp2.0) (>= net20)) (&& (== netstandard2.0) (>= net20))
      PInvoke.Hid (>= 0.5.152) - restriction: || (== net462) (== net47) (&& (== netcoreapp2.0) (>= net20)) (&& (== netstandard2.0) (>= net20))
      PInvoke.ImageHlp (>= 0.5.152) - restriction: || (== net462) (== net47) (&& (== netcoreapp2.0) (>= net20)) (&& (== netstandard2.0) (>= net20))
      PInvoke.Kernel32 (>= 0.5.152) - restriction: || (== net462) (== net47) (&& (== netcoreapp2.0) (>= net20)) (&& (== netstandard2.0) (>= net20))
      PInvoke.Magnification (>= 0.5.152) - restriction: || (== net462) (== net47) (&& (== netcoreapp2.0) (>= net20)) (&& (== netstandard2.0) (>= net20))
      PInvoke.Msi (>= 0.5.152) - restriction: || (== net462) (== net47) (&& (== netcoreapp2.0) (>= net20)) (&& (== netstandard2.0) (>= net20))
      PInvoke.NCrypt (>= 0.5.152) - restriction: || (== net462) (== net47) (&& (== netcoreapp2.0) (>= net20)) (&& (== netstandard2.0) (>= net20))
      PInvoke.NetApi32 (>= 0.5.152) - restriction: || (== net462) (== net47) (&& (== netcoreapp2.0) (>= net20)) (&& (== netstandard2.0) (>= net20))
      PInvoke.NTDll (>= 0.5.152) - restriction: || (== net462) (== net47) (&& (== netcoreapp2.0) (>= net20)) (&& (== netstandard2.0) (>= net20))
      PInvoke.Ole32 (>= 0.5.152) - restriction: || (== net462) (== net47) (&& (== netcoreapp2.0) (>= net20)) (&& (== netstandard2.0) (>= net20))
      PInvoke.Psapi (>= 0.5.152) - restriction: || (== net462) (== net47) (&& (== netcoreapp2.0) (>= net20)) (&& (== netstandard2.0) (>= net20))
      PInvoke.SetupApi (>= 0.5.152) - restriction: || (== net462) (== net47) (&& (== netcoreapp2.0) (>= net20)) (&& (== netstandard2.0) (>= net20))
      PInvoke.SHCore (>= 0.5.152) - restriction: || (== net462) (== net47) (&& (== netcoreapp2.0) (>= net20)) (&& (== netstandard2.0) (>= net20))
      PInvoke.Shell32 (>= 0.5.152) - restriction: || (== net462) (== net47) (&& (== netcoreapp2.0) (>= net20)) (&& (== netstandard2.0) (>= net20))
      PInvoke.User32 (>= 0.5.152) - restriction: || (== net462) (== net47) (&& (== netcoreapp2.0) (>= net20)) (&& (== netstandard2.0) (>= net20))
      PInvoke.Userenv (>= 0.5.152) - restriction: || (== net462) (== net47) (&& (== netcoreapp2.0) (>= net20)) (&& (== netstandard2.0) (>= net20))
      PInvoke.UxTheme (>= 0.5.152) - restriction: || (== net462) (== net47) (&& (== netcoreapp2.0) (>= net20)) (&& (== netstandard2.0) (>= net20))
      PInvoke.Windows.Core (>= 0.5.152) - restriction: || (== net462) (== net47) (&& (== netcoreapp2.0) (>= net20)) (&& (== netstandard2.0) (>= net20))
      PInvoke.Windows.ShellScalingApi (>= 0.5.152) - restriction: || (== net462) (== net47) (&& (== netcoreapp2.0) (>= net20)) (&& (== netstandard2.0) (>= net20))
      PInvoke.WtsApi32 (>= 0.5.152) - restriction: || (== net462) (== net47) (&& (== netcoreapp2.0) (>= net20)) (&& (== netstandard2.0) (>= net20))
    PInvoke.Windows.Core (0.5.152) - restriction: || (== net462) (== net47) (&& (== netcoreapp2.0) (>= net20)) (&& (== netstandard2.0) (>= net20))
    PInvoke.Windows.ShellScalingApi (0.5.152) - restriction: || (== net462) (== net47) (&& (== netcoreapp2.0) (>= net20)) (&& (== netstandard2.0) (>= net20))
      PInvoke.Windows.Core (>= 0.5.152) - restriction: || (== net462) (== net47) (&& (== netcoreapp2.0) (>= net20)) (&& (== netstandard2.0) (>= net20))
    PInvoke.WtsApi32 (0.5.152) - restriction: || (== net462) (== net47) (&& (== netcoreapp2.0) (>= net20)) (&& (== netstandard2.0) (>= net20))
      PInvoke.Kernel32 (>= 0.5.152) - restriction: || (== net462) (== net47) (&& (== netcoreapp2.0) (>= net20)) (&& (== netstandard2.0) (>= net20))
      PInvoke.Windows.Core (>= 0.5.152) - restriction: || (== net462) (== net47) (&& (== netcoreapp2.0) (>= net20)) (&& (== netstandard2.0) (>= net20))
    runtime.debian.8-x64.runtime.native.System.Security.Cryptography.OpenSsl (4.3.2) - restriction: || (&& (== net462) (< net45) (>= netstandard2.0)) (&& (== net47) (< net45) (>= netstandard2.0)) (== netcoreapp2.0) (== netstandard2.0)
    runtime.fedora.23-x64.runtime.native.System.Security.Cryptography.OpenSsl (4.3.2) - restriction: || (&& (== net462) (< net45) (>= netstandard2.0)) (&& (== net47) (< net45) (>= netstandard2.0)) (== netcoreapp2.0) (== netstandard2.0)
    runtime.fedora.24-x64.runtime.native.System.Security.Cryptography.OpenSsl (4.3.2) - restriction: || (&& (== net462) (< net45) (>= netstandard2.0)) (&& (== net47) (< net45) (>= netstandard2.0)) (== netcoreapp2.0) (== netstandard2.0)
    runtime.native.System (4.3) - restriction: || (&& (== net462) (< net45) (>= netstandard2.0)) (&& (== net47) (< net45) (>= netstandard2.0)) (== netcoreapp2.0) (== netstandard2.0)
      Microsoft.NETCore.Platforms (>= 1.1)
      Microsoft.NETCore.Targets (>= 1.1)
    runtime.native.System.Security.Cryptography.Apple (4.3.1) - restriction: || (&& (== net462) (< net45) (>= netstandard2.0)) (&& (== net47) (< net45) (>= netstandard2.0)) (== netcoreapp2.0) (== netstandard2.0)
      runtime.osx.10.10-x64.runtime.native.System.Security.Cryptography.Apple (>= 4.3.1)
    runtime.native.System.Security.Cryptography.OpenSsl (4.3.2) - restriction: || (&& (== net462) (< net45) (>= netstandard2.0)) (&& (== net47) (< net45) (>= netstandard2.0)) (== netcoreapp2.0) (== netstandard2.0)
      runtime.debian.8-x64.runtime.native.System.Security.Cryptography.OpenSsl (>= 4.3.2)
      runtime.fedora.23-x64.runtime.native.System.Security.Cryptography.OpenSsl (>= 4.3.2)
      runtime.fedora.24-x64.runtime.native.System.Security.Cryptography.OpenSsl (>= 4.3.2)
      runtime.opensuse.13.2-x64.runtime.native.System.Security.Cryptography.OpenSsl (>= 4.3.2)
      runtime.opensuse.42.1-x64.runtime.native.System.Security.Cryptography.OpenSsl (>= 4.3.2)
      runtime.osx.10.10-x64.runtime.native.System.Security.Cryptography.OpenSsl (>= 4.3.2)
      runtime.rhel.7-x64.runtime.native.System.Security.Cryptography.OpenSsl (>= 4.3.2)
      runtime.ubuntu.14.04-x64.runtime.native.System.Security.Cryptography.OpenSsl (>= 4.3.2)
      runtime.ubuntu.16.04-x64.runtime.native.System.Security.Cryptography.OpenSsl (>= 4.3.2)
      runtime.ubuntu.16.10-x64.runtime.native.System.Security.Cryptography.OpenSsl (>= 4.3.2)
    runtime.opensuse.13.2-x64.runtime.native.System.Security.Cryptography.OpenSsl (4.3.2) - restriction: || (&& (== net462) (< net45) (>= netstandard2.0)) (&& (== net47) (< net45) (>= netstandard2.0)) (== netcoreapp2.0) (== netstandard2.0)
    runtime.opensuse.42.1-x64.runtime.native.System.Security.Cryptography.OpenSsl (4.3.2) - restriction: || (&& (== net462) (< net45) (>= netstandard2.0)) (&& (== net47) (< net45) (>= netstandard2.0)) (== netcoreapp2.0) (== netstandard2.0)
    runtime.osx.10.10-x64.runtime.native.System.Security.Cryptography.Apple (4.3.1) - restriction: || (&& (== net462) (< net45) (>= netstandard2.0)) (&& (== net47) (< net45) (>= netstandard2.0)) (== netcoreapp2.0) (== netstandard2.0)
    runtime.osx.10.10-x64.runtime.native.System.Security.Cryptography.OpenSsl (4.3.2) - restriction: || (&& (== net462) (< net45) (>= netstandard2.0)) (&& (== net47) (< net45) (>= netstandard2.0)) (== netcoreapp2.0) (== netstandard2.0)
    runtime.rhel.7-x64.runtime.native.System.Security.Cryptography.OpenSsl (4.3.2) - restriction: || (&& (== net462) (< net45) (>= netstandard2.0)) (&& (== net47) (< net45) (>= netstandard2.0)) (== netcoreapp2.0) (== netstandard2.0)
    runtime.ubuntu.14.04-x64.runtime.native.System.Security.Cryptography.OpenSsl (4.3.2) - restriction: || (&& (== net462) (< net45) (>= netstandard2.0)) (&& (== net47) (< net45) (>= netstandard2.0)) (== netcoreapp2.0) (== netstandard2.0)
    runtime.ubuntu.16.04-x64.runtime.native.System.Security.Cryptography.OpenSsl (4.3.2) - restriction: || (&& (== net462) (< net45) (>= netstandard2.0)) (&& (== net47) (< net45) (>= netstandard2.0)) (== netcoreapp2.0) (== netstandard2.0)
    runtime.ubuntu.16.10-x64.runtime.native.System.Security.Cryptography.OpenSsl (4.3.2) - restriction: || (&& (== net462) (< net45) (>= netstandard2.0)) (&& (== net47) (< net45) (>= netstandard2.0)) (== netcoreapp2.0) (== netstandard2.0)
    SharpCompress (0.21.1)
      System.Text.Encoding.CodePages (>= 4.4) - restriction: || (&& (== net462) (< net35)) (&& (== net47) (< net35)) (== netcoreapp2.0) (== netstandard2.0)
    sqlite (3.13)
    SQLite.Native (3.12.3)
    System.AppContext (4.3) - restriction: || (== net462) (== net47) (== netcoreapp2.0) (&& (== netstandard2.0) (>= net461)) (&& (== netstandard2.0) (>= netcoreapp2.0))
      System.Runtime (>= 4.3) - restriction: || (&& (== net462) (< net46)) (&& (== net462) (< netstandard1.3)) (&& (== net47) (< net46)) (&& (== net47) (< netstandard1.3)) (== netcoreapp2.0) (== netstandard2.0)
    System.Collections (4.3)
      Microsoft.NETCore.Platforms (>= 1.1) - restriction: || (&& (== net462) (< net45)) (&& (== net462) (< portable-net45+win8+wp8+wpa81)) (&& (== net47) (< net45)) (&& (== net47) (< portable-net45+win8+wp8+wpa81)) (== netcoreapp2.0) (== netstandard2.0)
      Microsoft.NETCore.Targets (>= 1.1) - restriction: || (&& (== net462) (< net45)) (&& (== net462) (< portable-net45+win8+wp8+wpa81)) (&& (== net47) (< net45)) (&& (== net47) (< portable-net45+win8+wp8+wpa81)) (== netcoreapp2.0) (== netstandard2.0)
      System.Runtime (>= 4.3) - restriction: || (&& (== net462) (< net45)) (&& (== net462) (< portable-net45+win8+wp8+wpa81)) (&& (== net47) (< net45)) (&& (== net47) (< portable-net45+win8+wp8+wpa81)) (== netcoreapp2.0) (== netstandard2.0)
    System.Collections.Concurrent (4.3)
      System.Collections (>= 4.3) - restriction: || (&& (== net462) (< net45)) (&& (== net462) (< portable-net45+win8+wpa81)) (&& (== net47) (< net45)) (&& (== net47) (< portable-net45+win8+wpa81)) (== netcoreapp2.0) (== netstandard2.0)
      System.Diagnostics.Debug (>= 4.3) - restriction: || (&& (== net462) (< net45)) (&& (== net462) (< portable-net45+win8+wpa81)) (&& (== net47) (< net45)) (&& (== net47) (< portable-net45+win8+wpa81)) (== netcoreapp2.0) (== netstandard2.0)
      System.Diagnostics.Tracing (>= 4.3) - restriction: || (&& (== net462) (< net45)) (&& (== net462) (< portable-net45+win8+wpa81)) (&& (== net47) (< net45)) (&& (== net47) (< portable-net45+win8+wpa81)) (== netcoreapp2.0) (== netstandard2.0)
      System.Globalization (>= 4.3) - restriction: || (&& (== net462) (< net45)) (&& (== net462) (< portable-net45+win8+wpa81)) (&& (== net47) (< net45)) (&& (== net47) (< portable-net45+win8+wpa81)) (== netcoreapp2.0) (== netstandard2.0)
      System.Reflection (>= 4.3) - restriction: || (&& (== net462) (< net45)) (&& (== net47) (< net45)) (== netcoreapp2.0) (== netstandard2.0)
      System.Resources.ResourceManager (>= 4.3) - restriction: || (&& (== net462) (< net45)) (&& (== net462) (< portable-net45+win8+wpa81)) (&& (== net47) (< net45)) (&& (== net47) (< portable-net45+win8+wpa81)) (== netcoreapp2.0) (== netstandard2.0)
      System.Runtime (>= 4.3) - restriction: || (&& (== net462) (< net45)) (&& (== net462) (< portable-net45+win8+wpa81)) (&& (== net47) (< net45)) (&& (== net47) (< portable-net45+win8+wpa81)) (== netcoreapp2.0) (== netstandard2.0)
      System.Runtime.Extensions (>= 4.3) - restriction: || (&& (== net462) (< net45)) (&& (== net462) (< portable-net45+win8+wpa81)) (&& (== net47) (< net45)) (&& (== net47) (< portable-net45+win8+wpa81)) (== netcoreapp2.0) (== netstandard2.0)
      System.Threading (>= 4.3) - restriction: || (&& (== net462) (< net45)) (&& (== net462) (< portable-net45+win8+wpa81)) (&& (== net47) (< net45)) (&& (== net47) (< portable-net45+win8+wpa81)) (== netcoreapp2.0) (== netstandard2.0)
      System.Threading.Tasks (>= 4.3) - restriction: || (&& (== net462) (< net45)) (&& (== net462) (< portable-net45+win8+wpa81)) (&& (== net47) (< net45)) (&& (== net47) (< portable-net45+win8+wpa81)) (== netcoreapp2.0) (== netstandard2.0)
    System.Collections.Immutable (1.4)
      NETStandard.Library (>= 1.6.1) - restriction: || (== net462) (== net47) (&& (== netcoreapp2.0) (< netstandard2.0))
    System.Configuration.ConfigurationManager (4.4.1) - restriction: || (&& (== net462) (< net45) (>= netstandard2.0)) (&& (== net47) (< net45) (>= netstandard2.0)) (== netcoreapp2.0) (== netstandard2.0)
      System.Security.Cryptography.ProtectedData (>= 4.4) - restriction: || (&& (== net462) (< net461) (>= netstandard2.0)) (&& (== net462) (>= netcoreapp2.0)) (&& (== net47) (< net461) (>= netstandard2.0)) (&& (== net47) (>= netcoreapp2.0)) (== netcoreapp2.0) (== netstandard2.0)
    System.Console (4.3.1) - restriction: || (== net462) (== net47) (&& (== netcoreapp2.0) (>= net46)) (&& (== netstandard2.0) (>= net46) (>= netcoreapp2.0)) (&& (== netstandard2.0) (>= net461))
    System.Diagnostics.Debug (4.3)
      Microsoft.NETCore.Platforms (>= 1.1) - restriction: || (&& (== net462) (< net45)) (&& (== net462) (< portable-net45+win8+wp8+wpa81)) (&& (== net47) (< net45)) (&& (== net47) (< portable-net45+win8+wp8+wpa81)) (== netcoreapp2.0) (== netstandard2.0)
      Microsoft.NETCore.Targets (>= 1.1) - restriction: || (&& (== net462) (< net45)) (&& (== net462) (< portable-net45+win8+wp8+wpa81)) (&& (== net47) (< net45)) (&& (== net47) (< portable-net45+win8+wp8+wpa81)) (== netcoreapp2.0) (== netstandard2.0)
      System.Runtime (>= 4.3) - restriction: || (&& (== net462) (< net45)) (&& (== net462) (< portable-net45+win8+wp8+wpa81)) (&& (== net47) (< net45)) (&& (== net47) (< portable-net45+win8+wp8+wpa81)) (== netcoreapp2.0) (== netstandard2.0)
    System.Diagnostics.FileVersionInfo (4.3)
      Microsoft.NETCore.Platforms (>= 1.1) - restriction: || (&& (== net462) (< net46)) (&& (== net462) (< netstandard1.3)) (&& (== net47) (< net46)) (&& (== net47) (< netstandard1.3)) (== netcoreapp2.0) (== netstandard2.0)
      System.Globalization (>= 4.3) - restriction: || (&& (== net462) (< net46)) (&& (== net47) (< net46)) (== netcoreapp2.0) (== netstandard2.0)
      System.IO (>= 4.3) - restriction: || (&& (== net462) (< net46)) (&& (== net462) (< netstandard1.3)) (&& (== net47) (< net46)) (&& (== net47) (< netstandard1.3)) (== netcoreapp2.0) (== netstandard2.0)
      System.IO.FileSystem (>= 4.3) - restriction: || (&& (== net462) (< net46)) (&& (== net462) (< netstandard1.3)) (&& (== net47) (< net46)) (&& (== net47) (< netstandard1.3)) (== netcoreapp2.0) (== netstandard2.0)
      System.IO.FileSystem.Primitives (>= 4.3) - restriction: || (&& (== net462) (< net46)) (&& (== net462) (< netstandard1.3)) (&& (== net47) (< net46)) (&& (== net47) (< netstandard1.3)) (== netcoreapp2.0) (== netstandard2.0)
      System.Reflection.Metadata (>= 1.4.1) - restriction: || (&& (== net462) (< net46)) (&& (== net462) (< netstandard1.3)) (&& (== net47) (< net46)) (&& (== net47) (< netstandard1.3)) (== netcoreapp2.0) (== netstandard2.0)
      System.Runtime (>= 4.3) - restriction: || (&& (== net462) (< net46)) (&& (== net462) (< netstandard1.3)) (&& (== net47) (< net46)) (&& (== net47) (< netstandard1.3)) (== netcoreapp2.0) (== netstandard2.0)
      System.Runtime.Extensions (>= 4.3) - restriction: || (&& (== net462) (< net46)) (&& (== net462) (< netstandard1.3)) (&& (== net47) (< net46)) (&& (== net47) (< netstandard1.3)) (== netcoreapp2.0) (== netstandard2.0)
      System.Runtime.InteropServices (>= 4.3) - restriction: || (&& (== net462) (< net46)) (&& (== net47) (< net46)) (== netcoreapp2.0) (== netstandard2.0)
    System.Diagnostics.Process (4.3) - restriction: || (&& (== net462) (< net45) (>= netstandard2.0)) (&& (== net47) (< net45) (>= netstandard2.0)) (== netcoreapp2.0) (== netstandard2.0)
      Microsoft.NETCore.Platforms (>= 1.1) - restriction: || (&& (== net462) (< net46)) (&& (== net47) (< net46)) (== netcoreapp2.0) (== netstandard2.0)
      Microsoft.Win32.Primitives (>= 4.3) - restriction: || (&& (== net462) (< net46)) (&& (== net47) (< net46)) (== netcoreapp2.0) (== netstandard2.0)
      Microsoft.Win32.Registry (>= 4.3) - restriction: || (&& (== net462) (< net46)) (&& (== net47) (< net46)) (== netcoreapp2.0) (== netstandard2.0)
      runtime.native.System (>= 4.3) - restriction: || (&& (== net462) (< net46)) (&& (== net47) (< net46)) (== netcoreapp2.0) (== netstandard2.0)
      System.Collections (>= 4.3) - restriction: || (&& (== net462) (< net46)) (&& (== net47) (< net46)) (== netcoreapp2.0) (== netstandard2.0)
      System.Diagnostics.Debug (>= 4.3) - restriction: || (&& (== net462) (< net46)) (&& (== net47) (< net46)) (== netcoreapp2.0) (== netstandard2.0)
      System.Globalization (>= 4.3) - restriction: || (&& (== net462) (< net46)) (&& (== net47) (< net46)) (== netcoreapp2.0) (== netstandard2.0)
      System.IO (>= 4.3) - restriction: || (&& (== net462) (< net46)) (&& (== net47) (< net46)) (== netcoreapp2.0) (== netstandard2.0)
      System.IO.FileSystem (>= 4.3) - restriction: || (&& (== net462) (< net46)) (&& (== net47) (< net46)) (== netcoreapp2.0) (== netstandard2.0)
      System.IO.FileSystem.Primitives (>= 4.3) - restriction: || (&& (== net462) (< net46)) (&& (== net47) (< net46)) (== netcoreapp2.0) (== netstandard2.0)
      System.Resources.ResourceManager (>= 4.3) - restriction: || (&& (== net462) (< net46)) (&& (== net47) (< net46)) (== netcoreapp2.0) (== netstandard2.0)
      System.Runtime (>= 4.3) - restriction: || (&& (== net462) (< net46)) (&& (== net47) (< net46)) (== netcoreapp2.0) (== netstandard2.0)
      System.Runtime.Extensions (>= 4.3) - restriction: || (&& (== net462) (< net46)) (&& (== net47) (< net46)) (== netcoreapp2.0) (== netstandard2.0)
      System.Runtime.Handles (>= 4.3) - restriction: || (&& (== net462) (< net46)) (&& (== net47) (< net46)) (== netcoreapp2.0) (== netstandard2.0)
      System.Runtime.InteropServices (>= 4.3) - restriction: || (&& (== net462) (< net46)) (&& (== net47) (< net46)) (== netcoreapp2.0) (== netstandard2.0)
      System.Text.Encoding (>= 4.3) - restriction: || (&& (== net462) (< net46)) (&& (== net47) (< net46)) (== netcoreapp2.0) (== netstandard2.0)
      System.Text.Encoding.Extensions (>= 4.3) - restriction: || (&& (== net462) (< net46)) (&& (== net47) (< net46)) (== netcoreapp2.0) (== netstandard2.0)
      System.Threading (>= 4.3) - restriction: || (&& (== net462) (< net46)) (&& (== net47) (< net46)) (== netcoreapp2.0) (== netstandard2.0)
      System.Threading.Tasks (>= 4.3) - restriction: || (&& (== net462) (< net46)) (&& (== net47) (< net46)) (== netcoreapp2.0) (== netstandard2.0)
      System.Threading.Thread (>= 4.3) - restriction: || (&& (== net462) (< net46)) (&& (== net47) (< net46)) (== netcoreapp2.0) (== netstandard2.0)
      System.Threading.ThreadPool (>= 4.3) - restriction: || (&& (== net462) (< net46)) (&& (== net47) (< net46)) (== netcoreapp2.0) (== netstandard2.0)
    System.Diagnostics.StackTrace (4.3) - restriction: || (== net462) (== net47) (&& (== netcoreapp2.0) (>= net46)) (&& (== netstandard2.0) (>= net46) (>= netcoreapp2.0)) (&& (== netstandard2.0) (>= net461))
    System.Diagnostics.Tools (4.3) - restriction: || (== net462) (== net47) (&& (== netcoreapp2.0) (>= net46)) (&& (== netstandard2.0) (>= net46) (>= netcoreapp2.0)) (&& (== netstandard2.0) (>= net461))
    System.Diagnostics.TraceSource (4.3) - restriction: || (&& (== net462) (< net45) (>= netstandard2.0)) (&& (== net47) (< net45) (>= netstandard2.0)) (== netcoreapp2.0) (== netstandard2.0)
      Microsoft.NETCore.Platforms (>= 1.1) - restriction: || (&& (== net462) (< net46)) (&& (== net47) (< net46)) (== netcoreapp2.0) (== netstandard2.0)
      runtime.native.System (>= 4.3) - restriction: || (&& (== net462) (< net46)) (&& (== net47) (< net46)) (== netcoreapp2.0) (== netstandard2.0)
      System.Collections (>= 4.3) - restriction: || (&& (== net462) (< net46)) (&& (== net47) (< net46)) (== netcoreapp2.0) (== netstandard2.0)
      System.Diagnostics.Debug (>= 4.3) - restriction: || (&& (== net462) (< net46)) (&& (== net47) (< net46)) (== netcoreapp2.0) (== netstandard2.0)
      System.Globalization (>= 4.3) - restriction: || (&& (== net462) (< net46)) (&& (== net47) (< net46)) (== netcoreapp2.0) (== netstandard2.0)
      System.Resources.ResourceManager (>= 4.3) - restriction: || (&& (== net462) (< net46)) (&& (== net47) (< net46)) (== netcoreapp2.0) (== netstandard2.0)
      System.Runtime (>= 4.3) - restriction: || (&& (== net462) (< net46)) (&& (== net47) (< net46)) (== netcoreapp2.0) (== netstandard2.0)
      System.Runtime.Extensions (>= 4.3) - restriction: || (&& (== net462) (< net46)) (&& (== net47) (< net46)) (== netcoreapp2.0) (== netstandard2.0)
      System.Threading (>= 4.3) - restriction: || (&& (== net462) (< net46)) (&& (== net47) (< net46)) (== netcoreapp2.0) (== netstandard2.0)
    System.Diagnostics.Tracing (4.3) - restriction: || (&& (== net462) (< net45) (>= netstandard2.0)) (&& (== net462) (>= netstandard2.0) (< portable-net45+win8+wpa81)) (&& (== net47) (< net45) (>= netstandard2.0)) (&& (== net47) (>= netstandard2.0) (< portable-net45+win8+wpa81)) (== netcoreapp2.0) (== netstandard2.0)
      Microsoft.NETCore.Platforms (>= 1.1) - restriction: || (&& (== net462) (< net45)) (&& (== net462) (< portable-net45+win8+wpa81)) (&& (== net47) (< net45)) (&& (== net47) (< portable-net45+win8+wpa81)) (== netcoreapp2.0) (== netstandard2.0)
      Microsoft.NETCore.Targets (>= 1.1) - restriction: || (&& (== net462) (< net45)) (&& (== net462) (< portable-net45+win8+wpa81)) (&& (== net47) (< net45)) (&& (== net47) (< portable-net45+win8+wpa81)) (== netcoreapp2.0) (== netstandard2.0)
      System.Runtime (>= 4.3) - restriction: || (&& (== net462) (< net45)) (&& (== net462) (< portable-net45+win8+wpa81)) (&& (== net47) (< net45)) (&& (== net47) (< portable-net45+win8+wpa81)) (== netcoreapp2.0) (== netstandard2.0)
    System.Dynamic.Runtime (4.3) - restriction: || (== net462) (== net47) (&& (== netcoreapp2.0) (>= net46)) (&& (== netstandard2.0) (>= net46) (>= netcoreapp2.0)) (&& (== netstandard2.0) (>= net461))
    System.Globalization (4.3)
      Microsoft.NETCore.Platforms (>= 1.1) - restriction: || (&& (== net462) (< net45)) (&& (== net462) (< portable-net45+win8+wp8+wpa81)) (&& (== net47) (< net45)) (&& (== net47) (< portable-net45+win8+wp8+wpa81)) (== netcoreapp2.0) (== netstandard2.0)
      Microsoft.NETCore.Targets (>= 1.1) - restriction: || (&& (== net462) (< net45)) (&& (== net462) (< portable-net45+win8+wp8+wpa81)) (&& (== net47) (< net45)) (&& (== net47) (< portable-net45+win8+wp8+wpa81)) (== netcoreapp2.0) (== netstandard2.0)
      System.Runtime (>= 4.3) - restriction: || (&& (== net462) (< net45)) (&& (== net462) (< portable-net45+win8+wp8+wpa81)) (&& (== net47) (< net45)) (&& (== net47) (< portable-net45+win8+wp8+wpa81)) (== netcoreapp2.0) (== netstandard2.0)
    System.IO (4.3)
      Microsoft.NETCore.Platforms (>= 1.1) - restriction: || (&& (== net462) (< net45)) (&& (== net462) (< portable-net45+win8+wp8+wpa81)) (&& (== net47) (< net45)) (&& (== net47) (< portable-net45+win8+wp8+wpa81)) (== netcoreapp2.0) (== netstandard2.0)
      Microsoft.NETCore.Targets (>= 1.1) - restriction: || (&& (== net462) (< net45)) (&& (== net462) (< portable-net45+win8+wp8+wpa81)) (&& (== net47) (< net45)) (&& (== net47) (< portable-net45+win8+wp8+wpa81)) (== netcoreapp2.0) (== netstandard2.0)
      System.Runtime (>= 4.3) - restriction: || (&& (== net462) (< net45)) (&& (== net462) (< portable-net45+win8+wp8+wpa81)) (&& (== net47) (< net45)) (&& (== net47) (< portable-net45+win8+wp8+wpa81)) (== netcoreapp2.0) (== netstandard2.0)
      System.Text.Encoding (>= 4.3) - restriction: || (&& (== net462) (< net45)) (&& (== net462) (< portable-net45+win8+wp8+wpa81)) (&& (== net47) (< net45)) (&& (== net47) (< portable-net45+win8+wp8+wpa81)) (== netcoreapp2.0) (== netstandard2.0)
      System.Threading.Tasks (>= 4.3) - restriction: || (&& (== net462) (< net45)) (&& (== net462) (< portable-net45+win8+wp8+wpa81)) (&& (== net47) (< net45)) (&& (== net47) (< portable-net45+win8+wp8+wpa81)) (== netcoreapp2.0) (== netstandard2.0)
    System.IO.Compression (4.3) - restriction: || (== net462) (== net47) (&& (== netcoreapp2.0) (>= net46)) (&& (== netstandard2.0) (>= net46) (>= netcoreapp2.0)) (&& (== netstandard2.0) (>= net461))
    System.IO.FileSystem (4.3)
      Microsoft.NETCore.Platforms (>= 1.1) - restriction: || (&& (== net462) (< net46)) (&& (== net47) (< net46)) (== netcoreapp2.0) (== netstandard2.0)
      Microsoft.NETCore.Targets (>= 1.1) - restriction: || (&& (== net462) (< net46)) (&& (== net47) (< net46)) (== netcoreapp2.0) (== netstandard2.0)
      System.IO (>= 4.3) - restriction: || (&& (== net462) (< net46)) (&& (== net47) (< net46)) (== netcoreapp2.0) (== netstandard2.0)
      System.IO.FileSystem.Primitives (>= 4.3)
      System.Runtime (>= 4.3) - restriction: || (&& (== net462) (< net46)) (&& (== net47) (< net46)) (== netcoreapp2.0) (== netstandard2.0)
      System.Runtime.Handles (>= 4.3) - restriction: || (&& (== net462) (< net46)) (&& (== net47) (< net46)) (== netcoreapp2.0) (== netstandard2.0)
      System.Text.Encoding (>= 4.3) - restriction: || (&& (== net462) (< net46)) (&& (== net47) (< net46)) (== netcoreapp2.0) (== netstandard2.0)
      System.Threading.Tasks (>= 4.3) - restriction: || (&& (== net462) (< net46)) (&& (== net47) (< net46)) (== netcoreapp2.0) (== netstandard2.0)
    System.IO.FileSystem.Primitives (4.3)
      System.Runtime (>= 4.3) - restriction: || (&& (== net462) (< net46)) (&& (== net47) (< net46)) (== netcoreapp2.0) (== netstandard2.0)
    System.Linq (4.3)
      System.Collections (>= 4.3) - restriction: || (&& (== net462) (< net45)) (&& (== net462) (< portable-net45+win8+wp8+wpa81)) (&& (== net47) (< net45)) (&& (== net47) (< portable-net45+win8+wp8+wpa81)) (== netcoreapp2.0) (== netstandard2.0)
      System.Diagnostics.Debug (>= 4.3) - restriction: || (&& (== net462) (< net45) (>= netstandard1.6)) (&& (== net462) (< portable-net45+win8+wp8+wpa81)) (&& (== net47) (< net45) (>= netstandard1.6)) (&& (== net47) (< portable-net45+win8+wp8+wpa81)) (== netcoreapp2.0) (== netstandard2.0)
      System.Resources.ResourceManager (>= 4.3) - restriction: || (&& (== net462) (< net45) (>= netstandard1.6)) (&& (== net462) (< portable-net45+win8+wp8+wpa81)) (&& (== net47) (< net45) (>= netstandard1.6)) (&& (== net47) (< portable-net45+win8+wp8+wpa81)) (== netcoreapp2.0) (== netstandard2.0)
      System.Runtime (>= 4.3) - restriction: || (&& (== net462) (< net45)) (&& (== net462) (< portable-net45+win8+wp8+wpa81)) (&& (== net47) (< net45)) (&& (== net47) (< portable-net45+win8+wp8+wpa81)) (== netcoreapp2.0) (== netstandard2.0)
      System.Runtime.Extensions (>= 4.3) - restriction: || (&& (== net462) (< net45) (>= netstandard1.6)) (&& (== net462) (< portable-net45+win8+wp8+wpa81)) (&& (== net47) (< net45) (>= netstandard1.6)) (&& (== net47) (< portable-net45+win8+wp8+wpa81)) (== netcoreapp2.0) (== netstandard2.0)
    System.Linq.Expressions (4.3) - restriction: || (== net462) (== net47) (&& (== netcoreapp2.0) (>= net46)) (&& (== netstandard2.0) (>= net46) (>= netcoreapp2.0)) (&& (== netstandard2.0) (>= net461))
    System.Reflection (4.3)
      Microsoft.NETCore.Platforms (>= 1.1) - restriction: || (&& (== net462) (< net45)) (&& (== net462) (< portable-net45+win8+wp8+wpa81)) (&& (== net47) (< net45)) (&& (== net47) (< portable-net45+win8+wp8+wpa81)) (== netcoreapp2.0) (== netstandard2.0)
      Microsoft.NETCore.Targets (>= 1.1) - restriction: || (&& (== net462) (< net45)) (&& (== net462) (< portable-net45+win8+wp8+wpa81)) (&& (== net47) (< net45)) (&& (== net47) (< portable-net45+win8+wp8+wpa81)) (== netcoreapp2.0) (== netstandard2.0)
      System.IO (>= 4.3) - restriction: || (&& (== net462) (< net45)) (&& (== net462) (< portable-net45+win8+wp8+wpa81)) (&& (== net47) (< net45)) (&& (== net47) (< portable-net45+win8+wp8+wpa81)) (== netcoreapp2.0) (== netstandard2.0)
      System.Reflection.Primitives (>= 4.3) - restriction: || (&& (== net462) (< net45)) (&& (== net462) (< portable-net45+win8+wp8+wpa81)) (&& (== net47) (< net45)) (&& (== net47) (< portable-net45+win8+wp8+wpa81)) (== netcoreapp2.0) (== netstandard2.0)
      System.Runtime (>= 4.3) - restriction: || (&& (== net462) (< net45)) (&& (== net462) (< portable-net45+win8+wp8+wpa81)) (&& (== net47) (< net45)) (&& (== net47) (< portable-net45+win8+wp8+wpa81)) (== netcoreapp2.0) (== netstandard2.0)
    System.Reflection.Emit (4.3) - restriction: || (&& (== net462) (< net45)) (&& (== net462) (< portable-net45+win8+wp8+wpa81)) (&& (== net47) (< net45)) (&& (== net47) (< portable-net45+win8+wp8+wpa81)) (== netcoreapp2.0) (== netstandard2.0)
      System.IO (>= 4.3) - restriction: || (&& (== net462) (< net45)) (&& (== net47) (< net45)) (== netcoreapp2.0) (== netstandard2.0)
      System.Reflection (>= 4.3) - restriction: || (&& (== net462) (< net45)) (&& (== net47) (< net45)) (== netcoreapp2.0) (== netstandard2.0)
      System.Reflection.Emit.ILGeneration (>= 4.3) - restriction: || (&& (== net462) (< net45)) (&& (== net47) (< net45)) (== netcoreapp2.0) (== netstandard2.0)
      System.Reflection.Primitives (>= 4.3) - restriction: || (&& (== net462) (< net45)) (&& (== net47) (< net45)) (== netcoreapp2.0) (== netstandard2.0)
      System.Runtime (>= 4.3) - restriction: || (&& (== net462) (< net45)) (&& (== net47) (< net45)) (== netcoreapp2.0) (== netstandard2.0)
    System.Reflection.Emit.ILGeneration (4.3) - restriction: || (&& (== net462) (< net45) (>= netstandard2.0)) (&& (== net462) (>= netcoreapp1.1)) (&& (== net47) (< net45) (>= netstandard2.0)) (&& (== net47) (>= netcoreapp1.1)) (== netcoreapp2.0) (== netstandard2.0)
      System.Reflection (>= 4.3) - restriction: || (&& (== net462) (< net45)) (&& (== net47) (< net45)) (== netcoreapp2.0) (== netstandard2.0)
      System.Reflection.Primitives (>= 4.3) - restriction: || (&& (== net462) (< net45)) (&& (== net47) (< net45)) (== netcoreapp2.0) (== netstandard2.0)
      System.Runtime (>= 4.3) - restriction: || (&& (== net462) (< net45)) (&& (== net47) (< net45)) (== netcoreapp2.0) (== netstandard2.0)
    System.Reflection.Emit.Lightweight (4.3) - restriction: || (&& (== net462) (>= netcoreapp1.1)) (&& (== net47) (>= netcoreapp1.1)) (== netcoreapp2.0) (&& (== netstandard2.0) (>= net461) (>= netcoreapp1.1)) (&& (== netstandard2.0) (>= netcoreapp2.0))
      System.Reflection (>= 4.3) - restriction: || (&& (== net462) (< net45)) (&& (== net47) (< net45)) (== netcoreapp2.0) (== netstandard2.0)
      System.Reflection.Emit.ILGeneration (>= 4.3) - restriction: || (&& (== net462) (< net45)) (&& (== net47) (< net45)) (== netcoreapp2.0) (== netstandard2.0)
      System.Reflection.Primitives (>= 4.3) - restriction: || (&& (== net462) (< net45)) (&& (== net47) (< net45)) (== netcoreapp2.0) (== netstandard2.0)
      System.Runtime (>= 4.3) - restriction: || (&& (== net462) (< net45)) (&& (== net47) (< net45)) (== netcoreapp2.0) (== netstandard2.0)
    System.Reflection.Extensions (4.3) - restriction: || (&& (== net462) (== netstandard2.0)) (&& (== net462) (< net45)) (&& (== net462) (< portable-net45+win8+wp8+wpa81)) (&& (== net47) (== netstandard2.0)) (&& (== net47) (< net45)) (&& (== net47) (< portable-net45+win8+wp8+wpa81)) (== netcoreapp2.0) (&& (== netstandard2.0) (>= net461)) (&& (== netstandard2.0) (>= netcoreapp2.0))
      Microsoft.NETCore.Platforms (>= 1.1) - restriction: || (&& (== net462) (< net45)) (&& (== net462) (< portable-net45+win8+wp8+wpa81)) (&& (== net47) (< net45)) (&& (== net47) (< portable-net45+win8+wp8+wpa81)) (== netcoreapp2.0) (== netstandard2.0)
      Microsoft.NETCore.Targets (>= 1.1) - restriction: || (&& (== net462) (< net45)) (&& (== net462) (< portable-net45+win8+wp8+wpa81)) (&& (== net47) (< net45)) (&& (== net47) (< portable-net45+win8+wp8+wpa81)) (== netcoreapp2.0) (== netstandard2.0)
      System.Reflection (>= 4.3) - restriction: || (&& (== net462) (< net45)) (&& (== net462) (< portable-net45+win8+wp8+wpa81)) (&& (== net47) (< net45)) (&& (== net47) (< portable-net45+win8+wp8+wpa81)) (== netcoreapp2.0) (== netstandard2.0)
      System.Runtime (>= 4.3) - restriction: || (&& (== net462) (< net45)) (&& (== net462) (< portable-net45+win8+wp8+wpa81)) (&& (== net47) (< net45)) (&& (== net47) (< portable-net45+win8+wp8+wpa81)) (== netcoreapp2.0) (== netstandard2.0)
    System.Reflection.Metadata (1.5)
      NETStandard.Library (>= 1.6.1) - restriction: || (== net462) (== net47) (&& (== netcoreapp2.0) (< netstandard2.0))
      System.Collections.Immutable (>= 1.4) - restriction: || (== net462) (== net47) (&& (== netcoreapp2.0) (>= monoandroid)) (&& (== netcoreapp2.0) (>= monotouch)) (&& (== netcoreapp2.0) (< netstandard1.1)) (&& (== netcoreapp2.0) (< netstandard2.0)) (&& (== netcoreapp2.0) (< portable-net45+win8)) (&& (== netcoreapp2.0) (>= xamarinios)) (&& (== netcoreapp2.0) (>= xamarinmac)) (&& (== netcoreapp2.0) (>= xamarintvos)) (&& (== netcoreapp2.0) (>= xamarinwatchos)) (== netstandard2.0)
    System.Reflection.Primitives (4.3)
      Microsoft.NETCore.Platforms (>= 1.1) - restriction: || (&& (== net462) (< net45)) (&& (== net462) (< portable-net45+win8+wp8+wpa81)) (&& (== net47) (< net45)) (&& (== net47) (< portable-net45+win8+wp8+wpa81)) (== netcoreapp2.0) (== netstandard2.0)
      Microsoft.NETCore.Targets (>= 1.1) - restriction: || (&& (== net462) (< net45)) (&& (== net462) (< portable-net45+win8+wp8+wpa81)) (&& (== net47) (< net45)) (&& (== net47) (< portable-net45+win8+wp8+wpa81)) (== netcoreapp2.0) (== netstandard2.0)
      System.Runtime (>= 4.3) - restriction: || (&& (== net462) (< net45)) (&& (== net462) (< portable-net45+win8+wp8+wpa81)) (&& (== net47) (< net45)) (&& (== net47) (< portable-net45+win8+wp8+wpa81)) (== netcoreapp2.0) (== netstandard2.0)
    System.Reflection.TypeExtensions (4.4) - restriction: || (&& (== net462) (< net45)) (&& (== net462) (< portable-net45+win8+wp8+wpa81)) (&& (== net47) (< net45)) (&& (== net47) (< portable-net45+win8+wp8+wpa81)) (== netcoreapp2.0) (== netstandard2.0)
    System.Resources.ResourceManager (4.3)
      Microsoft.NETCore.Platforms (>= 1.1) - restriction: || (&& (== net462) (< net45)) (&& (== net462) (< portable-net45+win8+wp8+wpa81)) (&& (== net47) (< net45)) (&& (== net47) (< portable-net45+win8+wp8+wpa81)) (== netcoreapp2.0) (== netstandard2.0)
      Microsoft.NETCore.Targets (>= 1.1) - restriction: || (&& (== net462) (< net45)) (&& (== net462) (< portable-net45+win8+wp8+wpa81)) (&& (== net47) (< net45)) (&& (== net47) (< portable-net45+win8+wp8+wpa81)) (== netcoreapp2.0) (== netstandard2.0)
      System.Globalization (>= 4.3) - restriction: || (&& (== net462) (< net45)) (&& (== net462) (< portable-net45+win8+wp8+wpa81)) (&& (== net47) (< net45)) (&& (== net47) (< portable-net45+win8+wp8+wpa81)) (== netcoreapp2.0) (== netstandard2.0)
      System.Reflection (>= 4.3) - restriction: || (&& (== net462) (< net45)) (&& (== net462) (< portable-net45+win8+wp8+wpa81)) (&& (== net47) (< net45)) (&& (== net47) (< portable-net45+win8+wp8+wpa81)) (== netcoreapp2.0) (== netstandard2.0)
      System.Runtime (>= 4.3) - restriction: || (&& (== net462) (< net45)) (&& (== net462) (< portable-net45+win8+wp8+wpa81)) (&& (== net47) (< net45)) (&& (== net47) (< portable-net45+win8+wp8+wpa81)) (== netcoreapp2.0) (== netstandard2.0)
    System.Runtime (4.3)
      Microsoft.NETCore.Platforms (>= 1.1) - restriction: || (&& (== net462) (< net45)) (&& (== net462) (< portable-net45+win8+wp8+wpa81)) (&& (== net47) (< net45)) (&& (== net47) (< portable-net45+win8+wp8+wpa81)) (== netcoreapp2.0) (== netstandard2.0)
      Microsoft.NETCore.Targets (>= 1.1) - restriction: || (&& (== net462) (< net45)) (&& (== net462) (< portable-net45+win8+wp8+wpa81)) (&& (== net47) (< net45)) (&& (== net47) (< portable-net45+win8+wp8+wpa81)) (== netcoreapp2.0) (== netstandard2.0)
    System.Runtime.Extensions (4.3)
      Microsoft.NETCore.Platforms (>= 1.1) - restriction: || (&& (== net462) (< net45)) (&& (== net462) (< portable-net45+win8+wp8+wpa81)) (&& (== net47) (< net45)) (&& (== net47) (< portable-net45+win8+wp8+wpa81)) (== netcoreapp2.0) (== netstandard2.0)
      Microsoft.NETCore.Targets (>= 1.1) - restriction: || (&& (== net462) (< net45)) (&& (== net462) (< portable-net45+win8+wp8+wpa81)) (&& (== net47) (< net45)) (&& (== net47) (< portable-net45+win8+wp8+wpa81)) (== netcoreapp2.0) (== netstandard2.0)
      System.Runtime (>= 4.3) - restriction: || (&& (== net462) (< net45)) (&& (== net462) (< portable-net45+win8+wp8+wpa81)) (&& (== net47) (< net45)) (&& (== net47) (< portable-net45+win8+wp8+wpa81)) (== netcoreapp2.0) (== netstandard2.0)
    System.Runtime.Handles (4.3) - restriction: || (&& (== net462) (< net45) (>= netstandard2.0)) (&& (== net47) (< net45) (>= netstandard2.0)) (== netcoreapp2.0) (== netstandard2.0)
      Microsoft.NETCore.Platforms (>= 1.1) - restriction: || (&& (== net462) (< net46)) (&& (== net47) (< net46)) (== netcoreapp2.0) (== netstandard2.0)
      Microsoft.NETCore.Targets (>= 1.1) - restriction: || (&& (== net462) (< net46)) (&& (== net47) (< net46)) (== netcoreapp2.0) (== netstandard2.0)
      System.Runtime (>= 4.3) - restriction: || (&& (== net462) (< net46)) (&& (== net47) (< net46)) (== netcoreapp2.0) (== netstandard2.0)
    System.Runtime.InteropServices (4.3)
      Microsoft.NETCore.Platforms (>= 1.1) - restriction: || (&& (== net462) (< net45)) (&& (== net462) (>= netcoreapp1.1)) (&& (== net462) (< portable-net45+win8+wpa81)) (&& (== net47) (< net45)) (&& (== net47) (>= netcoreapp1.1)) (&& (== net47) (< portable-net45+win8+wpa81)) (== netcoreapp2.0) (== netstandard2.0)
      Microsoft.NETCore.Targets (>= 1.1) - restriction: || (&& (== net462) (< net45)) (&& (== net462) (>= netcoreapp1.1)) (&& (== net462) (< portable-net45+win8+wpa81)) (&& (== net47) (< net45)) (&& (== net47) (>= netcoreapp1.1)) (&& (== net47) (< portable-net45+win8+wpa81)) (== netcoreapp2.0) (== netstandard2.0)
      System.Reflection (>= 4.3) - restriction: || (&& (== net462) (< net45)) (&& (== net462) (>= netcoreapp1.1)) (&& (== net462) (< portable-net45+win8+wpa81)) (&& (== net47) (< net45)) (&& (== net47) (>= netcoreapp1.1)) (&& (== net47) (< portable-net45+win8+wpa81)) (== netcoreapp2.0) (== netstandard2.0)
      System.Reflection.Primitives (>= 4.3) - restriction: || (&& (== net462) (< net45)) (&& (== net462) (>= netcoreapp1.1)) (&& (== net462) (< portable-net45+win8+wpa81)) (&& (== net47) (< net45)) (&& (== net47) (>= netcoreapp1.1)) (&& (== net47) (< portable-net45+win8+wpa81)) (== netcoreapp2.0) (== netstandard2.0)
      System.Runtime (>= 4.3)
      System.Runtime.Handles (>= 4.3) - restriction: || (&& (== net462) (< net45)) (&& (== net462) (>= netcoreapp1.1)) (&& (== net462) (< portable-net45+win8+wpa81)) (&& (== net47) (< net45)) (&& (== net47) (>= netcoreapp1.1)) (&& (== net47) (< portable-net45+win8+wpa81)) (== netcoreapp2.0) (== netstandard2.0)
    System.Runtime.InteropServices.RuntimeInformation (4.3.0) - version_in_path: true, restriction: || (== net462) (== net47) (== netcoreapp2.0) (&& (== netstandard2.0) (>= net461)) (&& (== netstandard2.0) (>= netcoreapp2.0))
    System.Runtime.Loader (4.3) - restriction: || (&& (== net462) (< net45) (>= netstandard2.0)) (&& (== net47) (< net45) (>= netstandard2.0)) (== netcoreapp2.0) (== netstandard2.0)
      System.IO (>= 4.3) - restriction: || (&& (== net47) (< net462)) (== netcoreapp2.0) (== netstandard2.0)
      System.Reflection (>= 4.3) - restriction: || (&& (== net47) (< net462)) (== netcoreapp2.0) (== netstandard2.0)
      System.Runtime (>= 4.3) - restriction: || (&& (== net47) (< net462)) (== netcoreapp2.0) (== netstandard2.0)
    System.Runtime.Numerics (4.3)
      System.Globalization (>= 4.3) - restriction: || (&& (== net462) (< net45)) (&& (== net462) (< portable-net45+win8+wpa81)) (&& (== net47) (< net45)) (&& (== net47) (< portable-net45+win8+wpa81)) (== netcoreapp2.0) (== netstandard2.0)
      System.Resources.ResourceManager (>= 4.3) - restriction: || (&& (== net462) (< net45)) (&& (== net462) (< portable-net45+win8+wpa81)) (&& (== net47) (< net45)) (&& (== net47) (< portable-net45+win8+wpa81)) (== netcoreapp2.0) (== netstandard2.0)
      System.Runtime (>= 4.3) - restriction: || (&& (== net462) (< net45)) (&& (== net462) (< portable-net45+win8+wpa81)) (&& (== net47) (< net45)) (&& (== net47) (< portable-net45+win8+wpa81)) (== netcoreapp2.0) (== netstandard2.0)
      System.Runtime.Extensions (>= 4.3) - restriction: || (&& (== net462) (< net45)) (&& (== net462) (< portable-net45+win8+wpa81)) (&& (== net47) (< net45)) (&& (== net47) (< portable-net45+win8+wpa81)) (== netcoreapp2.0) (== netstandard2.0)
    System.Runtime.Serialization.Primitives (4.3) - restriction: || (&& (== net462) (>= netcoreapp1.1)) (&& (== net47) (>= netcoreapp1.1)) (== netcoreapp2.0) (&& (== netstandard2.0) (>= net461) (>= netcoreapp1.1)) (&& (== netstandard2.0) (>= netcoreapp2.0))
      System.Resources.ResourceManager (>= 4.3) - restriction: || (&& (== net462) (< net45)) (&& (== net462) (< portable-net45+win8+wp8+wpa81)) (&& (== net47) (< net45)) (&& (== net47) (< portable-net45+win8+wp8+wpa81)) (== netcoreapp2.0) (== netstandard2.0)
      System.Runtime (>= 4.3) - restriction: || (&& (== net462) (< net45)) (&& (== net462) (< portable-net45+win8+wp8+wpa81)) (&& (== net47) (< net45)) (&& (== net47) (< portable-net45+win8+wp8+wpa81)) (== netcoreapp2.0) (== netstandard2.0)
    System.Security.AccessControl (4.4.1) - restriction: || (== net462) (== net47) (== netcoreapp2.0) (&& (== netstandard2.0) (>= net461)) (&& (== netstandard2.0) (>= netcoreapp2.0))
      Microsoft.NETCore.Platforms (>= 2.0) - restriction: || (&& (== net462) (>= netcoreapp2.0)) (&& (== net47) (>= netcoreapp2.0)) (== netcoreapp2.0) (&& (== netstandard2.0) (>= netcoreapp2.0))
      System.Security.Principal.Windows (>= 4.4)
    System.Security.Cryptography.Algorithms (4.3.1)
      Microsoft.NETCore.Platforms (>= 1.1) - restriction: || (&& (== net462) (< net46) (>= netstandard1.6)) (&& (== net462) (< netstandard1.3)) (&& (== net47) (< net46) (>= netstandard1.6)) (&& (== net47) (< netstandard1.3)) (== netcoreapp2.0) (== netstandard2.0)
      runtime.native.System.Security.Cryptography.Apple (>= 4.3.1) - restriction: || (&& (== net462) (< net46) (>= netstandard1.6)) (&& (== net47) (< net46) (>= netstandard1.6)) (== netcoreapp2.0) (== netstandard2.0)
      runtime.native.System.Security.Cryptography.OpenSsl (>= 4.3.2) - restriction: || (&& (== net462) (< net46) (>= netstandard1.6)) (&& (== net47) (< net46) (>= netstandard1.6)) (== netcoreapp2.0) (== netstandard2.0)
      System.Collections (>= 4.3) - restriction: || (&& (== net462) (< net46) (>= netstandard1.6)) (&& (== net47) (< net46) (>= netstandard1.6)) (== netcoreapp2.0) (== netstandard2.0)
      System.IO (>= 4.3) - restriction: || (&& (== net462) (< net46)) (&& (== net462) (>= net463)) (&& (== net462) (< netstandard1.3)) (== net47) (== netcoreapp2.0) (== netstandard2.0)
      System.Resources.ResourceManager (>= 4.3) - restriction: || (&& (== net462) (< net46) (>= netstandard1.6)) (&& (== net462) (< netstandard1.3)) (&& (== net47) (< net46) (>= netstandard1.6)) (&& (== net47) (< netstandard1.3)) (== netcoreapp2.0) (== netstandard2.0)
      System.Runtime (>= 4.3) - restriction: || (&& (== net462) (< net46)) (&& (== net462) (>= net463)) (&& (== net462) (< netstandard1.3)) (== net47) (== netcoreapp2.0) (== netstandard2.0)
      System.Runtime.Extensions (>= 4.3) - restriction: || (&& (== net462) (< net46) (>= netstandard1.6)) (&& (== net462) (< netstandard1.3)) (&& (== net47) (< net46) (>= netstandard1.6)) (&& (== net47) (< netstandard1.3)) (== netcoreapp2.0) (== netstandard2.0)
      System.Runtime.Handles (>= 4.3) - restriction: || (&& (== net462) (< net46) (>= netstandard1.6)) (&& (== net462) (< netstandard1.3)) (&& (== net47) (< net46) (>= netstandard1.6)) (&& (== net47) (< netstandard1.3)) (== netcoreapp2.0) (== netstandard2.0)
      System.Runtime.InteropServices (>= 4.3) - restriction: || (&& (== net462) (< net46) (>= netstandard1.6)) (&& (== net462) (< netstandard1.3)) (&& (== net47) (< net46) (>= netstandard1.6)) (&& (== net47) (< netstandard1.3)) (== netcoreapp2.0) (== netstandard2.0)
      System.Runtime.Numerics (>= 4.3) - restriction: || (&& (== net462) (< net46) (>= netstandard1.6)) (&& (== net47) (< net46) (>= netstandard1.6)) (== netcoreapp2.0) (== netstandard2.0)
      System.Security.Cryptography.Encoding (>= 4.3) - restriction: || (&& (== net462) (< net46) (>= netstandard1.6)) (&& (== net462) (>= net463)) (&& (== net462) (< netstandard1.3)) (== net47) (== netcoreapp2.0) (== netstandard2.0)
      System.Security.Cryptography.Primitives (>= 4.3)
      System.Text.Encoding (>= 4.3) - restriction: || (&& (== net462) (< net46) (>= netstandard1.6)) (&& (== net462) (< netstandard1.3)) (&& (== net47) (< net46) (>= netstandard1.6)) (&& (== net47) (< netstandard1.3)) (== netcoreapp2.0) (== netstandard2.0)
    System.Security.Cryptography.Encoding (4.3)
      Microsoft.NETCore.Platforms (>= 1.1) - restriction: || (&& (== net462) (< net46)) (&& (== net47) (< net46)) (== netcoreapp2.0) (== netstandard2.0)
      runtime.native.System.Security.Cryptography.OpenSsl (>= 4.3) - restriction: || (&& (== net462) (< net46)) (&& (== net47) (< net46)) (== netcoreapp2.0) (== netstandard2.0)
      System.Collections (>= 4.3) - restriction: || (&& (== net462) (< net46)) (&& (== net47) (< net46)) (== netcoreapp2.0) (== netstandard2.0)
      System.Collections.Concurrent (>= 4.3) - restriction: || (&& (== net462) (< net46)) (&& (== net47) (< net46)) (== netcoreapp2.0) (== netstandard2.0)
      System.Linq (>= 4.3) - restriction: || (&& (== net462) (< net46)) (&& (== net47) (< net46)) (== netcoreapp2.0) (== netstandard2.0)
      System.Resources.ResourceManager (>= 4.3) - restriction: || (&& (== net462) (< net46)) (&& (== net47) (< net46)) (== netcoreapp2.0) (== netstandard2.0)
      System.Runtime (>= 4.3) - restriction: || (&& (== net462) (< net46)) (&& (== net47) (< net46)) (== netcoreapp2.0) (== netstandard2.0)
      System.Runtime.Extensions (>= 4.3) - restriction: || (&& (== net462) (< net46)) (&& (== net47) (< net46)) (== netcoreapp2.0) (== netstandard2.0)
      System.Runtime.Handles (>= 4.3) - restriction: || (&& (== net462) (< net46)) (&& (== net47) (< net46)) (== netcoreapp2.0) (== netstandard2.0)
      System.Runtime.InteropServices (>= 4.3) - restriction: || (&& (== net462) (< net46)) (&& (== net47) (< net46)) (== netcoreapp2.0) (== netstandard2.0)
      System.Security.Cryptography.Primitives (>= 4.3) - restriction: || (&& (== net462) (< net46)) (&& (== net47) (< net46)) (== netcoreapp2.0) (== netstandard2.0)
      System.Text.Encoding (>= 4.3) - restriction: || (&& (== net462) (< net46)) (&& (== net47) (< net46)) (== netcoreapp2.0) (== netstandard2.0)
    System.Security.Cryptography.Primitives (4.3) - restriction: || (&& (== net462) (< net45) (>= netstandard2.0)) (&& (== net47) (< net45) (>= netstandard2.0)) (== netcoreapp2.0) (== netstandard2.0)
      System.Diagnostics.Debug (>= 4.3) - restriction: || (&& (== net462) (< net46)) (&& (== net47) (< net46)) (== netcoreapp2.0) (== netstandard2.0)
      System.Globalization (>= 4.3) - restriction: || (&& (== net462) (< net46)) (&& (== net47) (< net46)) (== netcoreapp2.0) (== netstandard2.0)
      System.IO (>= 4.3) - restriction: || (&& (== net462) (< net46)) (&& (== net47) (< net46)) (== netcoreapp2.0) (== netstandard2.0)
      System.Resources.ResourceManager (>= 4.3) - restriction: || (&& (== net462) (< net46)) (&& (== net47) (< net46)) (== netcoreapp2.0) (== netstandard2.0)
      System.Runtime (>= 4.3) - restriction: || (&& (== net462) (< net46)) (&& (== net47) (< net46)) (== netcoreapp2.0) (== netstandard2.0)
      System.Threading (>= 4.3) - restriction: || (&& (== net462) (< net46)) (&& (== net47) (< net46)) (== netcoreapp2.0) (== netstandard2.0)
      System.Threading.Tasks (>= 4.3) - restriction: || (&& (== net462) (< net46)) (&& (== net47) (< net46)) (== netcoreapp2.0) (== netstandard2.0)
    System.Security.Cryptography.ProtectedData (4.4) - restriction: || (&& (== net462) (< net45) (>= netstandard2.0)) (&& (== net462) (>= netcoreapp2.0)) (&& (== net47) (< net45) (>= netstandard2.0)) (&& (== net47) (>= netcoreapp2.0)) (== netcoreapp2.0) (== netstandard2.0)
    System.Security.Cryptography.X509Certificates (4.3.2) - restriction: || (== net462) (== net47) (&& (== netcoreapp2.0) (>= net46)) (&& (== netstandard2.0) (>= net46) (>= netcoreapp2.0)) (&& (== netstandard2.0) (>= net461))
      System.Security.Cryptography.Algorithms (>= 4.3)
      System.Security.Cryptography.Encoding (>= 4.3)
    System.Security.Principal.Windows (4.4.1) - restriction: || (== net462) (== net47) (== netcoreapp2.0) (&& (== netstandard2.0) (>= net461)) (&& (== netstandard2.0) (>= netcoreapp2.0))
      Microsoft.NETCore.Platforms (>= 2.0) - restriction: || (&& (== net462) (>= netcoreapp2.0)) (&& (== net47) (>= netcoreapp2.0)) (== netcoreapp2.0) (&& (== netstandard2.0) (>= netcoreapp2.0))
    System.Text.Encoding (4.3)
      Microsoft.NETCore.Platforms (>= 1.1) - restriction: || (&& (== net462) (< net45)) (&& (== net462) (< portable-net45+win8+wp8+wpa81)) (&& (== net47) (< net45)) (&& (== net47) (< portable-net45+win8+wp8+wpa81)) (== netcoreapp2.0) (== netstandard2.0)
      Microsoft.NETCore.Targets (>= 1.1) - restriction: || (&& (== net462) (< net45)) (&& (== net462) (< portable-net45+win8+wp8+wpa81)) (&& (== net47) (< net45)) (&& (== net47) (< portable-net45+win8+wp8+wpa81)) (== netcoreapp2.0) (== netstandard2.0)
      System.Runtime (>= 4.3) - restriction: || (&& (== net462) (< net45)) (&& (== net462) (< portable-net45+win8+wp8+wpa81)) (&& (== net47) (< net45)) (&& (== net47) (< portable-net45+win8+wp8+wpa81)) (== netcoreapp2.0) (== netstandard2.0)
    System.Text.Encoding.CodePages (4.4)
      Microsoft.NETCore.Platforms (>= 2.0) - restriction: || (&& (== net462) (>= netcoreapp2.0)) (&& (== net47) (>= netcoreapp2.0)) (== netcoreapp2.0) (&& (== netstandard2.0) (>= netcoreapp2.0))
    System.Text.Encoding.Extensions (4.3)
      Microsoft.NETCore.Platforms (>= 1.1) - restriction: || (&& (== net462) (< net45)) (&& (== net462) (< portable-net45+win8+wp8+wpa81)) (&& (== net47) (< net45)) (&& (== net47) (< portable-net45+win8+wp8+wpa81)) (== netcoreapp2.0) (== netstandard2.0)
      Microsoft.NETCore.Targets (>= 1.1) - restriction: || (&& (== net462) (< net45)) (&& (== net462) (< portable-net45+win8+wp8+wpa81)) (&& (== net47) (< net45)) (&& (== net47) (< portable-net45+win8+wp8+wpa81)) (== netcoreapp2.0) (== netstandard2.0)
      System.Runtime (>= 4.3) - restriction: || (&& (== net462) (< net45)) (&& (== net462) (< portable-net45+win8+wp8+wpa81)) (&& (== net47) (< net45)) (&& (== net47) (< portable-net45+win8+wp8+wpa81)) (== netcoreapp2.0) (== netstandard2.0)
      System.Text.Encoding (>= 4.3) - restriction: || (&& (== net462) (< net45)) (&& (== net462) (< portable-net45+win8+wp8+wpa81)) (&& (== net47) (< net45)) (&& (== net47) (< portable-net45+win8+wp8+wpa81)) (== netcoreapp2.0) (== netstandard2.0)
    System.Text.RegularExpressions (4.3) - restriction: || (&& (== net462) (== netstandard2.0)) (&& (== net462) (< net45)) (&& (== net462) (< portable-net45+win8+wp8+wpa81)) (&& (== net47) (== netstandard2.0)) (&& (== net47) (< net45)) (&& (== net47) (< portable-net45+win8+wp8+wpa81)) (== netcoreapp2.0) (&& (== netstandard2.0) (>= net461)) (&& (== netstandard2.0) (>= netcoreapp2.0))
      System.Runtime (>= 4.3) - restriction: || (&& (== net462) (< net45)) (&& (== net462) (>= netcoreapp1.1)) (&& (== net462) (< portable-net45+win8+wp8+wpa81)) (&& (== net47) (< net45)) (&& (== net47) (>= netcoreapp1.1)) (&& (== net47) (< portable-net45+win8+wp8+wpa81)) (== netcoreapp2.0) (== netstandard2.0)
    System.Threading (4.3)
      System.Runtime (>= 4.3) - restriction: || (&& (== net462) (< net45)) (&& (== net462) (< portable-net45+win8+wp8+wpa81)) (&& (== net47) (< net45)) (&& (== net47) (< portable-net45+win8+wp8+wpa81)) (== netcoreapp2.0) (== netstandard2.0)
      System.Threading.Tasks (>= 4.3) - restriction: || (&& (== net462) (< net45)) (&& (== net462) (< portable-net45+win8+wp8+wpa81)) (&& (== net47) (< net45)) (&& (== net47) (< portable-net45+win8+wp8+wpa81)) (== netcoreapp2.0) (== netstandard2.0)
    System.Threading.Tasks (4.3)
    System.Threading.Tasks.Extensions (4.4) - restriction: || (== net462) (== net47) (== netcoreapp2.0) (&& (== netstandard2.0) (>= net461)) (&& (== netstandard2.0) (>= netcoreapp2.0))
      System.Collections (>= 4.3) - restriction: || (== net462) (== net47) (&& (== netcoreapp2.0) (< netstandard2.0))
      System.Runtime (>= 4.3) - restriction: || (== net462) (== net47) (&& (== netcoreapp2.0) (< netstandard2.0))
      System.Threading.Tasks (>= 4.3) - restriction: || (== net462) (== net47) (&& (== netcoreapp2.0) (< netstandard2.0))
    System.Threading.Tasks.Parallel (4.3) - restriction: || (== net462) (== net47) (&& (== netcoreapp2.0) (>= net46)) (&& (== netstandard2.0) (>= net46) (>= netcoreapp2.0)) (&& (== netstandard2.0) (>= net461))
    System.Threading.Thread (4.3)
      System.Runtime (>= 4.3) - restriction: || (&& (== net462) (< net46)) (&& (== net47) (< net46)) (== netcoreapp2.0) (== netstandard2.0)
    System.Threading.ThreadPool (4.3) - restriction: || (&& (== net462) (< net45) (>= netstandard2.0)) (&& (== net47) (< net45) (>= netstandard2.0)) (== netcoreapp2.0) (== netstandard2.0)
      System.Runtime (>= 4.3) - restriction: || (&& (== net462) (< net46)) (&& (== net47) (< net46)) (== netcoreapp2.0) (== netstandard2.0)
      System.Runtime.Handles (>= 4.3) - restriction: || (&& (== net462) (< net46)) (&& (== net47) (< net46)) (== netcoreapp2.0) (== netstandard2.0)
    System.ValueTuple (4.4)
    System.Xml.ReaderWriter (4.3.1) - restriction: || (== net462) (== net47) (== netcoreapp2.0) (&& (== netstandard2.0) (>= net461)) (&& (== netstandard2.0) (>= netcoreapp2.0))
      System.Collections (>= 4.3) - restriction: || (&& (== net462) (< net45)) (&& (== net462) (< portable-net45+win8+wp8+wpa81)) (&& (== net47) (< net45)) (&& (== net47) (< portable-net45+win8+wp8+wpa81)) (== netcoreapp2.0) (== netstandard2.0)
      System.Diagnostics.Debug (>= 4.3) - restriction: || (&& (== net462) (< net45)) (&& (== net462) (< portable-net45+win8+wp8+wpa81)) (&& (== net47) (< net45)) (&& (== net47) (< portable-net45+win8+wp8+wpa81)) (== netcoreapp2.0) (== netstandard2.0)
      System.Globalization (>= 4.3) - restriction: || (&& (== net462) (< net45)) (&& (== net462) (< portable-net45+win8+wp8+wpa81)) (&& (== net47) (< net45)) (&& (== net47) (< portable-net45+win8+wp8+wpa81)) (== netcoreapp2.0) (== netstandard2.0)
      System.IO (>= 4.3) - restriction: || (&& (== net462) (< net45)) (&& (== net462) (< portable-net45+win8+wp8+wpa81)) (&& (== net47) (< net45)) (&& (== net47) (< portable-net45+win8+wp8+wpa81)) (== netcoreapp2.0) (== netstandard2.0)
      System.IO.FileSystem (>= 4.3) - restriction: || (&& (== net462) (< net45)) (&& (== net462) (< portable-net45+win8+wp8+wpa81)) (&& (== net47) (< net45)) (&& (== net47) (< portable-net45+win8+wp8+wpa81)) (== netcoreapp2.0) (== netstandard2.0)
      System.IO.FileSystem.Primitives (>= 4.3) - restriction: || (&& (== net462) (< net45)) (&& (== net462) (< portable-net45+win8+wp8+wpa81)) (&& (== net47) (< net45)) (&& (== net47) (< portable-net45+win8+wp8+wpa81)) (== netcoreapp2.0) (== netstandard2.0)
      System.Resources.ResourceManager (>= 4.3) - restriction: || (&& (== net462) (< net45)) (&& (== net462) (< portable-net45+win8+wp8+wpa81)) (&& (== net47) (< net45)) (&& (== net47) (< portable-net45+win8+wp8+wpa81)) (== netcoreapp2.0) (== netstandard2.0)
      System.Runtime (>= 4.3) - restriction: || (&& (== net462) (< net45)) (&& (== net462) (< portable-net45+win8+wp8+wpa81)) (&& (== net47) (< net45)) (&& (== net47) (< portable-net45+win8+wp8+wpa81)) (== netcoreapp2.0) (== netstandard2.0)
      System.Runtime.Extensions (>= 4.3) - restriction: || (&& (== net462) (< net45)) (&& (== net462) (< portable-net45+win8+wp8+wpa81)) (&& (== net47) (< net45)) (&& (== net47) (< portable-net45+win8+wp8+wpa81)) (== netcoreapp2.0) (== netstandard2.0)
      System.Runtime.InteropServices (>= 4.3) - restriction: || (&& (== net462) (< net45)) (&& (== net462) (< portable-net45+win8+wp8+wpa81)) (&& (== net47) (< net45)) (&& (== net47) (< portable-net45+win8+wp8+wpa81)) (== netcoreapp2.0) (== netstandard2.0)
      System.Text.Encoding (>= 4.3) - restriction: || (&& (== net462) (< net45)) (&& (== net462) (< portable-net45+win8+wp8+wpa81)) (&& (== net47) (< net45)) (&& (== net47) (< portable-net45+win8+wp8+wpa81)) (== netcoreapp2.0) (== netstandard2.0)
      System.Text.Encoding.Extensions (>= 4.3) - restriction: || (&& (== net462) (< net45)) (&& (== net462) (< portable-net45+win8+wp8+wpa81)) (&& (== net47) (< net45)) (&& (== net47) (< portable-net45+win8+wp8+wpa81)) (== netcoreapp2.0) (== netstandard2.0)
      System.Text.RegularExpressions (>= 4.3) - restriction: || (&& (== net462) (< net45)) (&& (== net462) (< portable-net45+win8+wp8+wpa81)) (&& (== net47) (< net45)) (&& (== net47) (< portable-net45+win8+wp8+wpa81)) (== netcoreapp2.0) (== netstandard2.0)
      System.Threading.Tasks (>= 4.3) - restriction: || (&& (== net462) (< net45)) (&& (== net462) (< portable-net45+win8+wp8+wpa81)) (&& (== net47) (< net45)) (&& (== net47) (< portable-net45+win8+wp8+wpa81)) (== netcoreapp2.0) (== netstandard2.0)
      System.Threading.Tasks.Extensions (>= 4.3) - restriction: || (&& (== net462) (< net45)) (&& (== net462) (< portable-net45+win8+wp8+wpa81)) (&& (== net47) (< net45)) (&& (== net47) (< portable-net45+win8+wp8+wpa81)) (== netcoreapp2.0) (== netstandard2.0)
    System.Xml.XDocument (4.3) - restriction: || (== net462) (== net47) (&& (== netcoreapp2.0) (>= net46)) (&& (== netstandard2.0) (>= net46) (>= netcoreapp2.0)) (&& (== netstandard2.0) (>= net461))
    System.Xml.XmlDocument (4.3) - restriction: || (== net462) (== net47) (== netcoreapp2.0) (&& (== netstandard2.0) (>= net461)) (&& (== netstandard2.0) (>= netcoreapp2.0))
      System.Collections (>= 4.3) - restriction: || (&& (== net462) (< net46)) (&& (== net47) (< net46)) (== netcoreapp2.0) (== netstandard2.0)
      System.Diagnostics.Debug (>= 4.3) - restriction: || (&& (== net462) (< net46)) (&& (== net47) (< net46)) (== netcoreapp2.0) (== netstandard2.0)
      System.Globalization (>= 4.3) - restriction: || (&& (== net462) (< net46)) (&& (== net47) (< net46)) (== netcoreapp2.0) (== netstandard2.0)
      System.IO (>= 4.3) - restriction: || (&& (== net462) (< net46)) (&& (== net47) (< net46)) (== netcoreapp2.0) (== netstandard2.0)
      System.Resources.ResourceManager (>= 4.3) - restriction: || (&& (== net462) (< net46)) (&& (== net47) (< net46)) (== netcoreapp2.0) (== netstandard2.0)
      System.Runtime (>= 4.3) - restriction: || (&& (== net462) (< net46)) (&& (== net47) (< net46)) (== netcoreapp2.0) (== netstandard2.0)
      System.Runtime.Extensions (>= 4.3) - restriction: || (&& (== net462) (< net46)) (&& (== net47) (< net46)) (== netcoreapp2.0) (== netstandard2.0)
      System.Text.Encoding (>= 4.3) - restriction: || (&& (== net462) (< net46)) (&& (== net47) (< net46)) (== netcoreapp2.0) (== netstandard2.0)
      System.Threading (>= 4.3) - restriction: || (&& (== net462) (< net46)) (&& (== net47) (< net46)) (== netcoreapp2.0) (== netstandard2.0)
      System.Xml.ReaderWriter (>= 4.3) - restriction: || (&& (== net462) (< net46)) (&& (== net47) (< net46)) (== netcoreapp2.0) (== netstandard2.0)
    System.Xml.XmlSerializer (4.3) - restriction: || (== net462) (== net47) (== netcoreapp2.0) (&& (== netstandard2.0) (>= net461)) (&& (== netstandard2.0) (>= netcoreapp2.0))
      System.Collections (>= 4.3) - restriction: || (&& (== net462) (< net45)) (&& (== net462) (< portable-net45+win8+wp8+wpa81)) (&& (== net47) (< net45)) (&& (== net47) (< portable-net45+win8+wp8+wpa81)) (== netcoreapp2.0) (== netstandard2.0)
      System.Globalization (>= 4.3) - restriction: || (&& (== net462) (< net45)) (&& (== net462) (< portable-net45+win8+wp8+wpa81)) (&& (== net47) (< net45)) (&& (== net47) (< portable-net45+win8+wp8+wpa81)) (== netcoreapp2.0) (== netstandard2.0)
      System.IO (>= 4.3) - restriction: || (&& (== net462) (< net45)) (&& (== net462) (< portable-net45+win8+wp8+wpa81)) (&& (== net47) (< net45)) (&& (== net47) (< portable-net45+win8+wp8+wpa81)) (== netcoreapp2.0) (== netstandard2.0)
      System.Linq (>= 4.3) - restriction: || (&& (== net462) (< net45)) (&& (== net462) (< portable-net45+win8+wp8+wpa81)) (&& (== net47) (< net45)) (&& (== net47) (< portable-net45+win8+wp8+wpa81)) (== netcoreapp2.0) (== netstandard2.0)
      System.Reflection (>= 4.3) - restriction: || (&& (== net462) (< net45)) (&& (== net462) (< portable-net45+win8+wp8+wpa81)) (&& (== net47) (< net45)) (&& (== net47) (< portable-net45+win8+wp8+wpa81)) (== netcoreapp2.0) (== netstandard2.0)
      System.Reflection.Emit (>= 4.3) - restriction: || (&& (== net462) (< net45)) (&& (== net462) (< portable-net45+win8+wp8+wpa81)) (&& (== net47) (< net45)) (&& (== net47) (< portable-net45+win8+wp8+wpa81)) (== netcoreapp2.0) (== netstandard2.0)
      System.Reflection.Emit.ILGeneration (>= 4.3) - restriction: || (&& (== net462) (< net45)) (&& (== net462) (< portable-net45+win8+wp8+wpa81)) (&& (== net47) (< net45)) (&& (== net47) (< portable-net45+win8+wp8+wpa81)) (== netcoreapp2.0) (== netstandard2.0)
      System.Reflection.Extensions (>= 4.3) - restriction: || (&& (== net462) (< net45)) (&& (== net462) (< portable-net45+win8+wp8+wpa81)) (&& (== net47) (< net45)) (&& (== net47) (< portable-net45+win8+wp8+wpa81)) (== netcoreapp2.0) (== netstandard2.0)
      System.Reflection.Primitives (>= 4.3) - restriction: || (&& (== net462) (< net45)) (&& (== net462) (< portable-net45+win8+wp8+wpa81)) (&& (== net47) (< net45)) (&& (== net47) (< portable-net45+win8+wp8+wpa81)) (== netcoreapp2.0) (== netstandard2.0)
      System.Reflection.TypeExtensions (>= 4.3) - restriction: || (&& (== net462) (< net45)) (&& (== net462) (< portable-net45+win8+wp8+wpa81)) (&& (== net47) (< net45)) (&& (== net47) (< portable-net45+win8+wp8+wpa81)) (== netcoreapp2.0) (== netstandard2.0)
      System.Resources.ResourceManager (>= 4.3) - restriction: || (&& (== net462) (< net45)) (&& (== net462) (< portable-net45+win8+wp8+wpa81)) (&& (== net47) (< net45)) (&& (== net47) (< portable-net45+win8+wp8+wpa81)) (== netcoreapp2.0) (== netstandard2.0)
      System.Runtime (>= 4.3) - restriction: || (&& (== net462) (< net45)) (&& (== net462) (< portable-net45+win8+wp8+wpa81)) (&& (== net47) (< net45)) (&& (== net47) (< portable-net45+win8+wp8+wpa81)) (== netcoreapp2.0) (== netstandard2.0)
      System.Runtime.Extensions (>= 4.3) - restriction: || (&& (== net462) (< net45)) (&& (== net462) (< portable-net45+win8+wp8+wpa81)) (&& (== net47) (< net45)) (&& (== net47) (< portable-net45+win8+wp8+wpa81)) (== netcoreapp2.0) (== netstandard2.0)
      System.Text.RegularExpressions (>= 4.3) - restriction: || (&& (== net462) (< net45)) (&& (== net462) (< portable-net45+win8+wp8+wpa81)) (&& (== net47) (< net45)) (&& (== net47) (< portable-net45+win8+wp8+wpa81)) (== netcoreapp2.0) (== netstandard2.0)
      System.Threading (>= 4.3) - restriction: || (&& (== net462) (< net45)) (&& (== net462) (< portable-net45+win8+wp8+wpa81)) (&& (== net47) (< net45)) (&& (== net47) (< portable-net45+win8+wp8+wpa81)) (== netcoreapp2.0) (== netstandard2.0)
      System.Xml.ReaderWriter (>= 4.3) - restriction: || (&& (== net462) (< net45)) (&& (== net462) (< portable-net45+win8+wp8+wpa81)) (&& (== net47) (< net45)) (&& (== net47) (< portable-net45+win8+wp8+wpa81)) (== netcoreapp2.0) (== netstandard2.0)
      System.Xml.XmlDocument (>= 4.3) - restriction: || (&& (== net462) (< net45)) (&& (== net462) (< portable-net45+win8+wp8+wpa81)) (&& (== net47) (< net45)) (&& (== net47) (< portable-net45+win8+wp8+wpa81)) (== netcoreapp2.0) (== netstandard2.0)
    System.Xml.XPath (4.3) - restriction: || (== net462) (== net47) (== netcoreapp2.0) (&& (== netstandard2.0) (>= net461)) (&& (== netstandard2.0) (>= netcoreapp2.0))
      System.Collections (>= 4.3) - restriction: || (&& (== net462) (< net46)) (&& (== net47) (< net46)) (== netcoreapp2.0) (== netstandard2.0)
      System.Diagnostics.Debug (>= 4.3) - restriction: || (&& (== net462) (< net46)) (&& (== net47) (< net46)) (== netcoreapp2.0) (== netstandard2.0)
      System.Globalization (>= 4.3) - restriction: || (&& (== net462) (< net46)) (&& (== net47) (< net46)) (== netcoreapp2.0) (== netstandard2.0)
      System.IO (>= 4.3) - restriction: || (&& (== net462) (< net46)) (&& (== net47) (< net46)) (== netcoreapp2.0) (== netstandard2.0)
      System.Resources.ResourceManager (>= 4.3) - restriction: || (&& (== net462) (< net46)) (&& (== net47) (< net46)) (== netcoreapp2.0) (== netstandard2.0)
      System.Runtime (>= 4.3) - restriction: || (&& (== net462) (< net46)) (&& (== net47) (< net46)) (== netcoreapp2.0) (== netstandard2.0)
      System.Runtime.Extensions (>= 4.3) - restriction: || (&& (== net462) (< net46)) (&& (== net47) (< net46)) (== netcoreapp2.0) (== netstandard2.0)
      System.Threading (>= 4.3) - restriction: || (&& (== net462) (< net46)) (&& (== net47) (< net46)) (== netcoreapp2.0) (== netstandard2.0)
      System.Xml.ReaderWriter (>= 4.3) - restriction: || (&& (== net462) (< net46)) (&& (== net47) (< net46)) (== netcoreapp2.0) (== netstandard2.0)
    System.Xml.XPath.XDocument (4.3) - restriction: || (== net462) (== net47) (&& (== netcoreapp2.0) (>= net46)) (&& (== netstandard2.0) (>= net46) (>= netcoreapp2.0)) (&& (== netstandard2.0) (>= net461))
      System.Xml.XPath (>= 4.3)
    System.Xml.XPath.XmlDocument (4.3) - restriction: || (&& (== net462) (>= netcoreapp1.1)) (&& (== net47) (>= netcoreapp1.1)) (== netcoreapp2.0) (&& (== netstandard2.0) (>= net461) (>= netcoreapp1.1)) (&& (== netstandard2.0) (>= netcoreapp2.0))
      System.Collections (>= 4.3) - restriction: || (&& (== net462) (< net46)) (&& (== net47) (< net46)) (== netcoreapp2.0) (== netstandard2.0)
      System.Globalization (>= 4.3) - restriction: || (&& (== net462) (< net46)) (&& (== net47) (< net46)) (== netcoreapp2.0) (== netstandard2.0)
      System.IO (>= 4.3) - restriction: || (&& (== net462) (< net46)) (&& (== net47) (< net46)) (== netcoreapp2.0) (== netstandard2.0)
      System.Resources.ResourceManager (>= 4.3) - restriction: || (&& (== net462) (< net46)) (&& (== net47) (< net46)) (== netcoreapp2.0) (== netstandard2.0)
      System.Runtime (>= 4.3) - restriction: || (&& (== net462) (< net46)) (&& (== net47) (< net46)) (== netcoreapp2.0) (== netstandard2.0)
      System.Runtime.Extensions (>= 4.3) - restriction: || (&& (== net462) (< net46)) (&& (== net47) (< net46)) (== netcoreapp2.0) (== netstandard2.0)
      System.Threading (>= 4.3) - restriction: || (&& (== net462) (< net46)) (&& (== net47) (< net46)) (== netcoreapp2.0) (== netstandard2.0)
      System.Xml.ReaderWriter (>= 4.3) - restriction: || (&& (== net462) (< net46)) (&& (== net47) (< net46)) (== netcoreapp2.0) (== netstandard2.0)
      System.Xml.XmlDocument (>= 4.3)
      System.Xml.XPath (>= 4.3)
    Validation (2.4.18) - restriction: || (== net462) (== net47) (&& (== netcoreapp2.0) (>= net20)) (&& (== netstandard2.0) (>= net20))
    YamlDotNet (4.3.1)
  remote: https://ci.appveyor.com/nuget/fsharp-formatting
    FSharp.Formatting (3.0.0-beta11)
      FSharp.Compiler.Service (>= 22.0.3 < 23.0)
      Microsoft.AspNet.Razor (>= 3.2.4 < 4.0)
      System.ValueTuple (>= 4.4 < 5.0)
GITHUB
  remote: fsharp/FAKE
    modules/Octokit/Octokit.fsx (896e227b6da98b21001a1e5940df01d442bc7a25)
      Octokit (>= 0.20)
  remote: praeclarum/sqlite-net
    FULLPROJECT (5603ee0c66276e2242f4bd5bf654afb9bfc91db9)
  remote: enovales/SegaAFSTools
    src/SegaAFSTools/AFS.fs (dc0e215cba78565ba2fc3d0bc8af94fbc496e759)