FRAMEWORK: NET452
NUGET
  remote: https://www.nuget.org/api/v2
  specs:
    FAKE (4.23)
    FluentAssertions (4.3.1)
    FsCheck (2.2.5)
      FSharp.Core (>= 3.1.2.5)
    FSharp.Compiler.Service (2.0.0.8)
    FSharp.Core (4.0.0.1)
    FSharp.Formatting (2.14)
      FSharp.Compiler.Service (>= 2.0.0.3 < 2.1)
      FSharpVSPowerTools.Core (>= 2.3 < 2.4)
    FSharpVSPowerTools.Core (2.3)
      FSharp.Compiler.Service (>= 2.0.0.3)
    sqlite (3.8.4.2)
      sqlite.redist (>= 3.8.4.2)
    sqlite.redist (3.8.4.2)
    xunit (2.1)
      xunit.assert (2.1)
      xunit.core (2.1)
    xunit.abstractions (2.0)
    xunit.assert (2.1)
    xunit.core (2.1)
      xunit.extensibility.core (2.1)
      xunit.extensibility.execution (2.1)
    xunit.extensibility.core (2.1)
      xunit.abstractions (2.0)
    xunit.extensibility.execution (2.1)
      xunit.extensibility.core (2.1)
    xunit.runner.console (2.1)
    xunit.runner.visualstudio (2.1)
GITHUB
  remote: praeclarum/sqlite-net
  specs:
    FULLPROJECT (e7b8303677a3a0190cc601c091a139b60b464bc1)
  remote: icsharpcode/SharpZipLib
  specs:
    FULLPROJECT (e01215507cf25a5978a0bd850c9e67dbabf515b7)
  remote: gsscoder/commandline
  specs:
    FULLPROJECT (0750d78366617b7deec4a00059f12c8032d0ea30)
      FAKE
      FluentAssertions
      FsCheck
      FSharp.Core
      FSharp.Formatting
      xunit
      xunit.runner.console
      xunit.runner.visualstudio
  remote: gsscoder/CSharpx
  specs:
    src/CSharpx/EnumerableExtensions.cs (1ae4e7b6ac1b19493f333e23c9ae636a01b23862)
    src/CSharpx/Maybe.cs (1ae4e7b6ac1b19493f333e23c9ae636a01b23862)
  remote: gsscoder/railwaysharp
  specs:
    src/RailwaySharp/ErrorHandling.cs (fa4f11173e470d558df80987e69e6ab10f977fcd)
GROUP Build
NUGET
  remote: https://www.nuget.org/api/v2
  specs:
    FAKE (4.23)
    FSharp.Compiler.Service (2.0.0.8)
    FSharp.Formatting (2.14)
      FSharp.Compiler.Service (>= 2.0.0.3 < 2.1)
      FSharpVSPowerTools.Core (>= 2.3 < 2.4)
    FSharpVSPowerTools.Core (2.3)
      FSharp.Compiler.Service (>= 2.0.0.3)
    Microsoft.Bcl (1.1.10) - framework: net10, net11, net20, net30, net35, net40, net40-full
      Microsoft.Bcl.Build (>= 1.0.14)
    Microsoft.Bcl.Build (1.0.21) - import_targets: false, framework: net10, net11, net20, net30, net35, net40, net40-full
    Microsoft.Net.Http (2.2.29) - framework: net10, net11, net20, net30, net35, net40, net40-full
      Microsoft.Bcl (>= 1.1.10)
      Microsoft.Bcl.Build (>= 1.0.14)
    Octokit (0.19)
      Microsoft.Net.Http  - framework: net10, net11, net20, net30, net35, net40, net40-full
    SourceLink.Fake (1.1)
GITHUB
  remote: fsharp/FAKE
  specs:
    modules/Octokit/Octokit.fsx (f2214d09beebe85710527900d46f42d1f2ca77b0)
      Octokit
GROUP Test
NUGET
  remote: https://www.nuget.org/api/v2
  specs:
    NUnit (2.6.4)
    NUnit.Runners (2.6.4)
