FRAMEWORK: NET452
NUGET
  remote: https://www.nuget.org/api/v2
  specs:
    CommandLineParser (1.9.71)
    nunrar (1.0.1)
    OpenXmlPowerTools (4.1.3)
      OpenXMLSDK-MOT (>= 2.6.0.0)
    OpenXMLSDK-MOT (2.6.0)
    sqlite (3.8.4.2)
      sqlite.redist (>= 3.8.4.2)
    sqlite.redist (3.8.4.2)
GITHUB
  remote: praeclarum/sqlite-net
  specs:
    FULLPROJECT (e7b8303677a3a0190cc601c091a139b60b464bc1)
  remote: icsharpcode/SharpZipLib
  specs:
    FULLPROJECT (e01215507cf25a5978a0bd850c9e67dbabf515b7)
GROUP Build
NUGET
  remote: https://www.nuget.org/api/v2
  specs:
    FAKE (4.22.0)
    FSharp.Compiler.Service (2.0.0.6)
    FSharp.Formatting (2.14.0)
      FSharp.Compiler.Service (>= 2.0.0.3 < 2.1.0)
      FSharpVSPowerTools.Core (>= 2.3.0 < 2.4.0)
    FSharpVSPowerTools.Core (2.3.0)
      FSharp.Compiler.Service (>= 2.0.0.3)
    Microsoft.Bcl (1.1.10) - framework: net10, net11, net20, net35, net40, net40
      Microsoft.Bcl.Build (>= 1.0.14)
    Microsoft.Bcl.Build (1.0.21) - import_targets: false, framework: net10, net11, net20, net35, net40, net40
    Microsoft.Net.Http (2.2.29) - framework: net10, net11, net20, net35, net40, net40
      Microsoft.Bcl (>= 1.1.10)
      Microsoft.Bcl.Build (>= 1.0.14)
    Octokit (0.19.0)
      Microsoft.Net.Http
    SourceLink.Fake (1.1.0)
GITHUB
  remote: fsharp/FAKE
  specs:
    modules/Octokit/Octokit.fsx (5bcf8d23e8f29314b31b728b6549e02dbec999b2)
      Octokit
GROUP Test
NUGET
  remote: https://www.nuget.org/api/v2
  specs:
    NUnit (2.6.4)
    NUnit.Runners (2.6.4)
