FRAMEWORK: NET452
NUGET
  remote: https://www.nuget.org/api/v2
    CsvHelper (2.15)
    FSharp.Core (4.0.0.1) - redirects: force
    SQLite (3.12.2)
      SQLite.UWP.Native (>= 3.12.2)
    SQLite.Native (3.12.2)
    SQLite.UWP.Native (3.12.2)
    YamlDotNet (3.9)
GITHUB
  remote: praeclarum/sqlite-net
    FULLPROJECT (bf7acfcf0c97b0c668cbce8c0292d127ae56a252)
  remote: icsharpcode/SharpZipLib
    FULLPROJECT (00c3c9112f132b2b4202000bf5a4b0746881c9e3)
GIT
  remote: https://github.com/gsscoder/commandline.git
     (78848d064202840a942ee177a76434d6849f018a)
      build: build.cmd
      os: windows
GITHUB
  remote: enovales/SegaAFSTools
    src/SegaAFSTools/AFS.fs (dd2d6acc0ffc184029e988b084ee298651129ffc)
GROUP Build
NUGET
  remote: https://www.nuget.org/api/v2
    FAKE (4.29.2)
    FSharp.Compiler.Service (2.0.0.6)
    FSharp.Formatting (2.14.4)
      FSharp.Compiler.Service (2.0.0.6)
      FSharpVSPowerTools.Core (>= 2.3 < 2.4)
    FSharpVSPowerTools.Core (2.3)
      FSharp.Compiler.Service (>= 2.0.0.3)
    Microsoft.Bcl (1.1.10) - framework: net10, net11, net20, net30, net35, net40, net40-full
      Microsoft.Bcl.Build (>= 1.0.14)
    Microsoft.Bcl.Build (1.0.21) - import_targets: false, framework: net10, net11, net20, net30, net35, net40, net40-full
    Microsoft.Net.Http (2.2.29) - framework: net10, net11, net20, net30, net35, net40, net40-full
      Microsoft.Bcl (>= 1.1.10)
      Microsoft.Bcl.Build (>= 1.0.14)
    Octokit (0.20)
      Microsoft.Net.Http  - framework: net10, net11, net20, net30, net35, net40, net40-full
    SourceLink.Fake (1.1)
GITHUB
  remote: fsharp/FAKE
    modules/Octokit/Octokit.fsx (c063bf415dac7f7d4df4c37fe76badce76cae3c3)
      Octokit
GROUP Test
NUGET
  remote: https://www.nuget.org/api/v2
    NUnit (2.6.4)
    NUnit.Runners (2.6.4)
