RESTRICTION: || (== net471) (== netcoreapp2.1)
NUGET
  remote: https://www.nuget.org/api/v2
    Argu (5.5)
      FSharp.Core (>= 4.0.0.1) - restriction: || (== net471) (&& (== netcoreapp2.1) (>= net45))
      FSharp.Core (>= 4.3.2) - restriction: || (&& (== net471) (< net45)) (== netcoreapp2.1)
      System.Configuration.ConfigurationManager (>= 4.4) - restriction: || (&& (== net471) (< net45)) (== netcoreapp2.1)
    BenchmarkDotNet (0.11.5)
      BenchmarkDotNet.Annotations (>= 0.11.5)
      CommandLineParser (>= 2.4.3)
      Microsoft.CodeAnalysis.CSharp (>= 2.10)
      Microsoft.DotNet.PlatformAbstractions (>= 2.1)
      Microsoft.Win32.Registry (>= 4.5)
      System.Collections.Immutable (>= 1.5)
      System.Diagnostics.FileVersionInfo (>= 4.3)
      System.Management (>= 4.5)
      System.Reflection.Emit (>= 4.3)
      System.Reflection.Emit.Lightweight (>= 4.3)
      System.Reflection.Metadata (>= 1.6)
      System.Runtime.InteropServices.RuntimeInformation (>= 4.3)
      System.Threading.Tasks.Extensions (>= 4.5.2)
      System.ValueTuple (>= 4.5)
      System.Xml.XmlSerializer (>= 4.3)
      System.Xml.XPath.XmlDocument (>= 4.3)
    BenchmarkDotNet.Annotations (0.11.5)
    CommandLineParser (2.6)
    CsvHelper (12.1.2)
      Microsoft.CSharp (>= 4.4) - restriction: || (&& (== net471) (< net45)) (== netcoreapp2.1)
      System.Reflection.TypeExtensions (>= 4.4) - restriction: || (&& (== net471) (< net45)) (== netcoreapp2.1)
      System.ValueTuple (>= 4.4) - restriction: || (== net471) (&& (== netcoreapp2.1) (>= net45))
    DotNetZip (1.13.3)
      System.Security.Permissions (>= 4.5 < 5.0) - restriction: || (&& (== net471) (< net40)) (== netcoreapp2.1)
      System.Text.Encoding.CodePages (>= 4.5 < 5.0) - restriction: || (&& (== net471) (< net40)) (== netcoreapp2.1)
      System.Text.Encoding.Extensions (>= 4.3 < 5.0) - restriction: || (&& (== net471) (< net40)) (== netcoreapp2.1)
    Expecto (8.11)
      FSharp.Core (>= 4.3.4)
      Mono.Cecil (>= 0.10.3)
    Expecto.BenchmarkDotNet (8.11)
      BenchmarkDotNet (>= 0.10.14)
      FSharp.Core (>= 4.3.4)
    Expecto.FsCheck (8.11)
      Expecto (>= 8.11)
      FsCheck (>= 2.13)
    Expecto.VisualStudio.TestAdapter (10.0.2) - version_in_path: true
      Expecto (>= 8.0 < 9.0) - restriction: || (== net471) (&& (== netcoreapp2.1) (>= net461))
      FSharp.Core (>= 4.0 < 5.0) - restriction: || (== net471) (&& (== netcoreapp2.1) (>= net461))
      Microsoft.TestPlatform.ObjectModel (>= 15.0 < 16.0) - restriction: || (== net471) (&& (== netcoreapp2.1) (>= net461))
      Mono.Cecil (>= 0.10 < 0.11) - restriction: || (== net471) (&& (== netcoreapp2.1) (>= net461))
      Newtonsoft.Json (>= 11.0.2 < 12.0) - restriction: || (== net471) (&& (== netcoreapp2.1) (>= net461))
    FAKE (5.16)
    Fake.Core.String (5.16.1)
      FSharp.Core (>= 4.7)
    Fake.IO.FileSystem (5.16.1)
      Fake.Core.String (>= 5.16.1)
      FSharp.Core (>= 4.7)
      System.Diagnostics.FileVersionInfo (>= 4.3)
      System.IO.FileSystem.Watcher (>= 4.3)
    Fake.IO.Zip (5.16.1)
      Fake.Core.String (>= 5.16.1)
      Fake.IO.FileSystem (>= 5.16.1)
      FSharp.Core (>= 4.7)
      System.IO.Compression (>= 4.3)
      System.IO.Compression.ZipFile (>= 4.3)
    FsCheck (2.14)
      FSharp.Core (>= 4.2.3)
    FsGettextUtils (0.2)
    FSharp.Compiler.Service (27.0.1)
      FSharp.Core (>= 4.5.2)
      System.Collections.Immutable (>= 1.5)
      System.Diagnostics.Process (>= 4.1) - restriction: || (&& (== net471) (< net45)) (== netcoreapp2.1)
      System.Diagnostics.TraceSource (>= 4.0) - restriction: || (&& (== net471) (< net45)) (== netcoreapp2.1)
      System.Reflection.Emit (>= 4.3) - restriction: || (&& (== net471) (< net45)) (== netcoreapp2.1)
      System.Reflection.Metadata (>= 1.6)
      System.Reflection.TypeExtensions (>= 4.3) - restriction: || (&& (== net471) (< net45)) (== netcoreapp2.1)
      System.Runtime.Loader (>= 4.0) - restriction: || (&& (== net471) (< net45)) (== netcoreapp2.1)
      System.Security.Cryptography.Algorithms (>= 4.3) - restriction: || (&& (== net471) (< net45)) (== netcoreapp2.1)
      System.ValueTuple (>= 4.4) - restriction: || (== net471) (&& (== netcoreapp2.1) (>= net45))
    FSharp.Core (4.7)
    FSharp.Formatting (3.1)
      FSharp.Compiler.Service (>= 27.0.1 < 28.0)
      Microsoft.AspNet.Razor (>= 3.2.7 < 4.0)
      System.ValueTuple (>= 4.5 < 5.0)
    ini-parser (2.5.2)
    LANGIDMappings (0.2)
    Microsoft.AspNet.Razor (3.2.7)
    Microsoft.CodeAnalysis.Analyzers (2.9.4)
    Microsoft.CodeAnalysis.Common (3.2.1)
      Microsoft.CodeAnalysis.Analyzers (>= 2.9.3)
      System.Collections.Immutable (>= 1.5)
      System.Memory (>= 4.5.2)
      System.Reflection.Metadata (>= 1.6)
      System.Runtime.CompilerServices.Unsafe (>= 4.5.2)
      System.Text.Encoding.CodePages (>= 4.5.1)
      System.Threading.Tasks.Extensions (>= 4.5.2)
    Microsoft.CodeAnalysis.CSharp (3.2.1)
      Microsoft.CodeAnalysis.Common (3.2.1)
    Microsoft.CSharp (4.5) - restriction: || (&& (== net471) (< net45)) (== netcoreapp2.1)
    Microsoft.DotNet.PlatformAbstractions (2.1)
      System.AppContext (>= 4.1) - restriction: || (&& (== net471) (< net45)) (== netcoreapp2.1)
      System.Collections (>= 4.0.11) - restriction: || (&& (== net471) (< net45)) (== netcoreapp2.1)
      System.IO (>= 4.1) - restriction: || (&& (== net471) (< net45)) (== netcoreapp2.1)
      System.IO.FileSystem (>= 4.0.1) - restriction: || (&& (== net471) (< net45)) (== netcoreapp2.1)
      System.Reflection.TypeExtensions (>= 4.1) - restriction: || (&& (== net471) (< net45)) (== netcoreapp2.1)
      System.Runtime.Extensions (>= 4.1) - restriction: || (&& (== net471) (< net45)) (== netcoreapp2.1)
      System.Runtime.InteropServices (>= 4.1) - restriction: || (&& (== net471) (< net45)) (== netcoreapp2.1)
      System.Runtime.InteropServices.RuntimeInformation (>= 4.0)
    Microsoft.NETCore.Platforms (2.2.2) - restriction: || (&& (== net471) (< net45)) (&& (== net471) (>= netcoreapp2.0)) (&& (== net471) (< netstandard1.0)) (&& (== net471) (< netstandard1.3) (>= wpa81)) (&& (== net471) (< netstandard1.5) (>= uap10.0)) (&& (== net471) (< portable-net45+win8+wpa81)) (&& (== net471) (>= uap10.1)) (&& (== net471) (>= wp8)) (== netcoreapp2.1)
    Microsoft.NETCore.Targets (2.1) - restriction: || (&& (== net471) (< net35)) (== netcoreapp2.1)
    Microsoft.TestPlatform.ObjectModel (15.9.2) - version_in_path: true, restriction: || (== net471) (&& (== netcoreapp2.1) (>= net461))
      System.Reflection.Metadata (>= 1.3)
      System.Runtime.InteropServices.RuntimeInformation (>= 4.3) - restriction: || (== net471) (&& (== netcoreapp2.1) (>= net451))
    Microsoft.Win32.Primitives (4.3) - restriction: || (&& (== net471) (< net46)) (== netcoreapp2.1)
      Microsoft.NETCore.Platforms (>= 1.1) - restriction: || (&& (== net471) (< net46)) (== netcoreapp2.1)
      Microsoft.NETCore.Targets (>= 1.1) - restriction: || (&& (== net471) (< net46)) (== netcoreapp2.1)
      System.Runtime (>= 4.3) - restriction: || (&& (== net471) (< net46)) (== netcoreapp2.1)
    Microsoft.Win32.Registry (4.5)
      System.Security.AccessControl (>= 4.5)
      System.Security.Principal.Windows (>= 4.5)
    Microsoft.Win32.SystemEvents (4.5) - restriction: || (&& (== net471) (>= netcoreapp2.0)) (== netcoreapp2.1)
      Microsoft.NETCore.Platforms (>= 2.0) - restriction: || (&& (== net471) (>= netcoreapp2.0)) (== netcoreapp2.1)
    Mono.Cecil (0.10.4)
      System.Collections (>= 4.3) - restriction: || (&& (== net471) (< net35)) (== netcoreapp2.1)
      System.IO.FileSystem (>= 4.3) - restriction: || (&& (== net471) (< net35)) (== netcoreapp2.1)
      System.IO.FileSystem.Primitives (>= 4.3) - restriction: || (&& (== net471) (< net35)) (== netcoreapp2.1)
      System.Reflection (>= 4.3) - restriction: || (&& (== net471) (< net35)) (== netcoreapp2.1)
      System.Runtime.Extensions (>= 4.3) - restriction: || (&& (== net471) (< net35)) (== netcoreapp2.1)
      System.Security.Cryptography.Algorithms (>= 4.3) - restriction: || (&& (== net471) (< net35)) (== netcoreapp2.1)
      System.Security.Cryptography.Csp (>= 4.3) - restriction: || (&& (== net471) (< net35)) (== netcoreapp2.1)
      System.Threading (>= 4.3) - restriction: || (&& (== net471) (< net35)) (== netcoreapp2.1)
    NETStandard.Library (2.0.3)
      Microsoft.NETCore.Platforms (>= 1.1)
    Newtonsoft.Json (11.0.2) - version_in_path: true, restriction: || (== net471) (&& (== netcoreapp2.1) (>= net461))
    Octokit (0.32)
      NETStandard.Library (>= 1.6) - restriction: || (&& (== net471) (< net45)) (== netcoreapp2.1)
    PInvoke.AdvApi32 (0.5.184)
      Microsoft.Win32.Registry (>= 4.5) - restriction: || (&& (== net471) (< net20)) (== netcoreapp2.1)
      NETStandard.Library (>= 1.6.1) - restriction: || (&& (== net471) (< net20)) (== netcoreapp2.1)
      PInvoke.Kernel32 (>= 0.5.184)
      PInvoke.Windows.Core (>= 0.5.184)
      System.Security.AccessControl (>= 4.5) - restriction: || (&& (== net471) (< net20)) (== netcoreapp2.1)
    PInvoke.BCrypt (0.5.184)
      NETStandard.Library (>= 1.6.1) - restriction: || (&& (== net471) (< net20)) (== netcoreapp2.1)
      PInvoke.Kernel32 (>= 0.5.184)
      PInvoke.Windows.Core (>= 0.5.184)
    PInvoke.Crypt32 (0.5.184)
      NETStandard.Library (>= 1.6.1) - restriction: || (&& (== net471) (< net20)) (== netcoreapp2.1)
      PInvoke.AdvApi32 (>= 0.5.184)
      PInvoke.NCrypt (>= 0.5.184)
      PInvoke.Windows.Core (>= 0.5.184)
    PInvoke.DbgHelp (0.5.184)
      NETStandard.Library (>= 1.6.1) - restriction: || (&& (== net471) (< net20)) (== netcoreapp2.1)
      PInvoke.Windows.Core (>= 0.5.184)
    PInvoke.DwmApi (0.5.184)
      PInvoke.UxTheme (>= 0.5.184)
      PInvoke.Windows.Core (>= 0.5.184)
      System.Drawing.Common (>= 4.5) - restriction: || (&& (== net471) (< net20)) (== netcoreapp2.1)
    PInvoke.Gdi32 (0.5.184)
      NETStandard.Library (>= 1.6.1) - restriction: || (&& (== net471) (< net20)) (== netcoreapp2.1)
      PInvoke.User32 (>= 0.5.184)
      PInvoke.Windows.Core (>= 0.5.184)
    PInvoke.Hid (0.5.184)
      NETStandard.Library (>= 1.6.1) - restriction: || (&& (== net471) (< net20)) (== netcoreapp2.1)
      PInvoke.Kernel32 (>= 0.5.184)
      PInvoke.Windows.Core (>= 0.5.184)
    PInvoke.ImageHlp (0.5.184)
      NETStandard.Library (>= 1.6.1) - restriction: || (&& (== net471) (< net20)) (== netcoreapp2.1)
      PInvoke.DbgHelp (>= 0.5.184)
      PInvoke.Windows.Core (>= 0.5.184)
    PInvoke.Kernel32 (0.5.184)
      PInvoke.Windows.Core (>= 0.5.184)
    PInvoke.Magnification (0.5.184)
      NETStandard.Library (>= 1.6.1) - restriction: || (&& (== net471) (< net20)) (== netcoreapp2.1)
      PInvoke.Windows.Core (>= 0.5.184)
    PInvoke.Msi (0.5.184)
      NETStandard.Library (>= 1.6.1) - restriction: || (&& (== net471) (< net20)) (== netcoreapp2.1)
      PInvoke.Windows.Core (>= 0.5.184)
    PInvoke.NCrypt (0.5.184)
      PInvoke.BCrypt (>= 0.5.184)
      PInvoke.Kernel32 (>= 0.5.184)
      PInvoke.Windows.Core (>= 0.5.184)
    PInvoke.NetApi32 (0.5.184)
      NETStandard.Library (>= 1.6.1) - restriction: || (&& (== net471) (< net20)) (== netcoreapp2.1)
      PInvoke.Windows.Core (>= 0.5.184)
    PInvoke.NTDll (0.5.184)
      NETStandard.Library (>= 1.6.1) - restriction: || (&& (== net471) (< net20)) (== netcoreapp2.1)
      PInvoke.Kernel32 (>= 0.5.184)
      PInvoke.Windows.Core (>= 0.5.184)
    PInvoke.Ole32 (0.5.184)
      NETStandard.Library (>= 1.6.1) - restriction: || (&& (== net471) (< net20)) (== netcoreapp2.1)
      PInvoke.Windows.Core (>= 0.5.184)
    PInvoke.Psapi (0.5.184)
      NETStandard.Library (>= 1.6.1) - restriction: || (&& (== net471) (< net20)) (== netcoreapp2.1)
      PInvoke.Kernel32 (>= 0.5.184)
      PInvoke.Windows.Core (>= 0.5.184)
    PInvoke.SetupApi (0.5.184)
      NETStandard.Library (>= 1.6.1) - restriction: || (&& (== net471) (< net20)) (== netcoreapp2.1)
      PInvoke.Kernel32 (>= 0.5.184)
      PInvoke.Windows.Core (>= 0.5.184)
    PInvoke.SHCore (0.5.184)
      NETStandard.Library (>= 1.6.1) - restriction: || (&& (== net471) (< net20)) (== netcoreapp2.1)
      PInvoke.User32 (>= 0.5.184)
      PInvoke.Windows.Core (>= 0.5.184)
      PInvoke.Windows.ShellScalingApi (>= 0.5.184)
    PInvoke.Shell32 (0.5.184)
      NETStandard.Library (>= 1.6.1) - restriction: || (&& (== net471) (< net20)) (== netcoreapp2.1)
      PInvoke.Kernel32 (>= 0.5.184)
      PInvoke.Windows.Core (>= 0.5.184)
    PInvoke.User32 (0.5.184)
      NETStandard.Library (>= 1.6.1) - restriction: || (&& (== net471) (< net20)) (== netcoreapp2.1)
      PInvoke.Kernel32 (>= 0.5.184)
      PInvoke.Windows.Core (>= 0.5.184)
      PInvoke.Windows.ShellScalingApi (>= 0.5.184)
      Validation (>= 2.4.15)
    PInvoke.Userenv (0.5.184)
      NETStandard.Library (>= 1.6.1) - restriction: || (&& (== net471) (< net20)) (== netcoreapp2.1)
      PInvoke.Kernel32 (>= 0.5.184)
      PInvoke.Windows.Core (>= 0.5.184)
    PInvoke.UxTheme (0.5.184)
      NETStandard.Library (>= 1.6.1) - restriction: || (&& (== net471) (< net20)) (== netcoreapp2.1)
      PInvoke.User32 (>= 0.5.184)
      PInvoke.Windows.Core (>= 0.5.184)
    PInvoke.Win32 (0.5.184)
      NETStandard.Library (>= 1.6.1) - restriction: || (&& (== net471) (< net20)) (== netcoreapp2.1)
      PInvoke.AdvApi32 (>= 0.5.184)
      PInvoke.BCrypt (>= 0.5.184)
      PInvoke.Crypt32 (>= 0.5.184)
      PInvoke.DbgHelp (>= 0.5.184)
      PInvoke.DwmApi (>= 0.5.184)
      PInvoke.Gdi32 (>= 0.5.184)
      PInvoke.Hid (>= 0.5.184)
      PInvoke.ImageHlp (>= 0.5.184)
      PInvoke.Kernel32 (>= 0.5.184)
      PInvoke.Magnification (>= 0.5.184)
      PInvoke.Msi (>= 0.5.184)
      PInvoke.NCrypt (>= 0.5.184)
      PInvoke.NetApi32 (>= 0.5.184)
      PInvoke.NTDll (>= 0.5.184)
      PInvoke.Ole32 (>= 0.5.184)
      PInvoke.Psapi (>= 0.5.184)
      PInvoke.SetupApi (>= 0.5.184)
      PInvoke.SHCore (>= 0.5.184)
      PInvoke.Shell32 (>= 0.5.184)
      PInvoke.User32 (>= 0.5.184)
      PInvoke.Userenv (>= 0.5.184)
      PInvoke.UxTheme (>= 0.5.184)
      PInvoke.Windows.Core (>= 0.5.184)
      PInvoke.Windows.ShellScalingApi (>= 0.5.184)
      PInvoke.WtsApi32 (>= 0.5.184)
    PInvoke.Windows.Core (0.5.184)
    PInvoke.Windows.ShellScalingApi (0.5.184)
      NETStandard.Library (>= 1.6.1) - restriction: || (&& (== net471) (< net20)) (== netcoreapp2.1)
      PInvoke.Windows.Core (>= 0.5.184)
    PInvoke.WtsApi32 (0.5.184)
      NETStandard.Library (>= 1.6.1) - restriction: || (&& (== net471) (< net20)) (== netcoreapp2.1)
      PInvoke.Kernel32 (>= 0.5.184)
      PInvoke.Windows.Core (>= 0.5.184)
    runtime.debian.8-x64.runtime.native.System.Security.Cryptography.OpenSsl (4.3.3) - restriction: || (&& (== net471) (< net35)) (== netcoreapp2.1)
    runtime.debian.9-x64.runtime.native.System.Security.Cryptography.OpenSsl (4.3.3) - restriction: || (&& (== net471) (< net35)) (== netcoreapp2.1)
    runtime.fedora.23-x64.runtime.native.System.Security.Cryptography.OpenSsl (4.3.3) - restriction: || (&& (== net471) (< net35)) (== netcoreapp2.1)
    runtime.fedora.24-x64.runtime.native.System.Security.Cryptography.OpenSsl (4.3.3) - restriction: || (&& (== net471) (< net35)) (== netcoreapp2.1)
    runtime.fedora.27-x64.runtime.native.System.Security.Cryptography.OpenSsl (4.3.3) - restriction: || (&& (== net471) (< net35)) (== netcoreapp2.1)
    runtime.fedora.28-x64.runtime.native.System.Security.Cryptography.OpenSsl (4.3.3) - restriction: || (&& (== net471) (< net35)) (== netcoreapp2.1)
    runtime.native.System (4.3.1) - restriction: || (&& (== net471) (< net45)) (== netcoreapp2.1)
      Microsoft.NETCore.Platforms (>= 1.1.1)
      Microsoft.NETCore.Targets (>= 1.1.3)
    runtime.native.System.IO.Compression (4.3.2) - restriction: || (&& (== net471) (< net45)) (&& (== net471) (< portable-net45+win8+wpa81)) (== netcoreapp2.1)
      Microsoft.NETCore.Platforms (>= 1.1.1)
      Microsoft.NETCore.Targets (>= 1.1.3)
    runtime.native.System.Security.Cryptography.Apple (4.3.1) - restriction: || (&& (== net471) (< net35)) (== netcoreapp2.1)
      runtime.osx.10.10-x64.runtime.native.System.Security.Cryptography.Apple (>= 4.3.1)
    runtime.native.System.Security.Cryptography.OpenSsl (4.3.3) - restriction: || (&& (== net471) (< net35)) (== netcoreapp2.1)
      runtime.debian.8-x64.runtime.native.System.Security.Cryptography.OpenSsl (>= 4.3.3)
      runtime.debian.9-x64.runtime.native.System.Security.Cryptography.OpenSsl (>= 4.3.3)
      runtime.fedora.23-x64.runtime.native.System.Security.Cryptography.OpenSsl (>= 4.3.3)
      runtime.fedora.24-x64.runtime.native.System.Security.Cryptography.OpenSsl (>= 4.3.3)
      runtime.fedora.27-x64.runtime.native.System.Security.Cryptography.OpenSsl (>= 4.3.3)
      runtime.fedora.28-x64.runtime.native.System.Security.Cryptography.OpenSsl (>= 4.3.3)
      runtime.opensuse.13.2-x64.runtime.native.System.Security.Cryptography.OpenSsl (>= 4.3.3)
      runtime.opensuse.42.1-x64.runtime.native.System.Security.Cryptography.OpenSsl (>= 4.3.3)
      runtime.opensuse.42.3-x64.runtime.native.System.Security.Cryptography.OpenSsl (>= 4.3.3)
      runtime.osx.10.10-x64.runtime.native.System.Security.Cryptography.OpenSsl (>= 4.3.3)
      runtime.rhel.7-x64.runtime.native.System.Security.Cryptography.OpenSsl (>= 4.3.3)
      runtime.ubuntu.14.04-x64.runtime.native.System.Security.Cryptography.OpenSsl (>= 4.3.3)
      runtime.ubuntu.16.04-x64.runtime.native.System.Security.Cryptography.OpenSsl (>= 4.3.3)
      runtime.ubuntu.16.10-x64.runtime.native.System.Security.Cryptography.OpenSsl (>= 4.3.3)
      runtime.ubuntu.18.04-x64.runtime.native.System.Security.Cryptography.OpenSsl (>= 4.3.3)
    runtime.opensuse.13.2-x64.runtime.native.System.Security.Cryptography.OpenSsl (4.3.3) - restriction: || (&& (== net471) (< net35)) (== netcoreapp2.1)
    runtime.opensuse.42.1-x64.runtime.native.System.Security.Cryptography.OpenSsl (4.3.3) - restriction: || (&& (== net471) (< net35)) (== netcoreapp2.1)
    runtime.opensuse.42.3-x64.runtime.native.System.Security.Cryptography.OpenSsl (4.3.3) - restriction: || (&& (== net471) (< net35)) (== netcoreapp2.1)
    runtime.osx.10.10-x64.runtime.native.System.Security.Cryptography.Apple (4.3.1) - restriction: || (&& (== net471) (< net35)) (== netcoreapp2.1)
    runtime.osx.10.10-x64.runtime.native.System.Security.Cryptography.OpenSsl (4.3.3) - restriction: || (&& (== net471) (< net35)) (== netcoreapp2.1)
    runtime.rhel.7-x64.runtime.native.System.Security.Cryptography.OpenSsl (4.3.3) - restriction: || (&& (== net471) (< net35)) (== netcoreapp2.1)
    runtime.ubuntu.14.04-x64.runtime.native.System.Security.Cryptography.OpenSsl (4.3.3) - restriction: || (&& (== net471) (< net35)) (== netcoreapp2.1)
    runtime.ubuntu.16.04-x64.runtime.native.System.Security.Cryptography.OpenSsl (4.3.3) - restriction: || (&& (== net471) (< net35)) (== netcoreapp2.1)
    runtime.ubuntu.16.10-x64.runtime.native.System.Security.Cryptography.OpenSsl (4.3.3) - restriction: || (&& (== net471) (< net35)) (== netcoreapp2.1)
    runtime.ubuntu.18.04-x64.runtime.native.System.Security.Cryptography.OpenSsl (4.3.3) - restriction: || (&& (== net471) (< net35)) (== netcoreapp2.1)
    SharpCompress (0.24)
      System.Text.Encoding.CodePages (>= 4.5.1) - restriction: || (&& (== net471) (< net35)) (== netcoreapp2.1)
    SQLite (3.13)
    sqlite-net-pcl (1.5.231)
      NETStandard.Library (>= 1.6.1) - restriction: || (&& (== net471) (< net10)) (== netcoreapp2.1)
      SQLitePCLRaw.bundle_green (>= 1.1.11)
    SQLite.Native (3.12.3)
    SQLitePCLRaw.bundle_green (2.0)
      SQLitePCLRaw.core (>= 2.0)
      SQLitePCLRaw.lib.e_sqlite3 (>= 2.0)
      SQLitePCLRaw.provider.dynamic_cdecl (>= 2.0) - restriction: || (== net471) (&& (== netcoreapp2.1) (>= net461)) (&& (== netcoreapp2.1) (>= netcoreapp3.0)) (&& (== netcoreapp2.1) (>= xamarinios))
      SQLitePCLRaw.provider.e_sqlite3 (>= 2.0) - restriction: || (&& (== net471) (< net461)) (== netcoreapp2.1)
    SQLitePCLRaw.core (2.0)
      System.Memory (>= 4.5.3)
    SQLitePCLRaw.lib.e_sqlite3 (2.0)
    SQLitePCLRaw.provider.dynamic_cdecl (2.0) - restriction: || (== net471) (&& (== netcoreapp2.1) (>= net461)) (&& (== netcoreapp2.1) (>= netcoreapp3.0)) (&& (== netcoreapp2.1) (>= xamarinios))
      SQLitePCLRaw.core (>= 2.0)
    SQLitePCLRaw.provider.e_sqlite3 (2.0) - restriction: || (&& (== net471) (< net461)) (== netcoreapp2.1)
      SQLitePCLRaw.core (>= 2.0)
    SQLitePCLRaw.provider.e_sqlite3.netstandard11 (1.1.14)
      NETStandard.Library (>= 1.6)
      SQLitePCLRaw.core (>= 1.1.14)
    System.AppContext (4.3) - restriction: || (&& (== net471) (< net45)) (== netcoreapp2.1)
      System.Runtime (>= 4.3) - restriction: || (&& (== net471) (< net46)) (&& (== net471) (< netstandard1.3)) (== netcoreapp2.1)
    System.Buffers (4.5)
    System.CodeDom (4.5) - restriction: || (&& (== net471) (< net45)) (&& (== net471) (>= netcoreapp2.0)) (== netcoreapp2.1)
    System.Collections (4.3) - restriction: || (&& (== net471) (< net35)) (== netcoreapp2.1)
      Microsoft.NETCore.Platforms (>= 1.1) - restriction: || (&& (== net471) (< net45)) (&& (== net471) (< portable-net45+win8+wp8+wpa81)) (== netcoreapp2.1)
      Microsoft.NETCore.Targets (>= 1.1) - restriction: || (&& (== net471) (< net45)) (&& (== net471) (< portable-net45+win8+wp8+wpa81)) (== netcoreapp2.1)
      System.Runtime (>= 4.3) - restriction: || (&& (== net471) (< net45)) (&& (== net471) (< portable-net45+win8+wp8+wpa81)) (== netcoreapp2.1)
    System.Collections.Concurrent (4.3) - restriction: || (&& (== net471) (< net35)) (== netcoreapp2.1)
      System.Collections (>= 4.3) - restriction: || (&& (== net471) (< net45)) (&& (== net471) (< portable-net45+win8+wpa81)) (== netcoreapp2.1)
      System.Diagnostics.Debug (>= 4.3) - restriction: || (&& (== net471) (< net45)) (&& (== net471) (< portable-net45+win8+wpa81)) (== netcoreapp2.1)
      System.Diagnostics.Tracing (>= 4.3) - restriction: || (&& (== net471) (< net45)) (&& (== net471) (< portable-net45+win8+wpa81)) (== netcoreapp2.1)
      System.Globalization (>= 4.3) - restriction: || (&& (== net471) (< net45)) (&& (== net471) (< portable-net45+win8+wpa81)) (== netcoreapp2.1)
      System.Reflection (>= 4.3) - restriction: || (&& (== net471) (< net45)) (== netcoreapp2.1)
      System.Resources.ResourceManager (>= 4.3) - restriction: || (&& (== net471) (< net45)) (&& (== net471) (< portable-net45+win8+wpa81)) (== netcoreapp2.1)
      System.Runtime (>= 4.3) - restriction: || (&& (== net471) (< net45)) (&& (== net471) (< portable-net45+win8+wpa81)) (== netcoreapp2.1)
      System.Runtime.Extensions (>= 4.3) - restriction: || (&& (== net471) (< net45)) (&& (== net471) (< portable-net45+win8+wpa81)) (== netcoreapp2.1)
      System.Threading (>= 4.3) - restriction: || (&& (== net471) (< net45)) (&& (== net471) (< portable-net45+win8+wpa81)) (== netcoreapp2.1)
      System.Threading.Tasks (>= 4.3) - restriction: || (&& (== net471) (< net45)) (&& (== net471) (< portable-net45+win8+wpa81)) (== netcoreapp2.1)
    System.Collections.Immutable (1.5)
    System.Configuration.ConfigurationManager (4.5) - restriction: || (&& (== net471) (< net45)) (== netcoreapp2.1)
      System.Security.Cryptography.ProtectedData (>= 4.5) - restriction: || (&& (== net471) (< net461)) (== netcoreapp2.1)
      System.Security.Permissions (>= 4.5)
    System.Diagnostics.Debug (4.3) - restriction: || (&& (== net471) (< net45)) (&& (== net471) (< portable-net45+win8+wpa81)) (== netcoreapp2.1)
      Microsoft.NETCore.Platforms (>= 1.1) - restriction: || (&& (== net471) (< net45)) (&& (== net471) (< portable-net45+win8+wp8+wpa81)) (== netcoreapp2.1)
      Microsoft.NETCore.Targets (>= 1.1) - restriction: || (&& (== net471) (< net45)) (&& (== net471) (< portable-net45+win8+wp8+wpa81)) (== netcoreapp2.1)
      System.Runtime (>= 4.3) - restriction: || (&& (== net471) (< net45)) (&& (== net471) (< portable-net45+win8+wp8+wpa81)) (== netcoreapp2.1)
    System.Diagnostics.FileVersionInfo (4.3)
      Microsoft.NETCore.Platforms (>= 1.1) - restriction: || (&& (== net471) (< net46)) (&& (== net471) (< netstandard1.3)) (== netcoreapp2.1)
      System.Globalization (>= 4.3) - restriction: || (&& (== net471) (< net46)) (== netcoreapp2.1)
      System.IO (>= 4.3) - restriction: || (&& (== net471) (< net46)) (&& (== net471) (< netstandard1.3)) (== netcoreapp2.1)
      System.IO.FileSystem (>= 4.3) - restriction: || (&& (== net471) (< net46)) (&& (== net471) (< netstandard1.3)) (== netcoreapp2.1)
      System.IO.FileSystem.Primitives (>= 4.3) - restriction: || (&& (== net471) (< net46)) (&& (== net471) (< netstandard1.3)) (== netcoreapp2.1)
      System.Reflection.Metadata (>= 1.4.1) - restriction: || (&& (== net471) (< net46)) (&& (== net471) (< netstandard1.3)) (== netcoreapp2.1)
      System.Runtime (>= 4.3) - restriction: || (&& (== net471) (< net46)) (&& (== net471) (< netstandard1.3)) (== netcoreapp2.1)
      System.Runtime.Extensions (>= 4.3) - restriction: || (&& (== net471) (< net46)) (&& (== net471) (< netstandard1.3)) (== netcoreapp2.1)
      System.Runtime.InteropServices (>= 4.3) - restriction: || (&& (== net471) (< net46)) (== netcoreapp2.1)
    System.Diagnostics.Process (4.3) - restriction: || (&& (== net471) (< net45)) (== netcoreapp2.1)
      Microsoft.NETCore.Platforms (>= 1.1) - restriction: || (&& (== net471) (< net46)) (== netcoreapp2.1)
      Microsoft.Win32.Primitives (>= 4.3) - restriction: || (&& (== net471) (< net46)) (== netcoreapp2.1)
      Microsoft.Win32.Registry (>= 4.3) - restriction: || (&& (== net471) (< net46)) (== netcoreapp2.1)
      runtime.native.System (>= 4.3) - restriction: || (&& (== net471) (< net46)) (== netcoreapp2.1)
      System.Collections (>= 4.3) - restriction: || (&& (== net471) (< net46)) (== netcoreapp2.1)
      System.Diagnostics.Debug (>= 4.3) - restriction: || (&& (== net471) (< net46)) (== netcoreapp2.1)
      System.Globalization (>= 4.3) - restriction: || (&& (== net471) (< net46)) (== netcoreapp2.1)
      System.IO (>= 4.3) - restriction: || (&& (== net471) (< net46)) (== netcoreapp2.1)
      System.IO.FileSystem (>= 4.3) - restriction: || (&& (== net471) (< net46)) (== netcoreapp2.1)
      System.IO.FileSystem.Primitives (>= 4.3) - restriction: || (&& (== net471) (< net46)) (== netcoreapp2.1)
      System.Resources.ResourceManager (>= 4.3) - restriction: || (&& (== net471) (< net46)) (== netcoreapp2.1)
      System.Runtime (>= 4.3) - restriction: || (&& (== net471) (< net46)) (== netcoreapp2.1)
      System.Runtime.Extensions (>= 4.3) - restriction: || (&& (== net471) (< net46)) (== netcoreapp2.1)
      System.Runtime.Handles (>= 4.3) - restriction: || (&& (== net471) (< net46)) (== netcoreapp2.1)
      System.Runtime.InteropServices (>= 4.3) - restriction: || (&& (== net471) (< net46)) (== netcoreapp2.1)
      System.Text.Encoding (>= 4.3) - restriction: || (&& (== net471) (< net46)) (== netcoreapp2.1)
      System.Text.Encoding.Extensions (>= 4.3) - restriction: || (&& (== net471) (< net46)) (== netcoreapp2.1)
      System.Threading (>= 4.3) - restriction: || (&& (== net471) (< net46)) (== netcoreapp2.1)
      System.Threading.Tasks (>= 4.3) - restriction: || (&& (== net471) (< net46)) (== netcoreapp2.1)
      System.Threading.Thread (>= 4.3) - restriction: || (&& (== net471) (< net46)) (== netcoreapp2.1)
      System.Threading.ThreadPool (>= 4.3) - restriction: || (&& (== net471) (< net46)) (== netcoreapp2.1)
    System.Diagnostics.TraceSource (4.3) - restriction: || (&& (== net471) (< net45)) (== netcoreapp2.1)
      Microsoft.NETCore.Platforms (>= 1.1) - restriction: || (&& (== net471) (< net46)) (== netcoreapp2.1)
      runtime.native.System (>= 4.3) - restriction: || (&& (== net471) (< net46)) (== netcoreapp2.1)
      System.Collections (>= 4.3) - restriction: || (&& (== net471) (< net46)) (== netcoreapp2.1)
      System.Diagnostics.Debug (>= 4.3) - restriction: || (&& (== net471) (< net46)) (== netcoreapp2.1)
      System.Globalization (>= 4.3) - restriction: || (&& (== net471) (< net46)) (== netcoreapp2.1)
      System.Resources.ResourceManager (>= 4.3) - restriction: || (&& (== net471) (< net46)) (== netcoreapp2.1)
      System.Runtime (>= 4.3) - restriction: || (&& (== net471) (< net46)) (== netcoreapp2.1)
      System.Runtime.Extensions (>= 4.3) - restriction: || (&& (== net471) (< net46)) (== netcoreapp2.1)
      System.Threading (>= 4.3) - restriction: || (&& (== net471) (< net46)) (== netcoreapp2.1)
    System.Diagnostics.Tracing (4.3) - restriction: || (&& (== net471) (< net35)) (== netcoreapp2.1)
      Microsoft.NETCore.Platforms (>= 1.1) - restriction: || (&& (== net471) (< net45)) (&& (== net471) (< portable-net45+win8+wpa81)) (== netcoreapp2.1)
      Microsoft.NETCore.Targets (>= 1.1) - restriction: || (&& (== net471) (< net45)) (&& (== net471) (< portable-net45+win8+wpa81)) (== netcoreapp2.1)
      System.Runtime (>= 4.3) - restriction: || (&& (== net471) (< net45)) (&& (== net471) (< portable-net45+win8+wpa81)) (== netcoreapp2.1)
    System.Drawing.Common (4.5.1) - restriction: || (&& (== net471) (< net20)) (== netcoreapp2.1)
      Microsoft.NETCore.Platforms (>= 2.0) - restriction: || (&& (== net471) (>= netcoreapp2.0)) (== netcoreapp2.1)
      Microsoft.Win32.SystemEvents (>= 4.5) - restriction: || (&& (== net471) (>= netcoreapp2.0)) (== netcoreapp2.1)
    System.Globalization (4.3) - restriction: || (&& (== net471) (< net45)) (&& (== net471) (< portable-net45+win8+wp8+wpa81)) (== netcoreapp2.1)
      Microsoft.NETCore.Platforms (>= 1.1) - restriction: || (&& (== net471) (< net45)) (&& (== net471) (< portable-net45+win8+wp8+wpa81)) (== netcoreapp2.1)
      Microsoft.NETCore.Targets (>= 1.1) - restriction: || (&& (== net471) (< net45)) (&& (== net471) (< portable-net45+win8+wp8+wpa81)) (== netcoreapp2.1)
      System.Runtime (>= 4.3) - restriction: || (&& (== net471) (< net45)) (&& (== net471) (< portable-net45+win8+wp8+wpa81)) (== netcoreapp2.1)
    System.IO (4.3) - restriction: || (&& (== net471) (< net45)) (&& (== net471) (< portable-net45+win8+wpa81)) (== netcoreapp2.1)
      Microsoft.NETCore.Platforms (>= 1.1) - restriction: || (&& (== net471) (< net45)) (&& (== net471) (< portable-net45+win8+wp8+wpa81)) (== netcoreapp2.1)
      Microsoft.NETCore.Targets (>= 1.1) - restriction: || (&& (== net471) (< net45)) (&& (== net471) (< portable-net45+win8+wp8+wpa81)) (== netcoreapp2.1)
      System.Runtime (>= 4.3) - restriction: || (&& (== net471) (< net45)) (&& (== net471) (< portable-net45+win8+wp8+wpa81)) (== netcoreapp2.1)
      System.Text.Encoding (>= 4.3) - restriction: || (&& (== net471) (< net45)) (&& (== net471) (< portable-net45+win8+wp8+wpa81)) (== netcoreapp2.1)
      System.Threading.Tasks (>= 4.3) - restriction: || (&& (== net471) (< net45)) (&& (== net471) (< portable-net45+win8+wp8+wpa81)) (== netcoreapp2.1)
    System.IO.Compression (4.3)
      Microsoft.NETCore.Platforms (>= 1.1) - restriction: || (&& (== net471) (< net45)) (== netcoreapp2.1)
      runtime.native.System (>= 4.3) - restriction: || (&& (== net471) (< net45)) (== netcoreapp2.1)
      runtime.native.System.IO.Compression (>= 4.3) - restriction: || (&& (== net471) (< net45)) (&& (== net471) (< portable-net45+win8+wpa81)) (== netcoreapp2.1)
      System.Buffers (>= 4.3) - restriction: || (&& (== net471) (< net45)) (&& (== net471) (< portable-net45+win8+wpa81)) (== netcoreapp2.1)
      System.Collections (>= 4.3) - restriction: || (&& (== net471) (< net45)) (&& (== net471) (< portable-net45+win8+wpa81)) (== netcoreapp2.1)
      System.Diagnostics.Debug (>= 4.3) - restriction: || (&& (== net471) (< net45)) (&& (== net471) (< portable-net45+win8+wpa81)) (== netcoreapp2.1)
      System.IO (>= 4.3) - restriction: || (&& (== net471) (< net45)) (&& (== net471) (< portable-net45+win8+wpa81)) (== netcoreapp2.1)
      System.Resources.ResourceManager (>= 4.3) - restriction: || (&& (== net471) (< net45)) (&& (== net471) (< portable-net45+win8+wpa81)) (== netcoreapp2.1)
      System.Runtime (>= 4.3) - restriction: || (&& (== net471) (< net45)) (&& (== net471) (< portable-net45+win8+wpa81)) (== netcoreapp2.1)
      System.Runtime.Extensions (>= 4.3) - restriction: || (&& (== net471) (< net45)) (&& (== net471) (< portable-net45+win8+wpa81)) (== netcoreapp2.1)
      System.Runtime.Handles (>= 4.3) - restriction: || (&& (== net471) (< net45)) (&& (== net471) (< portable-net45+win8+wpa81)) (== netcoreapp2.1)
      System.Runtime.InteropServices (>= 4.3) - restriction: || (&& (== net471) (< net45)) (&& (== net471) (< portable-net45+win8+wpa81)) (== netcoreapp2.1)
      System.Text.Encoding (>= 4.3) - restriction: || (&& (== net471) (< net45)) (&& (== net471) (< portable-net45+win8+wpa81)) (== netcoreapp2.1)
      System.Threading (>= 4.3) - restriction: || (&& (== net471) (< net45)) (&& (== net471) (< portable-net45+win8+wpa81)) (== netcoreapp2.1)
      System.Threading.Tasks (>= 4.3) - restriction: || (&& (== net471) (< net45)) (&& (== net471) (< portable-net45+win8+wpa81)) (== netcoreapp2.1)
    System.IO.Compression.ZipFile (4.3)
      System.Buffers (>= 4.3) - restriction: || (&& (== net471) (< net46)) (== netcoreapp2.1)
      System.IO (>= 4.3) - restriction: || (&& (== net471) (< net46)) (== netcoreapp2.1)
      System.IO.Compression (>= 4.3) - restriction: || (&& (== net471) (< net46)) (== netcoreapp2.1)
      System.IO.FileSystem (>= 4.3) - restriction: || (&& (== net471) (< net46)) (== netcoreapp2.1)
      System.IO.FileSystem.Primitives (>= 4.3) - restriction: || (&& (== net471) (< net46)) (== netcoreapp2.1)
      System.Resources.ResourceManager (>= 4.3) - restriction: || (&& (== net471) (< net46)) (== netcoreapp2.1)
      System.Runtime (>= 4.3) - restriction: || (&& (== net471) (< net46)) (== netcoreapp2.1)
      System.Runtime.Extensions (>= 4.3) - restriction: || (&& (== net471) (< net46)) (== netcoreapp2.1)
      System.Text.Encoding (>= 4.3) - restriction: || (&& (== net471) (< net46)) (== netcoreapp2.1)
    System.IO.FileSystem (4.3) - restriction: || (&& (== net471) (< net35)) (== netcoreapp2.1)
      Microsoft.NETCore.Platforms (>= 1.1) - restriction: || (&& (== net471) (< net46)) (== netcoreapp2.1)
      Microsoft.NETCore.Targets (>= 1.1) - restriction: || (&& (== net471) (< net46)) (== netcoreapp2.1)
      System.IO (>= 4.3) - restriction: || (&& (== net471) (< net46)) (== netcoreapp2.1)
      System.IO.FileSystem.Primitives (>= 4.3)
      System.Runtime (>= 4.3) - restriction: || (&& (== net471) (< net46)) (== netcoreapp2.1)
      System.Runtime.Handles (>= 4.3) - restriction: || (&& (== net471) (< net46)) (== netcoreapp2.1)
      System.Text.Encoding (>= 4.3) - restriction: || (&& (== net471) (< net46)) (== netcoreapp2.1)
      System.Threading.Tasks (>= 4.3) - restriction: || (&& (== net471) (< net46)) (== netcoreapp2.1)
    System.IO.FileSystem.Primitives (4.3) - restriction: || (&& (== net471) (< net35)) (== netcoreapp2.1)
      System.Runtime (>= 4.3) - restriction: || (&& (== net471) (< net46)) (== netcoreapp2.1)
    System.IO.FileSystem.Watcher (4.3)
      Microsoft.NETCore.Platforms (>= 1.1) - restriction: || (&& (== net471) (< net46)) (== netcoreapp2.1)
      Microsoft.Win32.Primitives (>= 4.3) - restriction: || (&& (== net471) (< net46)) (== netcoreapp2.1)
      runtime.native.System (>= 4.3) - restriction: || (&& (== net471) (< net46)) (== netcoreapp2.1)
      System.Collections (>= 4.3) - restriction: || (&& (== net471) (< net46)) (== netcoreapp2.1)
      System.IO.FileSystem (>= 4.3) - restriction: || (&& (== net471) (< net46)) (== netcoreapp2.1)
      System.IO.FileSystem.Primitives (>= 4.3) - restriction: || (&& (== net471) (< net46)) (== netcoreapp2.1)
      System.Resources.ResourceManager (>= 4.3) - restriction: || (&& (== net471) (< net46)) (== netcoreapp2.1)
      System.Runtime (>= 4.3) - restriction: || (&& (== net471) (< net46)) (== netcoreapp2.1)
      System.Runtime.Extensions (>= 4.3) - restriction: || (&& (== net471) (< net46)) (== netcoreapp2.1)
      System.Runtime.Handles (>= 4.3) - restriction: || (&& (== net471) (< net46)) (== netcoreapp2.1)
      System.Runtime.InteropServices (>= 4.3) - restriction: || (&& (== net471) (< net46)) (== netcoreapp2.1)
      System.Text.Encoding (>= 4.3) - restriction: || (&& (== net471) (< net46)) (== netcoreapp2.1)
      System.Threading (>= 4.3) - restriction: || (&& (== net471) (< net46)) (== netcoreapp2.1)
      System.Threading.Overlapped (>= 4.3) - restriction: || (&& (== net471) (< net46)) (== netcoreapp2.1)
      System.Threading.Tasks (>= 4.3) - restriction: || (&& (== net471) (< net46)) (== netcoreapp2.1)
      System.Threading.Thread (>= 4.3) - restriction: || (&& (== net471) (< net46)) (== netcoreapp2.1)
    System.Linq (4.3) - restriction: || (&& (== net471) (< net45)) (&& (== net471) (< portable-net45+win8+wp8+wpa81)) (== netcoreapp2.1)
      System.Collections (>= 4.3) - restriction: || (&& (== net471) (< net45)) (&& (== net471) (< portable-net45+win8+wp8+wpa81)) (== netcoreapp2.1)
      System.Diagnostics.Debug (>= 4.3) - restriction: || (&& (== net471) (< net45)) (&& (== net471) (< portable-net45+win8+wp8+wpa81)) (== netcoreapp2.1)
      System.Resources.ResourceManager (>= 4.3) - restriction: || (&& (== net471) (< net45)) (&& (== net471) (< portable-net45+win8+wp8+wpa81)) (== netcoreapp2.1)
      System.Runtime (>= 4.3) - restriction: || (&& (== net471) (< net45)) (&& (== net471) (< portable-net45+win8+wp8+wpa81)) (== netcoreapp2.1)
      System.Runtime.Extensions (>= 4.3) - restriction: || (&& (== net471) (< net45)) (&& (== net471) (< portable-net45+win8+wp8+wpa81)) (== netcoreapp2.1)
    System.Management (4.5)
      Microsoft.NETCore.Platforms (>= 2.0) - restriction: || (&& (== net471) (>= netcoreapp2.0)) (== netcoreapp2.1)
      Microsoft.Win32.Registry (>= 4.5) - restriction: || (&& (== net471) (>= netcoreapp2.0)) (== netcoreapp2.1)
      System.CodeDom (>= 4.5) - restriction: || (&& (== net471) (< net45)) (&& (== net471) (>= netcoreapp2.0)) (== netcoreapp2.1)
    System.Memory (4.5.3)
      System.Buffers (>= 4.4) - restriction: || (== net471) (&& (== netcoreapp2.1) (>= monotouch)) (&& (== netcoreapp2.1) (>= net461)) (&& (== netcoreapp2.1) (< netcoreapp2.0)) (&& (== netcoreapp2.1) (< netstandard1.1)) (&& (== netcoreapp2.1) (< netstandard2.0)) (&& (== netcoreapp2.1) (>= xamarinios)) (&& (== netcoreapp2.1) (>= xamarinmac)) (&& (== netcoreapp2.1) (>= xamarintvos)) (&& (== netcoreapp2.1) (>= xamarinwatchos))
      System.Numerics.Vectors (>= 4.4) - restriction: || (== net471) (&& (== netcoreapp2.1) (>= net461)) (&& (== netcoreapp2.1) (< netcoreapp2.0))
      System.Runtime.CompilerServices.Unsafe (>= 4.5.2) - restriction: || (== net471) (&& (== netcoreapp2.1) (>= monotouch)) (&& (== netcoreapp2.1) (>= net461)) (&& (== netcoreapp2.1) (< netcoreapp2.0)) (&& (== netcoreapp2.1) (< netstandard1.1)) (&& (== netcoreapp2.1) (< netstandard2.0)) (&& (== netcoreapp2.1) (>= uap10.1)) (&& (== netcoreapp2.1) (>= xamarinios)) (&& (== netcoreapp2.1) (>= xamarinmac)) (&& (== netcoreapp2.1) (>= xamarintvos)) (&& (== netcoreapp2.1) (>= xamarinwatchos))
    System.Numerics.Vectors (4.5) - restriction: || (== net471) (&& (== netcoreapp2.1) (>= net461)) (&& (== netcoreapp2.1) (< netcoreapp2.0))
    System.Reflection (4.3) - restriction: || (&& (== net471) (< net35)) (== netcoreapp2.1)
      Microsoft.NETCore.Platforms (>= 1.1) - restriction: || (&& (== net471) (< net45)) (&& (== net471) (< portable-net45+win8+wp8+wpa81)) (== netcoreapp2.1)
      Microsoft.NETCore.Targets (>= 1.1) - restriction: || (&& (== net471) (< net45)) (&& (== net471) (< portable-net45+win8+wp8+wpa81)) (== netcoreapp2.1)
      System.IO (>= 4.3) - restriction: || (&& (== net471) (< net45)) (&& (== net471) (< portable-net45+win8+wp8+wpa81)) (== netcoreapp2.1)
      System.Reflection.Primitives (>= 4.3) - restriction: || (&& (== net471) (< net45)) (&& (== net471) (< portable-net45+win8+wp8+wpa81)) (== netcoreapp2.1)
      System.Runtime (>= 4.3) - restriction: || (&& (== net471) (< net45)) (&& (== net471) (< portable-net45+win8+wp8+wpa81)) (== netcoreapp2.1)
    System.Reflection.Emit (4.3)
      System.IO (>= 4.3) - restriction: || (&& (== net471) (< net45)) (== netcoreapp2.1)
      System.Reflection (>= 4.3) - restriction: || (&& (== net471) (< net45)) (== netcoreapp2.1)
      System.Reflection.Emit.ILGeneration (>= 4.3) - restriction: || (&& (== net471) (< net45)) (== netcoreapp2.1)
      System.Reflection.Primitives (>= 4.3) - restriction: || (&& (== net471) (< net45)) (== netcoreapp2.1)
      System.Runtime (>= 4.3) - restriction: || (&& (== net471) (< net45)) (== netcoreapp2.1)
    System.Reflection.Emit.ILGeneration (4.3) - restriction: || (&& (== net471) (< net45)) (== netcoreapp2.1)
      System.Reflection (>= 4.3) - restriction: || (&& (== net471) (< net45)) (== netcoreapp2.1)
      System.Reflection.Primitives (>= 4.3) - restriction: || (&& (== net471) (< net45)) (== netcoreapp2.1)
      System.Runtime (>= 4.3) - restriction: || (&& (== net471) (< net45)) (== netcoreapp2.1)
    System.Reflection.Emit.Lightweight (4.3)
      System.Reflection (>= 4.3) - restriction: || (&& (== net471) (< net45)) (== netcoreapp2.1)
      System.Reflection.Emit.ILGeneration (>= 4.3) - restriction: || (&& (== net471) (< net45)) (== netcoreapp2.1)
      System.Reflection.Primitives (>= 4.3) - restriction: || (&& (== net471) (< net45)) (== netcoreapp2.1)
      System.Runtime (>= 4.3) - restriction: || (&& (== net471) (< net45)) (== netcoreapp2.1)
    System.Reflection.Extensions (4.3) - restriction: || (&& (== net471) (< net45)) (&& (== net471) (< netstandard1.1)) (== netcoreapp2.1)
      Microsoft.NETCore.Platforms (>= 1.1) - restriction: || (&& (== net471) (< net45)) (&& (== net471) (< portable-net45+win8+wp8+wpa81)) (== netcoreapp2.1)
      Microsoft.NETCore.Targets (>= 1.1) - restriction: || (&& (== net471) (< net45)) (&& (== net471) (< portable-net45+win8+wp8+wpa81)) (== netcoreapp2.1)
      System.Reflection (>= 4.3) - restriction: || (&& (== net471) (< net45)) (&& (== net471) (< portable-net45+win8+wp8+wpa81)) (== netcoreapp2.1)
      System.Runtime (>= 4.3) - restriction: || (&& (== net471) (< net45)) (&& (== net471) (< portable-net45+win8+wp8+wpa81)) (== netcoreapp2.1)
    System.Reflection.Metadata (1.6)
      System.Collections.Immutable (>= 1.5) - restriction: || (== net471) (&& (== netcoreapp2.1) (>= net45)) (&& (== netcoreapp2.1) (< netstandard1.1)) (&& (== netcoreapp2.1) (< netstandard2.0))
    System.Reflection.Primitives (4.3) - restriction: || (&& (== net471) (< net35)) (== netcoreapp2.1)
      Microsoft.NETCore.Platforms (>= 1.1) - restriction: || (&& (== net471) (< net45)) (&& (== net471) (< portable-net45+win8+wp8+wpa81)) (== netcoreapp2.1)
      Microsoft.NETCore.Targets (>= 1.1) - restriction: || (&& (== net471) (< net45)) (&& (== net471) (< portable-net45+win8+wp8+wpa81)) (== netcoreapp2.1)
      System.Runtime (>= 4.3) - restriction: || (&& (== net471) (< net45)) (&& (== net471) (< portable-net45+win8+wp8+wpa81)) (== netcoreapp2.1)
    System.Reflection.TypeExtensions (4.5.1) - restriction: || (&& (== net471) (< net45)) (== netcoreapp2.1)
    System.Resources.ResourceManager (4.3) - restriction: || (&& (== net471) (< net45)) (&& (== net471) (< portable-net45+win8+wpa81)) (== netcoreapp2.1)
      Microsoft.NETCore.Platforms (>= 1.1) - restriction: || (&& (== net471) (< net45)) (&& (== net471) (< portable-net45+win8+wp8+wpa81)) (== netcoreapp2.1)
      Microsoft.NETCore.Targets (>= 1.1) - restriction: || (&& (== net471) (< net45)) (&& (== net471) (< portable-net45+win8+wp8+wpa81)) (== netcoreapp2.1)
      System.Globalization (>= 4.3) - restriction: || (&& (== net471) (< net45)) (&& (== net471) (< portable-net45+win8+wp8+wpa81)) (== netcoreapp2.1)
      System.Reflection (>= 4.3) - restriction: || (&& (== net471) (< net45)) (&& (== net471) (< portable-net45+win8+wp8+wpa81)) (== netcoreapp2.1)
      System.Runtime (>= 4.3) - restriction: || (&& (== net471) (< net45)) (&& (== net471) (< portable-net45+win8+wp8+wpa81)) (== netcoreapp2.1)
    System.Runtime (4.3.1) - restriction: || (&& (== net471) (< net35)) (== netcoreapp2.1)
      Microsoft.NETCore.Platforms (>= 1.1.1) - restriction: || (&& (== net471) (< net45)) (&& (== net471) (< portable-net45+win8+wp8+wpa81)) (== netcoreapp2.1)
      Microsoft.NETCore.Targets (>= 1.1.3) - restriction: || (&& (== net471) (< net45)) (&& (== net471) (< portable-net45+win8+wp8+wpa81)) (== netcoreapp2.1)
    System.Runtime.CompilerServices.Unsafe (4.5.2)
    System.Runtime.Extensions (4.3.1) - restriction: || (&& (== net471) (< net35)) (== netcoreapp2.1)
      Microsoft.NETCore.Platforms (>= 1.1.1) - restriction: || (&& (== net471) (< net45)) (&& (== net471) (< portable-net45+win8+wp8+wpa81)) (== netcoreapp2.1)
      Microsoft.NETCore.Targets (>= 1.1.3) - restriction: || (&& (== net471) (< net45)) (&& (== net471) (< portable-net45+win8+wp8+wpa81)) (== netcoreapp2.1)
      System.Runtime (>= 4.3.1) - restriction: || (&& (== net471) (< net45)) (&& (== net471) (< portable-net45+win8+wp8+wpa81)) (== netcoreapp2.1)
    System.Runtime.Handles (4.3) - restriction: || (&& (== net471) (< net45)) (&& (== net471) (< portable-net45+win8+wpa81)) (== netcoreapp2.1)
      Microsoft.NETCore.Platforms (>= 1.1) - restriction: || (&& (== net471) (< net46)) (== netcoreapp2.1)
      Microsoft.NETCore.Targets (>= 1.1) - restriction: || (&& (== net471) (< net46)) (== netcoreapp2.1)
      System.Runtime (>= 4.3) - restriction: || (&& (== net471) (< net46)) (== netcoreapp2.1)
    System.Runtime.InteropServices (4.3) - restriction: || (&& (== net471) (< net45)) (&& (== net471) (< portable-net45+win8+wpa81)) (== netcoreapp2.1)
      Microsoft.NETCore.Platforms (>= 1.1) - restriction: || (&& (== net471) (< net45)) (&& (== net471) (>= netcoreapp1.1)) (&& (== net471) (< portable-net45+win8+wpa81)) (== netcoreapp2.1)
      Microsoft.NETCore.Targets (>= 1.1) - restriction: || (&& (== net471) (< net45)) (&& (== net471) (>= netcoreapp1.1)) (&& (== net471) (< portable-net45+win8+wpa81)) (== netcoreapp2.1)
      System.Reflection (>= 4.3) - restriction: || (&& (== net471) (< net45)) (&& (== net471) (>= netcoreapp1.1)) (&& (== net471) (< portable-net45+win8+wpa81)) (== netcoreapp2.1)
      System.Reflection.Primitives (>= 4.3) - restriction: || (&& (== net471) (< net45)) (&& (== net471) (>= netcoreapp1.1)) (&& (== net471) (< portable-net45+win8+wpa81)) (== netcoreapp2.1)
      System.Runtime (>= 4.3)
      System.Runtime.Handles (>= 4.3) - restriction: || (&& (== net471) (< net45)) (&& (== net471) (>= netcoreapp1.1)) (&& (== net471) (< portable-net45+win8+wpa81)) (== netcoreapp2.1)
    System.Runtime.InteropServices.RuntimeInformation (4.3)
      runtime.native.System (>= 4.3) - restriction: || (&& (== net471) (< net45)) (== netcoreapp2.1)
      System.Reflection (>= 4.3) - restriction: || (&& (== net471) (< net45)) (&& (== net471) (< netstandard1.1)) (== netcoreapp2.1)
      System.Reflection.Extensions (>= 4.3) - restriction: || (&& (== net471) (< net45)) (&& (== net471) (< netstandard1.1)) (== netcoreapp2.1)
      System.Resources.ResourceManager (>= 4.3) - restriction: || (&& (== net471) (< net45)) (&& (== net471) (< netstandard1.1)) (== netcoreapp2.1)
      System.Runtime (>= 4.3) - restriction: || (&& (== net471) (< net45)) (&& (== net471) (< netstandard1.1)) (== netcoreapp2.1)
      System.Runtime.InteropServices (>= 4.3) - restriction: || (&& (== net471) (< net45)) (== netcoreapp2.1)
      System.Threading (>= 4.3) - restriction: || (&& (== net471) (< net45)) (&& (== net471) (< netstandard1.1)) (== netcoreapp2.1)
    System.Runtime.Loader (4.3) - restriction: || (&& (== net471) (< net45)) (== netcoreapp2.1)
      System.IO (>= 4.3) - restriction: || (&& (== net471) (< net462)) (== netcoreapp2.1)
      System.Reflection (>= 4.3) - restriction: || (&& (== net471) (< net462)) (== netcoreapp2.1)
      System.Runtime (>= 4.3) - restriction: || (&& (== net471) (< net462)) (== netcoreapp2.1)
    System.Runtime.Numerics (4.3) - restriction: || (&& (== net471) (< net35)) (== netcoreapp2.1)
      System.Globalization (>= 4.3) - restriction: || (&& (== net471) (< net45)) (&& (== net471) (< portable-net45+win8+wpa81)) (== netcoreapp2.1)
      System.Resources.ResourceManager (>= 4.3) - restriction: || (&& (== net471) (< net45)) (&& (== net471) (< portable-net45+win8+wpa81)) (== netcoreapp2.1)
      System.Runtime (>= 4.3) - restriction: || (&& (== net471) (< net45)) (&& (== net471) (< portable-net45+win8+wpa81)) (== netcoreapp2.1)
      System.Runtime.Extensions (>= 4.3) - restriction: || (&& (== net471) (< net45)) (&& (== net471) (< portable-net45+win8+wpa81)) (== netcoreapp2.1)
    System.Security.AccessControl (4.5)
      Microsoft.NETCore.Platforms (>= 2.0) - restriction: || (&& (== net471) (>= netcoreapp2.0)) (== netcoreapp2.1)
      System.Security.Principal.Windows (>= 4.5)
    System.Security.Cryptography.Algorithms (4.3.1) - restriction: || (&& (== net471) (< net35)) (== netcoreapp2.1)
      Microsoft.NETCore.Platforms (>= 1.1) - restriction: || (&& (== net471) (< net46)) (&& (== net471) (< netstandard1.3)) (== netcoreapp2.1)
      runtime.native.System.Security.Cryptography.Apple (>= 4.3.1) - restriction: || (&& (== net471) (< net46)) (== netcoreapp2.1)
      runtime.native.System.Security.Cryptography.OpenSsl (>= 4.3.2) - restriction: || (&& (== net471) (< net46)) (== netcoreapp2.1)
      System.Collections (>= 4.3) - restriction: || (&& (== net471) (< net46)) (== netcoreapp2.1)
      System.IO (>= 4.3)
      System.Resources.ResourceManager (>= 4.3) - restriction: || (&& (== net471) (< net46)) (&& (== net471) (< netstandard1.3)) (== netcoreapp2.1)
      System.Runtime (>= 4.3)
      System.Runtime.Extensions (>= 4.3) - restriction: || (&& (== net471) (< net46)) (&& (== net471) (< netstandard1.3)) (== netcoreapp2.1)
      System.Runtime.Handles (>= 4.3) - restriction: || (&& (== net471) (< net46)) (&& (== net471) (< netstandard1.3)) (== netcoreapp2.1)
      System.Runtime.InteropServices (>= 4.3) - restriction: || (&& (== net471) (< net46)) (&& (== net471) (< netstandard1.3)) (== netcoreapp2.1)
      System.Runtime.Numerics (>= 4.3) - restriction: || (&& (== net471) (< net46)) (== netcoreapp2.1)
      System.Security.Cryptography.Encoding (>= 4.3)
      System.Security.Cryptography.Primitives (>= 4.3)
      System.Text.Encoding (>= 4.3) - restriction: || (&& (== net471) (< net46)) (&& (== net471) (< netstandard1.3)) (== netcoreapp2.1)
    System.Security.Cryptography.Csp (4.3) - restriction: || (&& (== net471) (< net35)) (== netcoreapp2.1)
      Microsoft.NETCore.Platforms (>= 1.1) - restriction: || (&& (== net471) (< net46)) (== netcoreapp2.1)
      System.IO (>= 4.3) - restriction: || (&& (== net471) (< net46)) (== netcoreapp2.1)
      System.Reflection (>= 4.3) - restriction: || (&& (== net471) (< net46)) (== netcoreapp2.1)
      System.Resources.ResourceManager (>= 4.3) - restriction: || (&& (== net471) (< net46)) (== netcoreapp2.1)
      System.Runtime (>= 4.3) - restriction: || (&& (== net471) (< net46)) (== netcoreapp2.1)
      System.Runtime.Extensions (>= 4.3) - restriction: || (&& (== net471) (< net46)) (== netcoreapp2.1)
      System.Runtime.Handles (>= 4.3) - restriction: || (&& (== net471) (< net46)) (== netcoreapp2.1)
      System.Runtime.InteropServices (>= 4.3) - restriction: || (&& (== net471) (< net46)) (== netcoreapp2.1)
      System.Security.Cryptography.Algorithms (>= 4.3)
      System.Security.Cryptography.Encoding (>= 4.3) - restriction: || (&& (== net471) (< net46)) (== netcoreapp2.1)
      System.Security.Cryptography.Primitives (>= 4.3)
      System.Text.Encoding (>= 4.3) - restriction: || (&& (== net471) (< net46)) (== netcoreapp2.1)
      System.Threading (>= 4.3) - restriction: || (&& (== net471) (< net46)) (== netcoreapp2.1)
    System.Security.Cryptography.Encoding (4.3) - restriction: || (&& (== net471) (< net35)) (== netcoreapp2.1)
      Microsoft.NETCore.Platforms (>= 1.1) - restriction: || (&& (== net471) (< net46)) (== netcoreapp2.1)
      runtime.native.System.Security.Cryptography.OpenSsl (>= 4.3) - restriction: || (&& (== net471) (< net46)) (== netcoreapp2.1)
      System.Collections (>= 4.3) - restriction: || (&& (== net471) (< net46)) (== netcoreapp2.1)
      System.Collections.Concurrent (>= 4.3) - restriction: || (&& (== net471) (< net46)) (== netcoreapp2.1)
      System.Linq (>= 4.3) - restriction: || (&& (== net471) (< net46)) (== netcoreapp2.1)
      System.Resources.ResourceManager (>= 4.3) - restriction: || (&& (== net471) (< net46)) (== netcoreapp2.1)
      System.Runtime (>= 4.3) - restriction: || (&& (== net471) (< net46)) (== netcoreapp2.1)
      System.Runtime.Extensions (>= 4.3) - restriction: || (&& (== net471) (< net46)) (== netcoreapp2.1)
      System.Runtime.Handles (>= 4.3) - restriction: || (&& (== net471) (< net46)) (== netcoreapp2.1)
      System.Runtime.InteropServices (>= 4.3) - restriction: || (&& (== net471) (< net46)) (== netcoreapp2.1)
      System.Security.Cryptography.Primitives (>= 4.3) - restriction: || (&& (== net471) (< net46)) (== netcoreapp2.1)
      System.Text.Encoding (>= 4.3) - restriction: || (&& (== net471) (< net46)) (== netcoreapp2.1)
    System.Security.Cryptography.Primitives (4.3) - restriction: || (&& (== net471) (< net35)) (== netcoreapp2.1)
      System.Diagnostics.Debug (>= 4.3) - restriction: || (&& (== net471) (< net46)) (== netcoreapp2.1)
      System.Globalization (>= 4.3) - restriction: || (&& (== net471) (< net46)) (== netcoreapp2.1)
      System.IO (>= 4.3) - restriction: || (&& (== net471) (< net46)) (== netcoreapp2.1)
      System.Resources.ResourceManager (>= 4.3) - restriction: || (&& (== net471) (< net46)) (== netcoreapp2.1)
      System.Runtime (>= 4.3) - restriction: || (&& (== net471) (< net46)) (== netcoreapp2.1)
      System.Threading (>= 4.3) - restriction: || (&& (== net471) (< net46)) (== netcoreapp2.1)
      System.Threading.Tasks (>= 4.3) - restriction: || (&& (== net471) (< net46)) (== netcoreapp2.1)
    System.Security.Cryptography.ProtectedData (4.5) - restriction: || (&& (== net471) (< net45)) (== netcoreapp2.1)
    System.Security.Permissions (4.5) - restriction: || (&& (== net471) (< net40)) (== netcoreapp2.1)
      System.Security.AccessControl (>= 4.5)
    System.Security.Principal.Windows (4.5.1)
      Microsoft.NETCore.Platforms (>= 2.0) - restriction: || (&& (== net471) (>= netcoreapp2.0)) (== netcoreapp2.1)
    System.Text.Encoding (4.3) - restriction: || (&& (== net471) (< net40)) (== netcoreapp2.1)
      Microsoft.NETCore.Platforms (>= 1.1) - restriction: || (&& (== net471) (< net45)) (&& (== net471) (< portable-net45+win8+wp8+wpa81)) (== netcoreapp2.1)
      Microsoft.NETCore.Targets (>= 1.1) - restriction: || (&& (== net471) (< net45)) (&& (== net471) (< portable-net45+win8+wp8+wpa81)) (== netcoreapp2.1)
      System.Runtime (>= 4.3) - restriction: || (&& (== net471) (< net45)) (&& (== net471) (< portable-net45+win8+wp8+wpa81)) (== netcoreapp2.1)
    System.Text.Encoding.CodePages (4.5.1)
      Microsoft.NETCore.Platforms (>= 2.1.2) - restriction: || (&& (== net471) (>= netcoreapp2.0)) (== netcoreapp2.1)
      System.Runtime.CompilerServices.Unsafe (>= 4.5.2)
    System.Text.Encoding.Extensions (4.3) - restriction: || (&& (== net471) (< net40)) (== netcoreapp2.1)
      Microsoft.NETCore.Platforms (>= 1.1) - restriction: || (&& (== net471) (< net45)) (&& (== net471) (< portable-net45+win8+wp8+wpa81)) (== netcoreapp2.1)
      Microsoft.NETCore.Targets (>= 1.1) - restriction: || (&& (== net471) (< net45)) (&& (== net471) (< portable-net45+win8+wp8+wpa81)) (== netcoreapp2.1)
      System.Runtime (>= 4.3) - restriction: || (&& (== net471) (< net45)) (&& (== net471) (< portable-net45+win8+wp8+wpa81)) (== netcoreapp2.1)
      System.Text.Encoding (>= 4.3) - restriction: || (&& (== net471) (< net45)) (&& (== net471) (< portable-net45+win8+wp8+wpa81)) (== netcoreapp2.1)
    System.Text.RegularExpressions (4.3.1) - restriction: || (&& (== net471) (< net45)) (&& (== net471) (< portable-net45+win8+wp8+wpa81)) (== netcoreapp2.1)
      System.Runtime (>= 4.3.1) - restriction: || (&& (== net471) (< net45)) (&& (== net471) (>= netcoreapp1.1)) (&& (== net471) (< portable-net45+win8+wp8+wpa81)) (== netcoreapp2.1)
    System.Threading (4.3) - restriction: || (&& (== net471) (< net35)) (== netcoreapp2.1)
      System.Runtime (>= 4.3) - restriction: || (&& (== net471) (< net45)) (&& (== net471) (< portable-net45+win8+wp8+wpa81)) (== netcoreapp2.1)
      System.Threading.Tasks (>= 4.3) - restriction: || (&& (== net471) (< net45)) (&& (== net471) (< portable-net45+win8+wp8+wpa81)) (== netcoreapp2.1)
    System.Threading.Overlapped (4.3) - restriction: || (&& (== net471) (< net46)) (== netcoreapp2.1)
      Microsoft.NETCore.Platforms (>= 1.1) - restriction: || (&& (== net471) (< net46)) (&& (== net471) (< netstandard1.3)) (== netcoreapp2.1)
      System.Resources.ResourceManager (>= 4.3) - restriction: || (&& (== net471) (< net46)) (&& (== net471) (< netstandard1.3)) (== netcoreapp2.1)
      System.Runtime (>= 4.3) - restriction: || (&& (== net471) (< net46)) (&& (== net471) (< netstandard1.3)) (== netcoreapp2.1)
      System.Runtime.Handles (>= 4.3) - restriction: || (&& (== net471) (< net46)) (&& (== net471) (< netstandard1.3)) (== netcoreapp2.1)
    System.Threading.Tasks (4.3) - restriction: || (&& (== net471) (< net45)) (&& (== net471) (< portable-net45+win8+wpa81)) (== netcoreapp2.1)
      Microsoft.NETCore.Platforms (>= 1.1) - restriction: || (&& (== net471) (< net45)) (&& (== net471) (< portable-net45+win8+wp8+wpa81)) (== netcoreapp2.1)
      Microsoft.NETCore.Targets (>= 1.1) - restriction: || (&& (== net471) (< net45)) (&& (== net471) (< portable-net45+win8+wp8+wpa81)) (== netcoreapp2.1)
      System.Runtime (>= 4.3) - restriction: || (&& (== net471) (< net45)) (&& (== net471) (< portable-net45+win8+wp8+wpa81)) (== netcoreapp2.1)
    System.Threading.Tasks.Extensions (4.5.3)
      System.Runtime.CompilerServices.Unsafe (>= 4.5.2) - restriction: || (== net471) (&& (== netcoreapp2.1) (>= net45)) (&& (== netcoreapp2.1) (< netstandard1.0)) (&& (== netcoreapp2.1) (< netstandard2.0)) (&& (== netcoreapp2.1) (>= wp8))
    System.Threading.Thread (4.3) - restriction: || (&& (== net471) (< net46)) (== netcoreapp2.1)
      System.Runtime (>= 4.3) - restriction: || (&& (== net471) (< net46)) (== netcoreapp2.1)
    System.Threading.ThreadPool (4.3) - restriction: || (&& (== net471) (< net45)) (== netcoreapp2.1)
      System.Runtime (>= 4.3) - restriction: || (&& (== net471) (< net46)) (== netcoreapp2.1)
      System.Runtime.Handles (>= 4.3) - restriction: || (&& (== net471) (< net46)) (== netcoreapp2.1)
    System.ValueTuple (4.5)
    System.Xml.ReaderWriter (4.3.1) - restriction: || (&& (== net471) (< net45)) (&& (== net471) (< portable-net45+win8+wp8+wpa81)) (== netcoreapp2.1)
      System.Collections (>= 4.3) - restriction: || (&& (== net471) (< net45)) (&& (== net471) (< portable-net45+win8+wp8+wpa81)) (== netcoreapp2.1)
      System.Diagnostics.Debug (>= 4.3) - restriction: || (&& (== net471) (< net45)) (&& (== net471) (< portable-net45+win8+wp8+wpa81)) (== netcoreapp2.1)
      System.Globalization (>= 4.3) - restriction: || (&& (== net471) (< net45)) (&& (== net471) (< portable-net45+win8+wp8+wpa81)) (== netcoreapp2.1)
      System.IO (>= 4.3) - restriction: || (&& (== net471) (< net45)) (&& (== net471) (< portable-net45+win8+wp8+wpa81)) (== netcoreapp2.1)
      System.IO.FileSystem (>= 4.3) - restriction: || (&& (== net471) (< net45)) (&& (== net471) (< portable-net45+win8+wp8+wpa81)) (== netcoreapp2.1)
      System.IO.FileSystem.Primitives (>= 4.3) - restriction: || (&& (== net471) (< net45)) (&& (== net471) (< portable-net45+win8+wp8+wpa81)) (== netcoreapp2.1)
      System.Resources.ResourceManager (>= 4.3) - restriction: || (&& (== net471) (< net45)) (&& (== net471) (< portable-net45+win8+wp8+wpa81)) (== netcoreapp2.1)
      System.Runtime (>= 4.3) - restriction: || (&& (== net471) (< net45)) (&& (== net471) (< portable-net45+win8+wp8+wpa81)) (== netcoreapp2.1)
      System.Runtime.Extensions (>= 4.3) - restriction: || (&& (== net471) (< net45)) (&& (== net471) (< portable-net45+win8+wp8+wpa81)) (== netcoreapp2.1)
      System.Runtime.InteropServices (>= 4.3) - restriction: || (&& (== net471) (< net45)) (&& (== net471) (< portable-net45+win8+wp8+wpa81)) (== netcoreapp2.1)
      System.Text.Encoding (>= 4.3) - restriction: || (&& (== net471) (< net45)) (&& (== net471) (< portable-net45+win8+wp8+wpa81)) (== netcoreapp2.1)
      System.Text.Encoding.Extensions (>= 4.3) - restriction: || (&& (== net471) (< net45)) (&& (== net471) (< portable-net45+win8+wp8+wpa81)) (== netcoreapp2.1)
      System.Text.RegularExpressions (>= 4.3) - restriction: || (&& (== net471) (< net45)) (&& (== net471) (< portable-net45+win8+wp8+wpa81)) (== netcoreapp2.1)
      System.Threading.Tasks (>= 4.3) - restriction: || (&& (== net471) (< net45)) (&& (== net471) (< portable-net45+win8+wp8+wpa81)) (== netcoreapp2.1)
      System.Threading.Tasks.Extensions (>= 4.3) - restriction: || (&& (== net471) (< net45)) (&& (== net471) (< portable-net45+win8+wp8+wpa81)) (== netcoreapp2.1)
    System.Xml.XmlDocument (4.3)
      System.Collections (>= 4.3) - restriction: || (&& (== net471) (< net46)) (== netcoreapp2.1)
      System.Diagnostics.Debug (>= 4.3) - restriction: || (&& (== net471) (< net46)) (== netcoreapp2.1)
      System.Globalization (>= 4.3) - restriction: || (&& (== net471) (< net46)) (== netcoreapp2.1)
      System.IO (>= 4.3) - restriction: || (&& (== net471) (< net46)) (== netcoreapp2.1)
      System.Resources.ResourceManager (>= 4.3) - restriction: || (&& (== net471) (< net46)) (== netcoreapp2.1)
      System.Runtime (>= 4.3) - restriction: || (&& (== net471) (< net46)) (== netcoreapp2.1)
      System.Runtime.Extensions (>= 4.3) - restriction: || (&& (== net471) (< net46)) (== netcoreapp2.1)
      System.Text.Encoding (>= 4.3) - restriction: || (&& (== net471) (< net46)) (== netcoreapp2.1)
      System.Threading (>= 4.3) - restriction: || (&& (== net471) (< net46)) (== netcoreapp2.1)
      System.Xml.ReaderWriter (>= 4.3) - restriction: || (&& (== net471) (< net46)) (== netcoreapp2.1)
    System.Xml.XmlSerializer (4.3)
      System.Collections (>= 4.3) - restriction: || (&& (== net471) (< net45)) (&& (== net471) (< portable-net45+win8+wp8+wpa81)) (== netcoreapp2.1)
      System.Globalization (>= 4.3) - restriction: || (&& (== net471) (< net45)) (&& (== net471) (< portable-net45+win8+wp8+wpa81)) (== netcoreapp2.1)
      System.IO (>= 4.3) - restriction: || (&& (== net471) (< net45)) (&& (== net471) (< portable-net45+win8+wp8+wpa81)) (== netcoreapp2.1)
      System.Linq (>= 4.3) - restriction: || (&& (== net471) (< net45)) (&& (== net471) (< portable-net45+win8+wp8+wpa81)) (== netcoreapp2.1)
      System.Reflection (>= 4.3) - restriction: || (&& (== net471) (< net45)) (&& (== net471) (< portable-net45+win8+wp8+wpa81)) (== netcoreapp2.1)
      System.Reflection.Emit (>= 4.3) - restriction: || (&& (== net471) (< net45)) (&& (== net471) (< portable-net45+win8+wp8+wpa81)) (== netcoreapp2.1)
      System.Reflection.Emit.ILGeneration (>= 4.3) - restriction: || (&& (== net471) (< net45)) (&& (== net471) (< portable-net45+win8+wp8+wpa81)) (== netcoreapp2.1)
      System.Reflection.Extensions (>= 4.3) - restriction: || (&& (== net471) (< net45)) (&& (== net471) (< portable-net45+win8+wp8+wpa81)) (== netcoreapp2.1)
      System.Reflection.Primitives (>= 4.3) - restriction: || (&& (== net471) (< net45)) (&& (== net471) (< portable-net45+win8+wp8+wpa81)) (== netcoreapp2.1)
      System.Reflection.TypeExtensions (>= 4.3) - restriction: || (&& (== net471) (< net45)) (&& (== net471) (< portable-net45+win8+wp8+wpa81)) (== netcoreapp2.1)
      System.Resources.ResourceManager (>= 4.3) - restriction: || (&& (== net471) (< net45)) (&& (== net471) (< portable-net45+win8+wp8+wpa81)) (== netcoreapp2.1)
      System.Runtime (>= 4.3) - restriction: || (&& (== net471) (< net45)) (&& (== net471) (< portable-net45+win8+wp8+wpa81)) (== netcoreapp2.1)
      System.Runtime.Extensions (>= 4.3) - restriction: || (&& (== net471) (< net45)) (&& (== net471) (< portable-net45+win8+wp8+wpa81)) (== netcoreapp2.1)
      System.Text.RegularExpressions (>= 4.3) - restriction: || (&& (== net471) (< net45)) (&& (== net471) (< portable-net45+win8+wp8+wpa81)) (== netcoreapp2.1)
      System.Threading (>= 4.3) - restriction: || (&& (== net471) (< net45)) (&& (== net471) (< portable-net45+win8+wp8+wpa81)) (== netcoreapp2.1)
      System.Xml.ReaderWriter (>= 4.3) - restriction: || (&& (== net471) (< net45)) (&& (== net471) (< portable-net45+win8+wp8+wpa81)) (== netcoreapp2.1)
      System.Xml.XmlDocument (>= 4.3) - restriction: || (&& (== net471) (< net45)) (&& (== net471) (< portable-net45+win8+wp8+wpa81)) (== netcoreapp2.1)
    System.Xml.XPath (4.3)
      System.Collections (>= 4.3) - restriction: || (&& (== net471) (< net46)) (== netcoreapp2.1)
      System.Diagnostics.Debug (>= 4.3) - restriction: || (&& (== net471) (< net46)) (== netcoreapp2.1)
      System.Globalization (>= 4.3) - restriction: || (&& (== net471) (< net46)) (== netcoreapp2.1)
      System.IO (>= 4.3) - restriction: || (&& (== net471) (< net46)) (== netcoreapp2.1)
      System.Resources.ResourceManager (>= 4.3) - restriction: || (&& (== net471) (< net46)) (== netcoreapp2.1)
      System.Runtime (>= 4.3) - restriction: || (&& (== net471) (< net46)) (== netcoreapp2.1)
      System.Runtime.Extensions (>= 4.3) - restriction: || (&& (== net471) (< net46)) (== netcoreapp2.1)
      System.Threading (>= 4.3) - restriction: || (&& (== net471) (< net46)) (== netcoreapp2.1)
      System.Xml.ReaderWriter (>= 4.3) - restriction: || (&& (== net471) (< net46)) (== netcoreapp2.1)
    System.Xml.XPath.XmlDocument (4.3)
      System.Collections (>= 4.3) - restriction: || (&& (== net471) (< net46)) (== netcoreapp2.1)
      System.Globalization (>= 4.3) - restriction: || (&& (== net471) (< net46)) (== netcoreapp2.1)
      System.IO (>= 4.3) - restriction: || (&& (== net471) (< net46)) (== netcoreapp2.1)
      System.Resources.ResourceManager (>= 4.3) - restriction: || (&& (== net471) (< net46)) (== netcoreapp2.1)
      System.Runtime (>= 4.3) - restriction: || (&& (== net471) (< net46)) (== netcoreapp2.1)
      System.Runtime.Extensions (>= 4.3) - restriction: || (&& (== net471) (< net46)) (== netcoreapp2.1)
      System.Threading (>= 4.3) - restriction: || (&& (== net471) (< net46)) (== netcoreapp2.1)
      System.Xml.ReaderWriter (>= 4.3) - restriction: || (&& (== net471) (< net46)) (== netcoreapp2.1)
      System.Xml.XmlDocument (>= 4.3)
      System.Xml.XPath (>= 4.3)
    Validation (2.4.22)
    YamlDotNet (6.1.2)
GITHUB
  remote: fsharp/FAKE
    modules/Octokit/Octokit.fsx (b1c3ea3f910c325f99f0ca47402eb3afd0081431)
      Octokit (>= 0.20)
  remote: enovales/SegaAFSTools
    src/SegaAFSTools/AFS.fs (745ab3beae6770558d8caa4f106a751924adfb1c)