FRAMEWORK: NET452
NUGET
  remote: https://www.nuget.org/api/v2
    CommandLineParser (2.0.275-beta)
    CsvHelper (2.15.0.1)
    FSharp.Core (4.0.0.1) - redirects: force
    LANGIDMappings (0.1.2)
      FSharp.Core
    PInvoke.AdvApi32 (0.3.152)
      PInvoke.Kernel32 (>= 0.3.152)
      PInvoke.Windows.Core (>= 0.3.152)
    PInvoke.BCrypt (0.3.152)
      PInvoke.Kernel32 (>= 0.3.152)
      PInvoke.Windows.Core (>= 0.3.152)
    PInvoke.Crypt32 (0.3.152)
      PInvoke.Windows.Core (>= 0.3.152)
    PInvoke.DbgHelp (0.3.152)
      PInvoke.Windows.Core (>= 0.3.152)
    PInvoke.DwmApi (0.3.152)
      PInvoke.Windows.Core (>= 0.3.152)
    PInvoke.Gdi32 (0.3.152)
      PInvoke.User32 (>= 0.3.152)
      PInvoke.Windows.Core (>= 0.3.152)
    PInvoke.Hid (0.3.152)
      PInvoke.Kernel32 (>= 0.3.152)
      PInvoke.Windows.Core (>= 0.3.152)
    PInvoke.ImageHlp (0.3.152)
      PInvoke.DbgHelp (>= 0.3.152)
      PInvoke.Windows.Core (>= 0.3.152)
    PInvoke.Kernel32 (0.3.152)
      PInvoke.Windows.Core (>= 0.3.152)
    PInvoke.Msi (0.3.152)
      PInvoke.Windows.Core (>= 0.3.152)
    PInvoke.NCrypt (0.3.152)
      PInvoke.BCrypt (>= 0.3.152)
      PInvoke.Windows.Core (>= 0.3.152)
    PInvoke.NetApi32 (0.3.152)
      PInvoke.Windows.Core (>= 0.3.152)
    PInvoke.NTDll (0.3.152)
      PInvoke.Kernel32 (>= 0.3.152)
      PInvoke.Windows.Core (>= 0.3.152)
    PInvoke.Psapi (0.3.152)
      PInvoke.Kernel32 (>= 0.3.152)
      PInvoke.Windows.Core (>= 0.3.152)
    PInvoke.SetupApi (0.3.152)
      PInvoke.Kernel32 (>= 0.3.152)
      PInvoke.Windows.Core (>= 0.3.152)
    PInvoke.SHCore (0.3.152)
      PInvoke.Windows.Core (>= 0.3.152)
      PInvoke.Windows.ShellScalingApi (>= 0.3.152)
    PInvoke.Shell32 (0.3.152)
      PInvoke.Kernel32 (>= 0.3.152)
      PInvoke.Windows.Core (>= 0.3.152)
    PInvoke.User32 (0.3.152)
      PInvoke.Kernel32 (>= 0.3.152)
      PInvoke.Windows.Core (>= 0.3.152)
      PInvoke.Windows.ShellScalingApi (>= 0.3.152)
    PInvoke.Userenv (0.3.152)
      PInvoke.Kernel32 (>= 0.3.152)
      PInvoke.Windows.Core (>= 0.3.152)
    PInvoke.UxTheme (0.3.152)
      PInvoke.User32 (>= 0.3.152)
      PInvoke.Windows.Core (>= 0.3.152)
    PInvoke.Win32 (0.3.152)
      PInvoke.AdvApi32 (>= 0.3.152)
      PInvoke.BCrypt (>= 0.3.152)
      PInvoke.Crypt32 (>= 0.3.152)
      PInvoke.DbgHelp (>= 0.3.152)
      PInvoke.DwmApi (>= 0.3.152)
      PInvoke.Gdi32 (>= 0.3.152)
      PInvoke.Hid (>= 0.3.152)
      PInvoke.ImageHlp (>= 0.3.152)
      PInvoke.Kernel32 (>= 0.3.152)
      PInvoke.Msi (>= 0.3.152)
      PInvoke.NCrypt (>= 0.3.152)
      PInvoke.NetApi32 (>= 0.3.152)
      PInvoke.NTDll (>= 0.3.152)
      PInvoke.Psapi (>= 0.3.152)
      PInvoke.SetupApi (>= 0.3.152)
      PInvoke.SHCore (>= 0.3.152)
      PInvoke.Shell32 (>= 0.3.152)
      PInvoke.User32 (>= 0.3.152)
      PInvoke.Userenv (>= 0.3.152)
      PInvoke.UxTheme (>= 0.3.152)
      PInvoke.Windows.Core (>= 0.3.152)
      PInvoke.Windows.ShellScalingApi (>= 0.3.152)
    PInvoke.Windows.Core (0.3.152)
    PInvoke.Windows.ShellScalingApi (0.3.152)
      PInvoke.Windows.Core (>= 0.3.152)
    sqlite (3.12.2)
      SQLite.UWP.Native (>= 3.12.2)
    SQLite.Native (3.12.2)
    SQLite.UWP.Native (3.12.2)
    YamlDotNet (3.9)
GITHUB
  remote: praeclarum/sqlite-net
    FULLPROJECT (724fb390d84ea56ffe36f09d43be432164e676f6)
  remote: icsharpcode/SharpZipLib
    FULLPROJECT (d9debfd72e53283a30bad3c3a6a4c3ccc0af63c3)
  remote: enovales/SegaAFSTools
    src/SegaAFSTools/AFS.fs (e42e32efc7db30b168530fdc1f0ffda0a6d9e256)
GROUP Build
NUGET
  remote: https://www.nuget.org/api/v2
    FAKE (4.29.2)
    FSharp.Compiler.Service (2.0.0.6)
    FSharp.Formatting (2.14.4)
      FSharp.Compiler.Service (2.0.0.6)
      FSharpVSPowerTools.Core (>= 2.3 < 2.4)
    FSharpVSPowerTools.Core (2.3)
      FSharp.Compiler.Service (>= 2.0.0.3)
    Microsoft.Bcl (1.1.10) - framework: net10, net11, net20, net30, net35, net40, net40-full
      Microsoft.Bcl.Build (>= 1.0.14)
    Microsoft.Bcl.Build (1.0.21) - import_targets: false, framework: net10, net11, net20, net30, net35, net40, net40-full
    Microsoft.Net.Http (2.2.29) - framework: net10, net11, net20, net30, net35, net40, net40-full
      Microsoft.Bcl (>= 1.1.10)
      Microsoft.Bcl.Build (>= 1.0.14)
    Octokit (0.20)
      Microsoft.Net.Http  - framework: net10, net11, net20, net30, net35, net40, net40-full
    SourceLink.Fake (1.1)
GITHUB
  remote: fsharp/FAKE
    modules/Octokit/Octokit.fsx (c56456abac6b744c3bb95b217687db19fd19b367)
      Octokit (>= 0.20)
GROUP Test
NUGET
  remote: https://www.nuget.org/api/v2
    NUnit (2.6.4)
    NUnit.Runners (2.6.4)
